STORAGE: NONE
NUGET
  remote: https://www.nuget.org/api/v2
    dotnet-fable (1.3.0-beta-001) - clitool: true
      Dotnet.ProjInfo (>= 0.7.4) - restriction: >= netcoreapp2.0
      Fable.Compiler (>= 1.3.0-beta-001) - restriction: >= netcoreapp2.0
      Fable.Core (>= 1.3.0-beta-001) - restriction: >= netcoreapp2.0
      FSharp.Core (>= 4.2.3) - restriction: >= netcoreapp2.0
      Microsoft.NETCore.App (>= 2.0) - restriction: >= netcoreapp2.0
    Dotnet.ProjInfo (0.7.4) - restriction: >= netcoreapp2.0
      FSharp.Core (>= 4.1.17) - restriction: >= netstandard1.6
      NETStandard.Library (>= 1.6.1) - restriction: >= netstandard1.6
    Fable.Compiler (1.3.0-beta-001)
      Fable.Core (>= 1.3.0-beta-001) - restriction: >= netstandard1.6
      FSharp.Core (>= 4.2.3) - restriction: >= netstandard1.6
      NETStandard.Library (>= 1.6.1) - restriction: >= netstandard1.6
      Newtonsoft.Json (>= 10.0.3) - restriction: >= netstandard1.6
      System.Collections.Immutable (>= 1.4) - restriction: >= netstandard1.6
      System.Reflection.Metadata (>= 1.5) - restriction: >= netstandard1.6
      System.Runtime.Loader (>= 4.3) - restriction: >= netstandard1.6
      System.ValueTuple (>= 4.4) - restriction: >= netstandard1.6
    Fable.Core (1.3.0-beta-001)
      FSharp.Core (>= 4.2.3) - restriction: >= netstandard1.6
      NETStandard.Library (>= 1.6.1) - restriction: >= netstandard1.6
      System.ValueTuple (>= 4.4) - restriction: >= netstandard1.6
    Fable.Elmish (0.9.2)
      Fable.Core (>= 1.1.3) - restriction: >= netstandard1.6
      Fable.PowerPack (>= 1.1) - restriction: >= netstandard1.6
      FSharp.Core (>= 4.2.1) - restriction: >= netstandard1.6
    Fable.Elmish.Browser (0.9)
      Fable.Core (>= 1.1.2) - restriction: >= netstandard1.6
      Fable.Elmish (>= 0.9.0-beta-008) - restriction: >= netstandard1.6
      Fable.Import.Browser (>= 0.1) - restriction: >= netstandard1.6
      FSharp.Core (>= 4.2.1) - restriction: >= netstandard1.6
    Fable.Elmish.Debugger (0.9)
      Fable.Core (>= 1.1.2) - restriction: >= netstandard1.6
      Fable.Elmish (>= 0.9) - restriction: >= netstandard1.6
      FSharp.Core (>= 4.2.1) - restriction: >= netstandard1.6
    Fable.Elmish.HMR (1.0)
      Fable.Core (>= 1.2.4) - restriction: >= netstandard1.6
      Fable.Elmish (>= 0.9.2) - restriction: >= netstandard1.6
      FSharp.Core (>= 4.2.3) - restriction: >= netstandard1.6
    Fable.Elmish.React (0.9)
      Fable.Core (>= 1.1.2) - restriction: >= netstandard1.6
      Fable.Elmish (>= 0.9) - restriction: >= netstandard1.6
      Fable.PowerPack (>= 1.1) - restriction: >= netstandard1.6
      Fable.React (>= 1.1) - restriction: >= netstandard1.6
      FSharp.Core (>= 4.2.1) - restriction: >= netstandard1.6
    Fable.Import.Browser (0.1) - restriction: >= netstandard1.6
      Fable.Core (>= 1.0.8) - restriction: >= netstandard1.6
      FSharp.Core (>= 4.2.1) - restriction: >= netstandard1.6
    Fable.PowerPack (1.3.0-beta-001)
      Fable.Core (>= 1.2.0-beta-003) - restriction: >= netstandard1.6
      Fable.Import.Browser (>= 0.1) - restriction: >= netstandard1.6
      FSharp.Core (>= 4.2.3) - restriction: >= netstandard1.6
    Fable.React (1.2.1)
      Fable.Core (>= 1.2.4) - restriction: >= netstandard1.6
      Fable.Import.Browser (>= 0.1) - restriction: >= netstandard1.6
      FSharp.Core (>= 4.2.3) - restriction: >= netstandard1.6
    FSharp.Core (4.2.3) - restriction: >= netstandard1.6
      System.Collections (>= 4.0.11) - restriction: >= netstandard1.6
      System.Console (>= 4.0) - restriction: >= netstandard1.6
      System.Diagnostics.Debug (>= 4.0.11) - restriction: >= netstandard1.6
      System.Diagnostics.Tools (>= 4.0.1) - restriction: >= netstandard1.6
      System.Globalization (>= 4.0.11) - restriction: >= netstandard1.6
      System.IO (>= 4.1) - restriction: >= netstandard1.6
      System.Linq (>= 4.1) - restriction: >= netstandard1.6
      System.Linq.Expressions (>= 4.1) - restriction: >= netstandard1.6
      System.Linq.Queryable (>= 4.0.1) - restriction: >= netstandard1.6
      System.Net.Requests (>= 4.0.11) - restriction: >= netstandard1.6
      System.Reflection (>= 4.1) - restriction: >= netstandard1.6
      System.Reflection.Extensions (>= 4.0.1) - restriction: >= netstandard1.6
      System.Resources.ResourceManager (>= 4.0.1) - restriction: >= netstandard1.6
      System.Runtime (>= 4.1) - restriction: >= netstandard1.6
      System.Runtime.Extensions (>= 4.1) - restriction: >= netstandard1.6
      System.Runtime.Numerics (>= 4.0.1) - restriction: >= netstandard1.6
      System.Text.RegularExpressions (>= 4.1) - restriction: >= netstandard1.6
      System.Threading (>= 4.0.11) - restriction: >= netstandard1.6
      System.Threading.Tasks (>= 4.0.11) - restriction: >= netstandard1.6
      System.Threading.Tasks.Parallel (>= 4.0.1) - restriction: >= netstandard1.6
      System.Threading.Thread (>= 4.0) - restriction: >= netstandard1.6
      System.Threading.ThreadPool (>= 4.0.10) - restriction: >= netstandard1.6
      System.Threading.Timer (>= 4.0.1) - restriction: >= netstandard1.6
    Microsoft.CSharp (4.4) - restriction: >= netstandard1.6
      NETStandard.Library (>= 1.6.1) - restriction: || (&& (< net45) (>= netstandard1.0) (< netstandard1.3) (< monoandroid) (< win8) (< wp8) (< wpa81)) (&& (< net45) (>= netstandard1.3) (< netstandard2.0) (< monotouch) (< xamarintvos) (< xamarinwatchos) (< xamarinios) (< xamarinmac) (< win8) (< wpa81)) (>= dnxcore50)
      System.Dynamic.Runtime (>= 4.3) - restriction: || (&& (< net45) (>= netstandard1.0) (< netstandard1.3) (< monoandroid) (< win8) (< wp8) (< wpa81)) (&& (< net45) (>= netstandard1.3) (< netstandard2.0) (< monotouch) (< xamarintvos) (< xamarinwatchos) (< xamarinios) (< xamarinmac) (< win8) (< wpa81)) (>= dnxcore50)
      System.Reflection.TypeExtensions (>= 4.3) - restriction: || (&& (< net45) (>= netstandard1.3) (< netstandard2.0) (< monotouch) (< xamarintvos) (< xamarinwatchos) (< xamarinios) (< xamarinmac) (< win8) (< wpa81)) (>= dnxcore50)
    Microsoft.NETCore.App (2.0) - restriction: >= netcoreapp2.0
      Microsoft.NETCore.DotNetHostPolicy (>= 2.0) - restriction: >= netcoreapp2.0
      Microsoft.NETCore.Platforms (>= 2.0) - restriction: >= netcoreapp2.0
      NETStandard.Library (>= 2.0) - restriction: >= netcoreapp2.0
    Microsoft.NETCore.DotNetAppHost (2.0) - restriction: >= netcoreapp2.0
    Microsoft.NETCore.DotNetHostPolicy (2.0) - restriction: >= netcoreapp2.0
      Microsoft.NETCore.DotNetHostResolver (>= 2.0)
    Microsoft.NETCore.DotNetHostResolver (2.0) - restriction: >= netcoreapp2.0
      Microsoft.NETCore.DotNetAppHost (>= 2.0)
    Microsoft.NETCore.Platforms (2.0) - restriction: || (&& (>= uap10.0) (>= netcoreapp1.1)) (&& (< netstandard1.3) (>= netcoreapp1.1)) (&& (< netstandard1.4) (>= netcoreapp1.1)) (&& (< netstandard1.5) (>= netcoreapp1.1)) (>= netstandard1.6) (&& (< netstandard2.0) (>= netcoreapp1.1)) (&& (>= netcoreapp1.1) (< portable-net451+win81+wpa81))
    Microsoft.NETCore.Targets (2.0) - restriction: || (&& (>= net46) (< netstandard1.1) (>= netstandard1.6)) (&& (>= net46) (< netstandard1.2) (>= netstandard1.6)) (&& (>= net46) (< netstandard1.3) (>= netstandard1.6)) (&& (>= net46) (< netstandard1.4) (>= netstandard1.6)) (&& (>= uap10.0) (>= netstandard1.6)) (&& (>= uap10.0) (>= netcoreapp1.1)) (&& (>= dnxcore50) (>= netstandard1.6)) (&& (< netstandard1.1) (>= netstandard1.6) (< monoandroid)) (&& (< netstandard1.2) (>= netstandard1.6) (< monoandroid)) (&& (< netstandard1.3) (>= netstandard1.6) (< monoandroid)) (&& (< netstandard1.3) (>= netcoreapp1.1)) (&& (< netstandard1.4) (>= netstandard1.6) (< monoandroid)) (&& (< netstandard1.4) (>= netcoreapp1.1)) (&& (< netstandard1.5) (>= netstandard1.6) (< monoandroid)) (&& (< netstandard1.5) (>= netcoreapp1.1)) (&& (>= netstandard1.6) (< monotouch) (< xamarintvos) (< xamarinwatchos) (< xamarinios) (< xamarinmac)) (&& (>= netstandard1.6) (< portable-net45+win8+wpa81)) (&& (>= netstandard1.6) (< portable-net451+win81+wpa81)) (&& (< netstandard2.0) (>= netcoreapp1.1)) (&& (>= netcoreapp1.1) (< portable-net451+win81+wpa81))
    Microsoft.Win32.Primitives (4.3) - restriction: || (&& (>= net46) (< netstandard1.4) (>= netstandard1.6)) (&& (>= uap10.0) (>= netstandard1.6)) (&& (< netstandard1.4) (>= netstandard1.6) (< monoandroid)) (&& (< netstandard1.5) (>= netstandard1.6) (< monoandroid)) (&& (>= netstandard1.6) (< netstandard2.0) (< monotouch) (< xamarintvos) (< xamarinwatchos) (< xamarinios) (< xamarinmac))
      Microsoft.NETCore.Platforms (>= 1.1) - restriction: && (< net46) (>= netstandard1.3) (< monotouch) (< xamarintvos) (< xamarinwatchos) (< xamarinios) (< xamarinmac)
      Microsoft.NETCore.Targets (>= 1.1) - restriction: && (< net46) (>= netstandard1.3) (< monotouch) (< xamarintvos) (< xamarinwatchos) (< xamarinios) (< xamarinmac)
      System.Runtime (>= 4.3) - restriction: && (< net46) (>= netstandard1.3) (< monotouch) (< xamarintvos) (< xamarinwatchos) (< xamarinios) (< xamarinmac)
    NETStandard.Library (2.0) - restriction: >= netstandard1.6
      Microsoft.NETCore.Platforms (>= 1.1) - restriction: || (&& (>= net45) (< portable-net451+win81+wpa81)) (&& (< net45) (>= netstandard1.1) (< portable-net451+win81+wpa81)) (&& (< net45) (>= netstandard1.2) (< netstandard1.3) (< monoandroid) (< wpa81)) (&& (< net45) (>= netstandard1.3) (< netstandard1.4) (< monoandroid) (< wpa81)) (&& (< net45) (>= netstandard1.4) (< netstandard1.5) (< monoandroid) (< wpa81)) (&& (< net45) (>= netstandard1.5) (< monoandroid)) (&& (>= net451) (< netstandard1.3)) (&& (>= net46) (< netstandard1.4)) (>= net461) (>= uap10.0) (&& (>= netstandard1.0) (< portable-net45+win8+wpa81)) (&& (< netstandard1.0) (>= monoandroid)) (&& (< netstandard1.0) (< monoandroid) (>= portable-net451+win81+wpa81)) (&& (< netstandard1.0) (>= portable-net45+win8+wpa81) (< portable-net451+win81+wpa81)) (&& (< netstandard1.0) (< portable-net45+win8+wpa81) (>= portable-net45+win8+wp8+wpa81)) (&& (< netstandard1.3) (>= wpa81)) (>= netstandard1.6)
      Microsoft.Win32.Primitives (>= 4.3) - restriction: || (&& (< net45) (>= netstandard1.3) (< netstandard1.4) (< monoandroid) (< wpa81)) (&& (< net45) (>= netstandard1.4) (< netstandard1.5) (< monoandroid) (< wpa81)) (&& (< net45) (>= netstandard1.5) (< netstandard1.6) (< monoandroid)) (&& (>= net46) (< netstandard1.4)) (&& (>= uap10.0) (< uap10.1)) (&& (>= netstandard1.6) (< netstandard2.0) (< monotouch) (< xamarintvos) (< xamarinwatchos) (< xamarinios) (< xamarinmac))
      System.AppContext (>= 4.3) - restriction: || (&& (< net45) (>= netstandard1.3) (< netstandard1.4) (< monoandroid) (< wpa81)) (&& (< net45) (>= netstandard1.4) (< netstandard1.5) (< monoandroid) (< wpa81)) (&& (< net45) (>= netstandard1.5) (< netstandard1.6) (< monoandroid)) (&& (>= net46) (< netstandard1.4)) (&& (>= uap10.0) (< uap10.1)) (&& (>= netstandard1.6) (< netstandard2.0) (< monotouch) (< xamarintvos) (< xamarinwatchos) (< xamarinios) (< xamarinmac))
      System.Collections (>= 4.3) - restriction: || (&& (< net45) (>= netstandard1.1) (< portable-net451+win81+wpa81)) (&& (< net45) (>= netstandard1.2) (< netstandard1.3) (< monoandroid) (< wpa81)) (&& (< net45) (>= netstandard1.3) (< netstandard1.4) (< monoandroid) (< wpa81)) (&& (< net45) (>= netstandard1.4) (< netstandard1.5) (< monoandroid) (< wpa81)) (&& (< net45) (>= netstandard1.5) (< netstandard1.6) (< monoandroid)) (&& (>= uap10.0) (< uap10.1)) (&& (>= netstandard1.0) (< portable-net45+win8+wpa81)) (&& (>= netstandard1.6) (< netstandard2.0) (< monotouch) (< xamarintvos) (< xamarinwatchos) (< xamarinios) (< xamarinmac))
      System.Collections.Concurrent (>= 4.3) - restriction: || (&& (< net45) (>= netstandard1.1) (< portable-net451+win81+wpa81)) (&& (< net45) (>= netstandard1.2) (< netstandard1.3) (< monoandroid) (< wpa81)) (&& (< net45) (>= netstandard1.3) (< netstandard1.4) (< monoandroid) (< wpa81)) (&& (< net45) (>= netstandard1.4) (< netstandard1.5) (< monoandroid) (< wpa81)) (&& (< net45) (>= netstandard1.5) (< netstandard1.6) (< monoandroid)) (&& (>= uap10.0) (< uap10.1)) (&& (>= netstandard1.6) (< netstandard2.0) (< monotouch) (< xamarintvos) (< xamarinwatchos) (< xamarinios) (< xamarinmac))
      System.Console (>= 4.3) - restriction: || (&& (< net45) (>= netstandard1.3) (< netstandard1.4) (< monoandroid) (< wpa81)) (&& (< net45) (>= netstandard1.4) (< netstandard1.5) (< monoandroid) (< wpa81)) (&& (< net45) (>= netstandard1.5) (< netstandard1.6) (< monoandroid)) (&& (>= net46) (< netstandard1.4)) (&& (>= uap10.0) (< uap10.1)) (&& (>= netstandard1.6) (< netstandard2.0) (< monotouch) (< xamarintvos) (< xamarinwatchos) (< xamarinios) (< xamarinmac))
      System.Diagnostics.Debug (>= 4.3) - restriction: || (&& (< net45) (>= netstandard1.1) (< portable-net451+win81+wpa81)) (&& (< net45) (>= netstandard1.2) (< netstandard1.3) (< monoandroid) (< wpa81)) (&& (< net45) (>= netstandard1.3) (< netstandard1.4) (< monoandroid) (< wpa81)) (&& (< net45) (>= netstandard1.4) (< netstandard1.5) (< monoandroid) (< wpa81)) (&& (< net45) (>= netstandard1.5) (< netstandard1.6) (< monoandroid)) (&& (>= uap10.0) (< uap10.1)) (&& (>= netstandard1.0) (< portable-net45+win8+wpa81)) (&& (>= netstandard1.6) (< netstandard2.0) (< monotouch) (< xamarintvos) (< xamarinwatchos) (< xamarinios) (< xamarinmac))
      System.Diagnostics.Tools (>= 4.3) - restriction: || (&& (< net45) (>= netstandard1.1) (< portable-net451+win81+wpa81)) (&& (< net45) (>= netstandard1.2) (< netstandard1.3) (< monoandroid) (< wpa81)) (&& (< net45) (>= netstandard1.3) (< netstandard1.4) (< monoandroid) (< wpa81)) (&& (< net45) (>= netstandard1.4) (< netstandard1.5) (< monoandroid) (< wpa81)) (&& (< net45) (>= netstandard1.5) (< netstandard1.6) (< monoandroid)) (&& (>= uap10.0) (< uap10.1)) (&& (>= netstandard1.0) (< portable-net45+win8+wpa81)) (&& (>= netstandard1.6) (< netstandard2.0) (< monotouch) (< xamarintvos) (< xamarinwatchos) (< xamarinios) (< xamarinmac))
      System.Diagnostics.Tracing (>= 4.3) - restriction: || (&& (< net45) (>= netstandard1.1) (< portable-net451+win81+wpa81)) (&& (< net45) (>= netstandard1.2) (< netstandard1.3) (< monoandroid) (< wpa81)) (&& (< net45) (>= netstandard1.3) (< netstandard1.4) (< monoandroid) (< wpa81)) (&& (< net45) (>= netstandard1.4) (< netstandard1.5) (< monoandroid) (< wpa81)) (&& (< net45) (>= netstandard1.5) (< netstandard1.6) (< monoandroid)) (&& (>= uap10.0) (< uap10.1)) (&& (>= netstandard1.6) (< netstandard2.0) (< monotouch) (< xamarintvos) (< xamarinwatchos) (< xamarinios) (< xamarinmac))
      System.Globalization (>= 4.3) - restriction: || (&& (< net45) (>= netstandard1.1) (< portable-net451+win81+wpa81)) (&& (< net45) (>= netstandard1.2) (< netstandard1.3) (< monoandroid) (< wpa81)) (&& (< net45) (>= netstandard1.3) (< netstandard1.4) (< monoandroid) (< wpa81)) (&& (< net45) (>= netstandard1.4) (< netstandard1.5) (< monoandroid) (< wpa81)) (&& (< net45) (>= netstandard1.5) (< netstandard1.6) (< monoandroid)) (&& (>= uap10.0) (< uap10.1)) (&& (>= netstandard1.0) (< portable-net45+win8+wpa81)) (&& (>= netstandard1.6) (< netstandard2.0) (< monotouch) (< xamarintvos) (< xamarinwatchos) (< xamarinios) (< xamarinmac))
      System.Globalization.Calendars (>= 4.3) - restriction: || (&& (< net45) (>= netstandard1.3) (< netstandard1.4) (< monoandroid) (< wpa81)) (&& (< net45) (>= netstandard1.4) (< netstandard1.5) (< monoandroid) (< wpa81)) (&& (< net45) (>= netstandard1.5) (< netstandard1.6) (< monoandroid)) (&& (>= net46) (< netstandard1.4)) (&& (>= uap10.0) (< uap10.1)) (&& (>= netstandard1.6) (< netstandard2.0) (< monotouch) (< xamarintvos) (< xamarinwatchos) (< xamarinios) (< xamarinmac))
      System.IO (>= 4.3) - restriction: || (&& (< net45) (>= netstandard1.1) (< portable-net451+win81+wpa81)) (&& (< net45) (>= netstandard1.2) (< netstandard1.3) (< monoandroid) (< wpa81)) (&& (< net45) (>= netstandard1.3) (< netstandard1.4) (< monoandroid) (< wpa81)) (&& (< net45) (>= netstandard1.4) (< netstandard1.5) (< monoandroid) (< wpa81)) (&& (< net45) (>= netstandard1.5) (< netstandard1.6) (< monoandroid)) (&& (>= uap10.0) (< uap10.1)) (&& (>= netstandard1.0) (< portable-net45+win8+wpa81)) (&& (>= netstandard1.6) (< netstandard2.0) (< monotouch) (< xamarintvos) (< xamarinwatchos) (< xamarinios) (< xamarinmac))
      System.IO.Compression (>= 4.3) - restriction: || (&& (< net45) (>= netstandard1.1) (< portable-net451+win81+wpa81)) (&& (< net45) (>= netstandard1.2) (< netstandard1.3) (< monoandroid) (< wpa81)) (&& (< net45) (>= netstandard1.3) (< netstandard1.4) (< monoandroid) (< wpa81)) (&& (< net45) (>= netstandard1.4) (< netstandard1.5) (< monoandroid) (< wpa81)) (&& (< net45) (>= netstandard1.5) (< netstandard1.6) (< monoandroid)) (&& (>= net46) (< netstandard1.4)) (&& (>= uap10.0) (< uap10.1)) (&& (>= netstandard1.6) (< netstandard2.0) (< monotouch) (< xamarintvos) (< xamarinwatchos) (< xamarinios) (< xamarinmac))
      System.IO.Compression.ZipFile (>= 4.3) - restriction: || (&& (< net45) (>= netstandard1.3) (< netstandard1.4) (< monoandroid) (< wpa81)) (&& (< net45) (>= netstandard1.4) (< netstandard1.5) (< monoandroid) (< wpa81)) (&& (< net45) (>= netstandard1.5) (< netstandard1.6) (< monoandroid)) (&& (>= net46) (< netstandard1.4)) (&& (>= uap10.0) (< uap10.1)) (&& (>= netstandard1.6) (< netstandard2.0) (< monotouch) (< xamarintvos) (< xamarinwatchos) (< xamarinios) (< xamarinmac))
      System.IO.FileSystem (>= 4.3) - restriction: || (&& (< net45) (>= netstandard1.3) (< netstandard1.4) (< monoandroid) (< wpa81)) (&& (< net45) (>= netstandard1.4) (< netstandard1.5) (< monoandroid) (< wpa81)) (&& (< net45) (>= netstandard1.5) (< netstandard1.6) (< monoandroid)) (&& (>= net46) (< netstandard1.4)) (&& (>= uap10.0) (< uap10.1)) (&& (>= netstandard1.6) (< netstandard2.0) (< monotouch) (< xamarintvos) (< xamarinwatchos) (< xamarinios) (< xamarinmac))
      System.IO.FileSystem.Primitives (>= 4.3) - restriction: || (&& (< net45) (>= netstandard1.3) (< netstandard1.4) (< monoandroid) (< wpa81)) (&& (< net45) (>= netstandard1.4) (< netstandard1.5) (< monoandroid) (< wpa81)) (&& (< net45) (>= netstandard1.5) (< netstandard1.6) (< monoandroid)) (&& (>= net46) (< netstandard1.4)) (&& (>= uap10.0) (< uap10.1)) (&& (>= netstandard1.6) (< netstandard2.0) (< monotouch) (< xamarintvos) (< xamarinwatchos) (< xamarinios) (< xamarinmac))
      System.Linq (>= 4.3) - restriction: || (&& (< net45) (>= netstandard1.1) (< portable-net451+win81+wpa81)) (&& (< net45) (>= netstandard1.2) (< netstandard1.3) (< monoandroid) (< wpa81)) (&& (< net45) (>= netstandard1.3) (< netstandard1.4) (< monoandroid) (< wpa81)) (&& (< net45) (>= netstandard1.4) (< netstandard1.5) (< monoandroid) (< wpa81)) (&& (< net45) (>= netstandard1.5) (< netstandard1.6) (< monoandroid)) (&& (>= uap10.0) (< uap10.1)) (&& (>= netstandard1.0) (< portable-net45+win8+wpa81)) (&& (>= netstandard1.6) (< netstandard2.0) (< monotouch) (< xamarintvos) (< xamarinwatchos) (< xamarinios) (< xamarinmac))
      System.Linq.Expressions (>= 4.3) - restriction: || (&& (< net45) (>= netstandard1.1) (< portable-net451+win81+wpa81)) (&& (< net45) (>= netstandard1.2) (< netstandard1.3) (< monoandroid) (< wpa81)) (&& (< net45) (>= netstandard1.3) (< netstandard1.4) (< monoandroid) (< wpa81)) (&& (< net45) (>= netstandard1.4) (< netstandard1.5) (< monoandroid) (< wpa81)) (&& (< net45) (>= netstandard1.5) (< netstandard1.6) (< monoandroid)) (&& (>= uap10.0) (< uap10.1)) (&& (>= netstandard1.0) (< portable-net45+win8+wpa81)) (&& (>= netstandard1.6) (< netstandard2.0) (< monotouch) (< xamarintvos) (< xamarinwatchos) (< xamarinios) (< xamarinmac))
      System.Net.Http (>= 4.3.2) - restriction: || (&& (< net45) (>= netstandard1.1) (< portable-net451+win81+wpa81)) (&& (< net45) (>= netstandard1.2) (< netstandard1.3) (< monoandroid) (< wpa81)) (&& (< net45) (>= netstandard1.3) (< netstandard1.4) (< monoandroid) (< wpa81)) (&& (< net45) (>= netstandard1.4) (< netstandard1.5) (< monoandroid) (< wpa81)) (&& (< net45) (>= netstandard1.5) (< netstandard1.6) (< monoandroid)) (&& (>= net46) (< netstandard1.4)) (&& (>= uap10.0) (< uap10.1)) (&& (>= netstandard1.6) (< netstandard2.0) (< monotouch) (< xamarintvos) (< xamarinwatchos) (< xamarinios) (< xamarinmac))
      System.Net.Primitives (>= 4.3) - restriction: || (&& (< net45) (>= netstandard1.1) (< portable-net451+win81+wpa81)) (&& (< net45) (>= netstandard1.2) (< netstandard1.3) (< monoandroid) (< wpa81)) (&& (< net45) (>= netstandard1.3) (< netstandard1.4) (< monoandroid) (< wpa81)) (&& (< net45) (>= netstandard1.4) (< netstandard1.5) (< monoandroid) (< wpa81)) (&& (< net45) (>= netstandard1.5) (< netstandard1.6) (< monoandroid)) (&& (>= uap10.0) (< uap10.1)) (&& (>= netstandard1.0) (< portable-net45+win8+wpa81)) (&& (>= netstandard1.6) (< netstandard2.0) (< monotouch) (< xamarintvos) (< xamarinwatchos) (< xamarinios) (< xamarinmac))
      System.Net.Sockets (>= 4.3) - restriction: || (&& (< net45) (>= netstandard1.3) (< netstandard1.4) (< monoandroid) (< wpa81)) (&& (< net45) (>= netstandard1.4) (< netstandard1.5) (< monoandroid) (< wpa81)) (&& (< net45) (>= netstandard1.5) (< netstandard1.6) (< monoandroid)) (&& (>= net46) (< netstandard1.4)) (&& (>= uap10.0) (< uap10.1)) (&& (>= netstandard1.6) (< netstandard2.0) (< monotouch) (< xamarintvos) (< xamarinwatchos) (< xamarinios) (< xamarinmac))
      System.ObjectModel (>= 4.3) - restriction: || (&& (< net45) (>= netstandard1.1) (< portable-net451+win81+wpa81)) (&& (< net45) (>= netstandard1.2) (< netstandard1.3) (< monoandroid) (< wpa81)) (&& (< net45) (>= netstandard1.3) (< netstandard1.4) (< monoandroid) (< wpa81)) (&& (< net45) (>= netstandard1.4) (< netstandard1.5) (< monoandroid) (< wpa81)) (&& (< net45) (>= netstandard1.5) (< netstandard1.6) (< monoandroid)) (&& (>= uap10.0) (< uap10.1)) (&& (>= netstandard1.0) (< portable-net45+win8+wpa81)) (&& (>= netstandard1.6) (< netstandard2.0) (< monotouch) (< xamarintvos) (< xamarinwatchos) (< xamarinios) (< xamarinmac))
      System.Reflection (>= 4.3) - restriction: || (&& (< net45) (>= netstandard1.1) (< portable-net451+win81+wpa81)) (&& (< net45) (>= netstandard1.2) (< netstandard1.3) (< monoandroid) (< wpa81)) (&& (< net45) (>= netstandard1.3) (< netstandard1.4) (< monoandroid) (< wpa81)) (&& (< net45) (>= netstandard1.4) (< netstandard1.5) (< monoandroid) (< wpa81)) (&& (< net45) (>= netstandard1.5) (< netstandard1.6) (< monoandroid)) (&& (>= uap10.0) (< uap10.1)) (&& (>= netstandard1.0) (< portable-net45+win8+wpa81)) (&& (>= netstandard1.6) (< netstandard2.0) (< monotouch) (< xamarintvos) (< xamarinwatchos) (< xamarinios) (< xamarinmac))
      System.Reflection.Extensions (>= 4.3) - restriction: || (&& (< net45) (>= netstandard1.1) (< portable-net451+win81+wpa81)) (&& (< net45) (>= netstandard1.2) (< netstandard1.3) (< monoandroid) (< wpa81)) (&& (< net45) (>= netstandard1.3) (< netstandard1.4) (< monoandroid) (< wpa81)) (&& (< net45) (>= netstandard1.4) (< netstandard1.5) (< monoandroid) (< wpa81)) (&& (< net45) (>= netstandard1.5) (< netstandard1.6) (< monoandroid)) (&& (>= uap10.0) (< uap10.1)) (&& (>= netstandard1.0) (< portable-net45+win8+wpa81)) (&& (>= netstandard1.6) (< netstandard2.0) (< monotouch) (< xamarintvos) (< xamarinwatchos) (< xamarinios) (< xamarinmac))
      System.Reflection.Primitives (>= 4.3) - restriction: || (&& (< net45) (>= netstandard1.1) (< portable-net451+win81+wpa81)) (&& (< net45) (>= netstandard1.2) (< netstandard1.3) (< monoandroid) (< wpa81)) (&& (< net45) (>= netstandard1.3) (< netstandard1.4) (< monoandroid) (< wpa81)) (&& (< net45) (>= netstandard1.4) (< netstandard1.5) (< monoandroid) (< wpa81)) (&& (< net45) (>= netstandard1.5) (< netstandard1.6) (< monoandroid)) (&& (>= uap10.0) (< uap10.1)) (&& (>= netstandard1.0) (< portable-net45+win8+wpa81)) (&& (>= netstandard1.6) (< netstandard2.0) (< monotouch) (< xamarintvos) (< xamarinwatchos) (< xamarinios) (< xamarinmac))
      System.Resources.ResourceManager (>= 4.3) - restriction: || (&& (< net45) (>= netstandard1.1) (< portable-net451+win81+wpa81)) (&& (< net45) (>= netstandard1.2) (< netstandard1.3) (< monoandroid) (< wpa81)) (&& (< net45) (>= netstandard1.3) (< netstandard1.4) (< monoandroid) (< wpa81)) (&& (< net45) (>= netstandard1.4) (< netstandard1.5) (< monoandroid) (< wpa81)) (&& (< net45) (>= netstandard1.5) (< netstandard1.6) (< monoandroid)) (&& (>= uap10.0) (< uap10.1)) (&& (>= netstandard1.0) (< portable-net45+win8+wpa81)) (&& (>= netstandard1.6) (< netstandard2.0) (< monotouch) (< xamarintvos) (< xamarinwatchos) (< xamarinios) (< xamarinmac))
      System.Runtime (>= 4.3) - restriction: || (&& (< net45) (>= netstandard1.1) (< portable-net451+win81+wpa81)) (&& (< net45) (>= netstandard1.2) (< netstandard1.3) (< monoandroid) (< wpa81)) (&& (< net45) (>= netstandard1.3) (< netstandard1.4) (< monoandroid) (< wpa81)) (&& (< net45) (>= netstandard1.4) (< netstandard1.5) (< monoandroid) (< wpa81)) (&& (< net45) (>= netstandard1.5) (< netstandard1.6) (< monoandroid)) (&& (>= uap10.0) (< uap10.1)) (&& (>= netstandard1.0) (< portable-net45+win8+wpa81)) (&& (>= netstandard1.6) (< netstandard2.0) (< monotouch) (< xamarintvos) (< xamarinwatchos) (< xamarinios) (< xamarinmac))
      System.Runtime.Extensions (>= 4.3) - restriction: || (&& (< net45) (>= netstandard1.1) (< portable-net451+win81+wpa81)) (&& (< net45) (>= netstandard1.2) (< netstandard1.3) (< monoandroid) (< wpa81)) (&& (< net45) (>= netstandard1.3) (< netstandard1.4) (< monoandroid) (< wpa81)) (&& (< net45) (>= netstandard1.4) (< netstandard1.5) (< monoandroid) (< wpa81)) (&& (< net45) (>= netstandard1.5) (< netstandard1.6) (< monoandroid)) (&& (>= uap10.0) (< uap10.1)) (&& (>= netstandard1.0) (< portable-net45+win8+wpa81)) (&& (>= netstandard1.6) (< netstandard2.0) (< monotouch) (< xamarintvos) (< xamarinwatchos) (< xamarinios) (< xamarinmac))
      System.Runtime.Handles (>= 4.3) - restriction: || (&& (< net45) (>= netstandard1.3) (< netstandard1.4) (< monoandroid) (< wpa81)) (&& (< net45) (>= netstandard1.4) (< netstandard1.5) (< monoandroid) (< wpa81)) (&& (< net45) (>= netstandard1.5) (< netstandard1.6) (< monoandroid)) (&& (>= uap10.0) (< uap10.1)) (&& (>= netstandard1.6) (< netstandard2.0) (< monotouch) (< xamarintvos) (< xamarinwatchos) (< xamarinios) (< xamarinmac))
      System.Runtime.InteropServices (>= 4.3) - restriction: || (&& (< net45) (>= netstandard1.1) (< portable-net451+win81+wpa81)) (&& (< net45) (>= netstandard1.2) (< netstandard1.3) (< monoandroid) (< wpa81)) (&& (< net45) (>= netstandard1.3) (< netstandard1.4) (< monoandroid) (< wpa81)) (&& (< net45) (>= netstandard1.4) (< netstandard1.5) (< monoandroid) (< wpa81)) (&& (< net45) (>= netstandard1.5) (< netstandard1.6) (< monoandroid)) (&& (>= uap10.0) (< uap10.1)) (&& (>= netstandard1.6) (< netstandard2.0) (< monotouch) (< xamarintvos) (< xamarinwatchos) (< xamarinios) (< xamarinmac))
      System.Runtime.InteropServices.RuntimeInformation (>= 4.3) - restriction: || (&& (>= net45) (< portable-net451+win81+wpa81)) (&& (< net45) (>= netstandard1.1) (< portable-net451+win81+wpa81)) (&& (< net45) (>= netstandard1.2) (< netstandard1.3) (< monoandroid) (< wpa81)) (&& (< net45) (>= netstandard1.3) (< netstandard1.4) (< monoandroid) (< wpa81)) (&& (< net45) (>= netstandard1.4) (< netstandard1.5) (< monoandroid) (< wpa81)) (&& (< net45) (>= netstandard1.5) (< netstandard1.6) (< monoandroid)) (&& (>= net451) (< netstandard1.3)) (&& (>= net46) (< netstandard1.4)) (&& (>= uap10.0) (< uap10.1)) (&& (< netstandard1.0) (< monoandroid) (>= portable-net451+win81+wpa81)) (&& (< netstandard1.0) (>= portable-net45+win8+wpa81) (< portable-net451+win81+wpa81)) (&& (< netstandard1.3) (>= wpa81)) (&& (>= netstandard1.6) (< netstandard2.0) (< monotouch) (< xamarintvos) (< xamarinwatchos) (< xamarinios) (< xamarinmac))
      System.Runtime.Numerics (>= 4.3) - restriction: || (&& (< net45) (>= netstandard1.1) (< portable-net451+win81+wpa81)) (&& (< net45) (>= netstandard1.2) (< netstandard1.3) (< monoandroid) (< wpa81)) (&& (< net45) (>= netstandard1.3) (< netstandard1.4) (< monoandroid) (< wpa81)) (&& (< net45) (>= netstandard1.4) (< netstandard1.5) (< monoandroid) (< wpa81)) (&& (< net45) (>= netstandard1.5) (< netstandard1.6) (< monoandroid)) (&& (>= uap10.0) (< uap10.1)) (&& (>= netstandard1.6) (< netstandard2.0) (< monotouch) (< xamarintvos) (< xamarinwatchos) (< xamarinios) (< xamarinmac))
      System.Security.Cryptography.Algorithms (>= 4.3) - restriction: || (&& (< net45) (>= netstandard1.3) (< netstandard1.4) (< monoandroid) (< wpa81)) (&& (< net45) (>= netstandard1.4) (< netstandard1.5) (< monoandroid) (< wpa81)) (&& (< net45) (>= netstandard1.5) (< netstandard1.6) (< monoandroid)) (&& (>= net46) (< netstandard1.4)) (&& (>= uap10.0) (< uap10.1)) (&& (>= netstandard1.6) (< netstandard2.0) (< monotouch) (< xamarintvos) (< xamarinwatchos) (< xamarinios) (< xamarinmac))
      System.Security.Cryptography.Encoding (>= 4.3) - restriction: || (&& (< net45) (>= netstandard1.3) (< netstandard1.4) (< monoandroid) (< wpa81)) (&& (< net45) (>= netstandard1.4) (< netstandard1.5) (< monoandroid) (< wpa81)) (&& (< net45) (>= netstandard1.5) (< netstandard1.6) (< monoandroid)) (&& (>= net46) (< netstandard1.4)) (&& (>= uap10.0) (< uap10.1)) (&& (>= netstandard1.6) (< netstandard2.0) (< monotouch) (< xamarintvos) (< xamarinwatchos) (< xamarinios) (< xamarinmac))
      System.Security.Cryptography.Primitives (>= 4.3) - restriction: || (&& (< net45) (>= netstandard1.3) (< netstandard1.4) (< monoandroid) (< wpa81)) (&& (< net45) (>= netstandard1.4) (< netstandard1.5) (< monoandroid) (< wpa81)) (&& (< net45) (>= netstandard1.5) (< netstandard1.6) (< monoandroid)) (&& (>= net46) (< netstandard1.4)) (&& (>= uap10.0) (< uap10.1)) (&& (>= netstandard1.6) (< netstandard2.0) (< monotouch) (< xamarintvos) (< xamarinwatchos) (< xamarinios) (< xamarinmac))
      System.Security.Cryptography.X509Certificates (>= 4.3) - restriction: || (&& (< net45) (>= netstandard1.3) (< netstandard1.4) (< monoandroid) (< wpa81)) (&& (< net45) (>= netstandard1.4) (< netstandard1.5) (< monoandroid) (< wpa81)) (&& (< net45) (>= netstandard1.5) (< netstandard1.6) (< monoandroid)) (&& (>= net46) (< netstandard1.4)) (&& (>= uap10.0) (< uap10.1)) (&& (>= netstandard1.6) (< netstandard2.0) (< monotouch) (< xamarintvos) (< xamarinwatchos) (< xamarinios) (< xamarinmac))
      System.Text.Encoding (>= 4.3) - restriction: || (&& (< net45) (>= netstandard1.1) (< portable-net451+win81+wpa81)) (&& (< net45) (>= netstandard1.2) (< netstandard1.3) (< monoandroid) (< wpa81)) (&& (< net45) (>= netstandard1.3) (< netstandard1.4) (< monoandroid) (< wpa81)) (&& (< net45) (>= netstandard1.4) (< netstandard1.5) (< monoandroid) (< wpa81)) (&& (< net45) (>= netstandard1.5) (< netstandard1.6) (< monoandroid)) (&& (>= uap10.0) (< uap10.1)) (&& (>= netstandard1.0) (< portable-net45+win8+wpa81)) (&& (>= netstandard1.6) (< netstandard2.0) (< monotouch) (< xamarintvos) (< xamarinwatchos) (< xamarinios) (< xamarinmac))
      System.Text.Encoding.Extensions (>= 4.3) - restriction: || (&& (< net45) (>= netstandard1.1) (< portable-net451+win81+wpa81)) (&& (< net45) (>= netstandard1.2) (< netstandard1.3) (< monoandroid) (< wpa81)) (&& (< net45) (>= netstandard1.3) (< netstandard1.4) (< monoandroid) (< wpa81)) (&& (< net45) (>= netstandard1.4) (< netstandard1.5) (< monoandroid) (< wpa81)) (&& (< net45) (>= netstandard1.5) (< netstandard1.6) (< monoandroid)) (&& (>= uap10.0) (< uap10.1)) (&& (>= netstandard1.0) (< portable-net45+win8+wpa81)) (&& (>= netstandard1.6) (< netstandard2.0) (< monotouch) (< xamarintvos) (< xamarinwatchos) (< xamarinios) (< xamarinmac))
      System.Text.RegularExpressions (>= 4.3) - restriction: || (&& (< net45) (>= netstandard1.1) (< portable-net451+win81+wpa81)) (&& (< net45) (>= netstandard1.2) (< netstandard1.3) (< monoandroid) (< wpa81)) (&& (< net45) (>= netstandard1.3) (< netstandard1.4) (< monoandroid) (< wpa81)) (&& (< net45) (>= netstandard1.4) (< netstandard1.5) (< monoandroid) (< wpa81)) (&& (< net45) (>= netstandard1.5) (< netstandard1.6) (< monoandroid)) (&& (>= uap10.0) (< uap10.1)) (&& (>= netstandard1.0) (< portable-net45+win8+wpa81)) (&& (>= netstandard1.6) (< netstandard2.0) (< monotouch) (< xamarintvos) (< xamarinwatchos) (< xamarinios) (< xamarinmac))
      System.Threading (>= 4.3) - restriction: || (&& (< net45) (>= netstandard1.1) (< portable-net451+win81+wpa81)) (&& (< net45) (>= netstandard1.2) (< netstandard1.3) (< monoandroid) (< wpa81)) (&& (< net45) (>= netstandard1.3) (< netstandard1.4) (< monoandroid) (< wpa81)) (&& (< net45) (>= netstandard1.4) (< netstandard1.5) (< monoandroid) (< wpa81)) (&& (< net45) (>= netstandard1.5) (< netstandard1.6) (< monoandroid)) (&& (>= uap10.0) (< uap10.1)) (&& (>= netstandard1.0) (< portable-net45+win8+wpa81)) (&& (>= netstandard1.6) (< netstandard2.0) (< monotouch) (< xamarintvos) (< xamarinwatchos) (< xamarinios) (< xamarinmac))
      System.Threading.Tasks (>= 4.3) - restriction: || (&& (< net45) (>= netstandard1.1) (< portable-net451+win81+wpa81)) (&& (< net45) (>= netstandard1.2) (< netstandard1.3) (< monoandroid) (< wpa81)) (&& (< net45) (>= netstandard1.3) (< netstandard1.4) (< monoandroid) (< wpa81)) (&& (< net45) (>= netstandard1.4) (< netstandard1.5) (< monoandroid) (< wpa81)) (&& (< net45) (>= netstandard1.5) (< netstandard1.6) (< monoandroid)) (&& (>= uap10.0) (< uap10.1)) (&& (>= netstandard1.0) (< portable-net45+win8+wpa81)) (&& (>= netstandard1.6) (< netstandard2.0) (< monotouch) (< xamarintvos) (< xamarinwatchos) (< xamarinios) (< xamarinmac))
      System.Threading.Timer (>= 4.3) - restriction: || (&& (< net45) (>= netstandard1.2) (< netstandard1.3) (< monoandroid) (< wpa81)) (&& (< net45) (>= netstandard1.3) (< netstandard1.4) (< monoandroid) (< wpa81)) (&& (< net45) (>= netstandard1.4) (< netstandard1.5) (< monoandroid) (< wpa81)) (&& (< net45) (>= netstandard1.5) (< netstandard1.6) (< monoandroid)) (&& (>= uap10.0) (< uap10.1)) (&& (>= netstandard1.6) (< netstandard2.0) (< monotouch) (< xamarintvos) (< xamarinwatchos) (< xamarinios) (< xamarinmac))
      System.Xml.ReaderWriter (>= 4.3) - restriction: || (&& (< net45) (>= netstandard1.1) (< portable-net451+win81+wpa81)) (&& (< net45) (>= netstandard1.2) (< netstandard1.3) (< monoandroid) (< wpa81)) (&& (< net45) (>= netstandard1.3) (< netstandard1.4) (< monoandroid) (< wpa81)) (&& (< net45) (>= netstandard1.4) (< netstandard1.5) (< monoandroid) (< wpa81)) (&& (< net45) (>= netstandard1.5) (< netstandard1.6) (< monoandroid)) (&& (>= net46) (< netstandard1.4)) (&& (>= uap10.0) (< uap10.1)) (&& (>= netstandard1.0) (< portable-net45+win8+wpa81)) (&& (>= netstandard1.6) (< netstandard2.0) (< monotouch) (< xamarintvos) (< xamarinwatchos) (< xamarinios) (< xamarinmac))
      System.Xml.XDocument (>= 4.3) - restriction: || (&& (< net45) (>= netstandard1.1) (< portable-net451+win81+wpa81)) (&& (< net45) (>= netstandard1.2) (< netstandard1.3) (< monoandroid) (< wpa81)) (&& (< net45) (>= netstandard1.3) (< netstandard1.4) (< monoandroid) (< wpa81)) (&& (< net45) (>= netstandard1.4) (< netstandard1.5) (< monoandroid) (< wpa81)) (&& (< net45) (>= netstandard1.5) (< netstandard1.6) (< monoandroid)) (&& (>= uap10.0) (< uap10.1)) (&& (>= netstandard1.0) (< portable-net45+win8+wpa81)) (&& (>= netstandard1.6) (< netstandard2.0) (< monotouch) (< xamarintvos) (< xamarinwatchos) (< xamarinios) (< xamarinmac))
    Newtonsoft.Json (10.0.3) - restriction: >= netstandard1.6
      Microsoft.CSharp (>= 4.3) - restriction: || (&& (< net20) (>= netstandard1.0) (< netstandard1.3)) (&& (< net20) (>= netstandard1.3))
      NETStandard.Library (>= 1.6.1) - restriction: || (&& (< net20) (>= netstandard1.0) (< netstandard1.3)) (&& (< net20) (>= netstandard1.3))
      System.ComponentModel.TypeConverter (>= 4.3) - restriction: || (&& (< net20) (>= netstandard1.0) (< netstandard1.3)) (&& (< net20) (>= netstandard1.3))
      System.Runtime.Serialization.Formatters (>= 4.3) - restriction: && (< net20) (>= netstandard1.3)
      System.Runtime.Serialization.Primitives (>= 4.3) - restriction: || (&& (< net20) (>= netstandard1.0) (< netstandard1.3)) (&& (< net20) (>= netstandard1.3))
      System.Xml.XmlDocument (>= 4.3) - restriction: && (< net20) (>= netstandard1.3)
    runtime.debian.8-x64.runtime.native.System.Security.Cryptography.OpenSsl (4.3.2) - restriction: || (&& (>= net46) (< netstandard1.4) (>= netstandard1.6)) (&& (>= uap10.0) (>= netstandard1.6)) (&& (>= dnxcore50) (>= netstandard1.6)) (&& (< netstandard1.3) (>= netstandard1.6) (< monoandroid)) (&& (< netstandard1.4) (>= netstandard1.6) (< monoandroid)) (&& (< netstandard1.5) (>= netstandard1.6) (< monoandroid)) (&& (>= netstandard1.6) (< monotouch) (< xamarintvos) (< xamarinwatchos) (< xamarinios) (< xamarinmac)) (&& (>= netstandard1.6) (< portable-net451+win81+wpa81))
    runtime.fedora.23-x64.runtime.native.System.Security.Cryptography.OpenSsl (4.3.2) - restriction: || (&& (>= net46) (< netstandard1.4) (>= netstandard1.6)) (&& (>= uap10.0) (>= netstandard1.6)) (&& (>= dnxcore50) (>= netstandard1.6)) (&& (< netstandard1.3) (>= netstandard1.6) (< monoandroid)) (&& (< netstandard1.4) (>= netstandard1.6) (< monoandroid)) (&& (< netstandard1.5) (>= netstandard1.6) (< monoandroid)) (&& (>= netstandard1.6) (< monotouch) (< xamarintvos) (< xamarinwatchos) (< xamarinios) (< xamarinmac)) (&& (>= netstandard1.6) (< portable-net451+win81+wpa81))
    runtime.fedora.24-x64.runtime.native.System.Security.Cryptography.OpenSsl (4.3.2) - restriction: || (&& (>= net46) (< netstandard1.4) (>= netstandard1.6)) (&& (>= uap10.0) (>= netstandard1.6)) (&& (>= dnxcore50) (>= netstandard1.6)) (&& (< netstandard1.3) (>= netstandard1.6) (< monoandroid)) (&& (< netstandard1.4) (>= netstandard1.6) (< monoandroid)) (&& (< netstandard1.5) (>= netstandard1.6) (< monoandroid)) (&& (>= netstandard1.6) (< monotouch) (< xamarintvos) (< xamarinwatchos) (< xamarinios) (< xamarinmac)) (&& (>= netstandard1.6) (< portable-net451+win81+wpa81))
    runtime.native.System (4.3) - restriction: || (&& (>= net451) (< netstandard1.3) (>= netstandard1.6)) (&& (>= net46) (< netstandard1.4) (>= netstandard1.6)) (&& (>= uap10.0) (>= netstandard1.6)) (&& (>= dnxcore50) (>= netstandard1.6)) (&& (< netstandard1.0) (>= netstandard1.6) (< monoandroid)) (&& (< netstandard1.3) (>= netstandard1.6) (< monoandroid)) (&& (< netstandard1.3) (>= netstandard1.6) (>= wpa81)) (&& (< netstandard1.4) (>= netstandard1.6) (< monoandroid)) (&& (< netstandard1.5) (>= netstandard1.6) (< monoandroid)) (&& (>= netstandard1.6) (< monotouch) (< xamarintvos) (< xamarinwatchos) (< xamarinios) (< xamarinmac)) (&& (>= netstandard1.6) (< portable-net451+win81+wpa81))
      Microsoft.NETCore.Platforms (>= 1.1)
      Microsoft.NETCore.Targets (>= 1.1)
    runtime.native.System.IO.Compression (4.3.1) - restriction: || (&& (>= net46) (< netstandard1.4) (>= netstandard1.6)) (&& (>= uap10.0) (>= netstandard1.6)) (&& (>= dnxcore50) (>= netstandard1.6)) (&& (< netstandard1.3) (>= netstandard1.6) (< monoandroid)) (&& (< netstandard1.4) (>= netstandard1.6) (< monoandroid)) (&& (< netstandard1.5) (>= netstandard1.6) (< monoandroid)) (&& (>= netstandard1.6) (< netstandard2.0) (< monotouch) (< xamarintvos) (< xamarinwatchos) (< xamarinios) (< xamarinmac)) (&& (>= netstandard1.6) (< portable-net451+win81+wpa81))
      Microsoft.NETCore.Platforms (>= 1.1)
      Microsoft.NETCore.Targets (>= 1.1.1)
    runtime.native.System.Net.Http (4.3) - restriction: || (&& (>= net46) (< netstandard1.4) (>= netstandard1.6)) (&& (>= uap10.0) (>= netstandard1.6)) (&& (>= dnxcore50) (>= netstandard1.6)) (&& (< netstandard1.3) (>= netstandard1.6) (< monoandroid)) (&& (< netstandard1.4) (>= netstandard1.6) (< monoandroid)) (&& (< netstandard1.5) (>= netstandard1.6) (< monoandroid)) (&& (>= netstandard1.6) (< monotouch) (< xamarintvos) (< xamarinwatchos) (< xamarinios) (< xamarinmac)) (&& (>= netstandard1.6) (< portable-net451+win81+wpa81))
      Microsoft.NETCore.Platforms (>= 1.1)
      Microsoft.NETCore.Targets (>= 1.1)
    runtime.native.System.Security.Cryptography.Apple (4.3.1) - restriction: || (&& (>= net46) (< netstandard1.4) (>= netstandard1.6)) (&& (>= uap10.0) (>= netstandard1.6)) (&& (>= dnxcore50) (>= netstandard1.6)) (&& (< netstandard1.3) (>= netstandard1.6) (< monoandroid)) (&& (< netstandard1.4) (>= netstandard1.6) (< monoandroid)) (&& (< netstandard1.5) (>= netstandard1.6) (< monoandroid)) (&& (>= netstandard1.6) (< monotouch) (< xamarintvos) (< xamarinwatchos) (< xamarinios) (< xamarinmac)) (&& (>= netstandard1.6) (< portable-net451+win81+wpa81))
      runtime.osx.10.10-x64.runtime.native.System.Security.Cryptography.Apple (>= 4.3.1)
    runtime.native.System.Security.Cryptography.OpenSsl (4.3.2) - restriction: || (&& (>= net46) (< netstandard1.4) (>= netstandard1.6)) (&& (>= uap10.0) (>= netstandard1.6)) (&& (>= dnxcore50) (>= netstandard1.6)) (&& (< netstandard1.3) (>= netstandard1.6) (< monoandroid)) (&& (< netstandard1.4) (>= netstandard1.6) (< monoandroid)) (&& (< netstandard1.5) (>= netstandard1.6) (< monoandroid)) (&& (>= netstandard1.6) (< monotouch) (< xamarintvos) (< xamarinwatchos) (< xamarinios) (< xamarinmac)) (&& (>= netstandard1.6) (< portable-net451+win81+wpa81))
      runtime.debian.8-x64.runtime.native.System.Security.Cryptography.OpenSsl (>= 4.3.2)
      runtime.fedora.23-x64.runtime.native.System.Security.Cryptography.OpenSsl (>= 4.3.2)
      runtime.fedora.24-x64.runtime.native.System.Security.Cryptography.OpenSsl (>= 4.3.2)
      runtime.opensuse.13.2-x64.runtime.native.System.Security.Cryptography.OpenSsl (>= 4.3.2)
      runtime.opensuse.42.1-x64.runtime.native.System.Security.Cryptography.OpenSsl (>= 4.3.2)
      runtime.osx.10.10-x64.runtime.native.System.Security.Cryptography.OpenSsl (>= 4.3.2)
      runtime.rhel.7-x64.runtime.native.System.Security.Cryptography.OpenSsl (>= 4.3.2)
      runtime.ubuntu.14.04-x64.runtime.native.System.Security.Cryptography.OpenSsl (>= 4.3.2)
      runtime.ubuntu.16.04-x64.runtime.native.System.Security.Cryptography.OpenSsl (>= 4.3.2)
      runtime.ubuntu.16.10-x64.runtime.native.System.Security.Cryptography.OpenSsl (>= 4.3.2)
    runtime.opensuse.13.2-x64.runtime.native.System.Security.Cryptography.OpenSsl (4.3.2) - restriction: || (&& (>= net46) (< netstandard1.4) (>= netstandard1.6)) (&& (>= uap10.0) (>= netstandard1.6)) (&& (>= dnxcore50) (>= netstandard1.6)) (&& (< netstandard1.3) (>= netstandard1.6) (< monoandroid)) (&& (< netstandard1.4) (>= netstandard1.6) (< monoandroid)) (&& (< netstandard1.5) (>= netstandard1.6) (< monoandroid)) (&& (>= netstandard1.6) (< monotouch) (< xamarintvos) (< xamarinwatchos) (< xamarinios) (< xamarinmac)) (&& (>= netstandard1.6) (< portable-net451+win81+wpa81))
    runtime.opensuse.42.1-x64.runtime.native.System.Security.Cryptography.OpenSsl (4.3.2) - restriction: || (&& (>= net46) (< netstandard1.4) (>= netstandard1.6)) (&& (>= uap10.0) (>= netstandard1.6)) (&& (>= dnxcore50) (>= netstandard1.6)) (&& (< netstandard1.3) (>= netstandard1.6) (< monoandroid)) (&& (< netstandard1.4) (>= netstandard1.6) (< monoandroid)) (&& (< netstandard1.5) (>= netstandard1.6) (< monoandroid)) (&& (>= netstandard1.6) (< monotouch) (< xamarintvos) (< xamarinwatchos) (< xamarinios) (< xamarinmac)) (&& (>= netstandard1.6) (< portable-net451+win81+wpa81))
    runtime.osx.10.10-x64.runtime.native.System.Security.Cryptography.Apple (4.3.1) - restriction: || (&& (>= net46) (< netstandard1.4) (>= netstandard1.6)) (&& (>= uap10.0) (>= netstandard1.6)) (&& (>= dnxcore50) (>= netstandard1.6)) (&& (< netstandard1.3) (>= netstandard1.6) (< monoandroid)) (&& (< netstandard1.4) (>= netstandard1.6) (< monoandroid)) (&& (< netstandard1.5) (>= netstandard1.6) (< monoandroid)) (&& (>= netstandard1.6) (< monotouch) (< xamarintvos) (< xamarinwatchos) (< xamarinios) (< xamarinmac)) (&& (>= netstandard1.6) (< portable-net451+win81+wpa81))
    runtime.osx.10.10-x64.runtime.native.System.Security.Cryptography.OpenSsl (4.3.2) - restriction: || (&& (>= net46) (< netstandard1.4) (>= netstandard1.6)) (&& (>= uap10.0) (>= netstandard1.6)) (&& (>= dnxcore50) (>= netstandard1.6)) (&& (< netstandard1.3) (>= netstandard1.6) (< monoandroid)) (&& (< netstandard1.4) (>= netstandard1.6) (< monoandroid)) (&& (< netstandard1.5) (>= netstandard1.6) (< monoandroid)) (&& (>= netstandard1.6) (< monotouch) (< xamarintvos) (< xamarinwatchos) (< xamarinios) (< xamarinmac)) (&& (>= netstandard1.6) (< portable-net451+win81+wpa81))
    runtime.rhel.7-x64.runtime.native.System.Security.Cryptography.OpenSsl (4.3.2) - restriction: || (&& (>= net46) (< netstandard1.4) (>= netstandard1.6)) (&& (>= uap10.0) (>= netstandard1.6)) (&& (>= dnxcore50) (>= netstandard1.6)) (&& (< netstandard1.3) (>= netstandard1.6) (< monoandroid)) (&& (< netstandard1.4) (>= netstandard1.6) (< monoandroid)) (&& (< netstandard1.5) (>= netstandard1.6) (< monoandroid)) (&& (>= netstandard1.6) (< monotouch) (< xamarintvos) (< xamarinwatchos) (< xamarinios) (< xamarinmac)) (&& (>= netstandard1.6) (< portable-net451+win81+wpa81))
    runtime.ubuntu.14.04-x64.runtime.native.System.Security.Cryptography.OpenSsl (4.3.2) - restriction: || (&& (>= net46) (< netstandard1.4) (>= netstandard1.6)) (&& (>= uap10.0) (>= netstandard1.6)) (&& (>= dnxcore50) (>= netstandard1.6)) (&& (< netstandard1.3) (>= netstandard1.6) (< monoandroid)) (&& (< netstandard1.4) (>= netstandard1.6) (< monoandroid)) (&& (< netstandard1.5) (>= netstandard1.6) (< monoandroid)) (&& (>= netstandard1.6) (< monotouch) (< xamarintvos) (< xamarinwatchos) (< xamarinios) (< xamarinmac)) (&& (>= netstandard1.6) (< portable-net451+win81+wpa81))
    runtime.ubuntu.16.04-x64.runtime.native.System.Security.Cryptography.OpenSsl (4.3.2) - restriction: || (&& (>= net46) (< netstandard1.4) (>= netstandard1.6)) (&& (>= uap10.0) (>= netstandard1.6)) (&& (>= dnxcore50) (>= netstandard1.6)) (&& (< netstandard1.3) (>= netstandard1.6) (< monoandroid)) (&& (< netstandard1.4) (>= netstandard1.6) (< monoandroid)) (&& (< netstandard1.5) (>= netstandard1.6) (< monoandroid)) (&& (>= netstandard1.6) (< monotouch) (< xamarintvos) (< xamarinwatchos) (< xamarinios) (< xamarinmac)) (&& (>= netstandard1.6) (< portable-net451+win81+wpa81))
    runtime.ubuntu.16.10-x64.runtime.native.System.Security.Cryptography.OpenSsl (4.3.2) - restriction: || (&& (>= net46) (< netstandard1.4) (>= netstandard1.6)) (&& (>= uap10.0) (>= netstandard1.6)) (&& (>= dnxcore50) (>= netstandard1.6)) (&& (< netstandard1.3) (>= netstandard1.6) (< monoandroid)) (&& (< netstandard1.4) (>= netstandard1.6) (< monoandroid)) (&& (< netstandard1.5) (>= netstandard1.6) (< monoandroid)) (&& (>= netstandard1.6) (< monotouch) (< xamarintvos) (< xamarinwatchos) (< xamarinios) (< xamarinmac)) (&& (>= netstandard1.6) (< portable-net451+win81+wpa81))
    System.AppContext (4.3) - restriction: || (&& (>= net46) (< netstandard1.4) (>= netstandard1.6)) (&& (>= uap10.0) (>= netstandard1.6)) (&& (< netstandard1.4) (>= netstandard1.6) (< monoandroid)) (&& (< netstandard1.5) (>= netstandard1.6) (< monoandroid)) (&& (>= netstandard1.6) (< netstandard2.0) (< monotouch) (< xamarintvos) (< xamarinwatchos) (< xamarinios) (< xamarinmac))
      System.Runtime (>= 4.3) - restriction: || (&& (< net46) (>= netstandard1.3) (< netstandard1.6) (< monoandroid)) (>= dnxcore50) (&& (>= netstandard1.6) (< monotouch) (< xamarintvos) (< xamarinwatchos) (< xamarinios) (< xamarinmac))
    System.Buffers (4.4) - restriction: || (&& (>= net46) (< netstandard1.4) (>= netstandard1.6)) (&& (>= uap10.0) (>= netstandard1.6)) (&& (>= dnxcore50) (>= netstandard1.6)) (&& (< netstandard1.3) (>= netstandard1.6) (< monoandroid)) (&& (< netstandard1.4) (>= netstandard1.6) (< monoandroid)) (&& (< netstandard1.5) (>= netstandard1.6) (< monoandroid)) (&& (>= netstandard1.6) (< netstandard2.0) (< monotouch) (< xamarintvos) (< xamarinwatchos) (< xamarinios) (< xamarinmac)) (&& (>= netstandard1.6) (< portable-net451+win81+wpa81))
      System.Diagnostics.Debug (>= 4.3) - restriction: && (>= netstandard1.1) (< netstandard2.0) (< xamarinmac)
      System.Diagnostics.Tracing (>= 4.3) - restriction: && (>= netstandard1.1) (< netstandard2.0) (< xamarinmac)
      System.Resources.ResourceManager (>= 4.3) - restriction: && (>= netstandard1.1) (< netstandard2.0) (< xamarinmac)
      System.Runtime (>= 4.3) - restriction: && (>= netstandard1.1) (< netstandard2.0) (< xamarinmac)
      System.Threading (>= 4.3) - restriction: && (>= netstandard1.1) (< netstandard2.0) (< xamarinmac)
    System.Collections (4.3) - restriction: >= netstandard1.6
      Microsoft.NETCore.Platforms (>= 1.1) - restriction: || (&& (< net45) (>= netstandard1.0) (< netstandard1.3) (< monoandroid) (< win8) (< wp8) (< wpa81)) (&& (< net45) (>= netstandard1.3) (< monotouch) (< xamarintvos) (< xamarinwatchos) (< xamarinios) (< xamarinmac) (< win8) (< wpa81)) (>= dnxcore50)
      Microsoft.NETCore.Targets (>= 1.1) - restriction: || (&& (< net45) (>= netstandard1.0) (< netstandard1.3) (< monoandroid) (< win8) (< wp8) (< wpa81)) (&& (< net45) (>= netstandard1.3) (< monotouch) (< xamarintvos) (< xamarinwatchos) (< xamarinios) (< xamarinmac) (< win8) (< wpa81)) (>= dnxcore50)
      System.Runtime (>= 4.3) - restriction: || (&& (< net45) (>= netstandard1.0) (< netstandard1.3) (< monoandroid) (< win8) (< wp8) (< wpa81)) (&& (< net45) (>= netstandard1.3) (< monotouch) (< xamarintvos) (< xamarinwatchos) (< xamarinios) (< xamarinmac) (< win8) (< wpa81)) (>= dnxcore50)
    System.Collections.Concurrent (4.3) - restriction: || (&& (>= uap10.0) (>= netstandard1.6)) (&& (>= dnxcore50) (>= netstandard1.6)) (&& (< netstandard1.3) (>= netstandard1.6) (< monoandroid)) (&& (< netstandard1.4) (>= netstandard1.6) (< monoandroid)) (&& (< netstandard1.5) (>= netstandard1.6) (< monoandroid)) (&& (>= netstandard1.6) (< monotouch) (< xamarintvos) (< xamarinwatchos) (< xamarinios) (< xamarinmac)) (&& (>= netstandard1.6) (< portable-net451+win81+wpa81))
      System.Collections (>= 4.3) - restriction: || (&& (< net45) (>= netstandard1.3) (< monotouch) (< xamarintvos) (< xamarinwatchos) (< xamarinios) (< xamarinmac) (< win8) (< wpa81)) (>= dnxcore50)
      System.Diagnostics.Debug (>= 4.3) - restriction: || (&& (< net45) (>= netstandard1.3) (< monotouch) (< xamarintvos) (< xamarinwatchos) (< xamarinios) (< xamarinmac) (< win8) (< wpa81)) (>= dnxcore50)
      System.Diagnostics.Tracing (>= 4.3) - restriction: || (&& (< net45) (>= netstandard1.3) (< monotouch) (< xamarintvos) (< xamarinwatchos) (< xamarinios) (< xamarinmac) (< win8) (< wpa81)) (>= dnxcore50)
      System.Globalization (>= 4.3) - restriction: || (&& (< net45) (>= netstandard1.3) (< monotouch) (< xamarintvos) (< xamarinwatchos) (< xamarinios) (< xamarinmac) (< win8) (< wpa81)) (>= dnxcore50)
      System.Reflection (>= 4.3) - restriction: && (< net45) (>= netstandard1.3) (< monotouch) (< xamarintvos) (< xamarinwatchos) (< xamarinios) (< xamarinmac) (< win8) (< wpa81)
      System.Resources.ResourceManager (>= 4.3) - restriction: || (&& (< net45) (>= netstandard1.3) (< monotouch) (< xamarintvos) (< xamarinwatchos) (< xamarinios) (< xamarinmac) (< win8) (< wpa81)) (>= dnxcore50)
      System.Runtime (>= 4.3) - restriction: || (&& (< net45) (>= netstandard1.1) (< netstandard1.3) (< monoandroid) (< win8) (< wpa81)) (&& (< net45) (>= netstandard1.3) (< monotouch) (< xamarintvos) (< xamarinwatchos) (< xamarinios) (< xamarinmac) (< win8) (< wpa81)) (>= dnxcore50)
      System.Runtime.Extensions (>= 4.3) - restriction: || (&& (< net45) (>= netstandard1.3) (< monotouch) (< xamarintvos) (< xamarinwatchos) (< xamarinios) (< xamarinmac) (< win8) (< wpa81)) (>= dnxcore50)
      System.Threading (>= 4.3) - restriction: || (&& (< net45) (>= netstandard1.3) (< monotouch) (< xamarintvos) (< xamarinwatchos) (< xamarinios) (< xamarinmac) (< win8) (< wpa81)) (>= dnxcore50)
      System.Threading.Tasks (>= 4.3) - restriction: || (&& (< net45) (>= netstandard1.1) (< netstandard1.3) (< monoandroid) (< win8) (< wpa81)) (&& (< net45) (>= netstandard1.3) (< monotouch) (< xamarintvos) (< xamarinwatchos) (< xamarinios) (< xamarinmac) (< win8) (< wpa81)) (>= dnxcore50)
    System.Collections.Immutable (1.4) - restriction: || (>= netstandard1.6) (&& (>= netstandard2.0) (< netcoreapp2.0))
      NETStandard.Library (>= 1.6.1) - restriction: && (>= netstandard1.0) (< netstandard2.0) (< xamarinmac)
    System.Collections.NonGeneric (4.3) - restriction: || (&& (>= net462) (>= netstandard1.6)) (&& (>= netstandard1.6) (< monotouch) (< xamarintvos) (< xamarinwatchos) (< xamarinios) (< xamarinmac))
      System.Diagnostics.Debug (>= 4.3) - restriction: && (< net46) (>= netstandard1.3) (< monotouch) (< xamarintvos) (< xamarinwatchos) (< xamarinios) (< xamarinmac)
      System.Globalization (>= 4.3) - restriction: && (< net46) (>= netstandard1.3) (< monotouch) (< xamarintvos) (< xamarinwatchos) (< xamarinios) (< xamarinmac)
      System.Resources.ResourceManager (>= 4.3) - restriction: && (< net46) (>= netstandard1.3) (< monotouch) (< xamarintvos) (< xamarinwatchos) (< xamarinios) (< xamarinmac)
      System.Runtime (>= 4.3) - restriction: && (< net46) (>= netstandard1.3) (< monotouch) (< xamarintvos) (< xamarinwatchos) (< xamarinios) (< xamarinmac)
      System.Runtime.Extensions (>= 4.3) - restriction: && (< net46) (>= netstandard1.3) (< monotouch) (< xamarintvos) (< xamarinwatchos) (< xamarinios) (< xamarinmac)
      System.Threading (>= 4.3) - restriction: && (< net46) (>= netstandard1.3) (< monotouch) (< xamarintvos) (< xamarinwatchos) (< xamarinios) (< xamarinmac)
    System.Collections.Specialized (4.3) - restriction: && (>= netstandard1.6) (< monotouch) (< xamarintvos) (< xamarinwatchos) (< xamarinios) (< xamarinmac)
      System.Collections.NonGeneric (>= 4.3) - restriction: && (< net46) (>= netstandard1.3) (< monotouch) (< xamarintvos) (< xamarinwatchos) (< xamarinios) (< xamarinmac)
      System.Globalization (>= 4.3) - restriction: && (< net46) (>= netstandard1.3) (< monotouch) (< xamarintvos) (< xamarinwatchos) (< xamarinios) (< xamarinmac)
      System.Globalization.Extensions (>= 4.3) - restriction: && (< net46) (>= netstandard1.3) (< monotouch) (< xamarintvos) (< xamarinwatchos) (< xamarinios) (< xamarinmac)
      System.Resources.ResourceManager (>= 4.3) - restriction: && (< net46) (>= netstandard1.3) (< monotouch) (< xamarintvos) (< xamarinwatchos) (< xamarinios) (< xamarinmac)
      System.Runtime (>= 4.3) - restriction: && (< net46) (>= netstandard1.3) (< monotouch) (< xamarintvos) (< xamarinwatchos) (< xamarinios) (< xamarinmac)
      System.Runtime.Extensions (>= 4.3) - restriction: && (< net46) (>= netstandard1.3) (< monotouch) (< xamarintvos) (< xamarinwatchos) (< xamarinios) (< xamarinmac)
      System.Threading (>= 4.3) - restriction: && (< net46) (>= netstandard1.3) (< monotouch) (< xamarintvos) (< xamarinwatchos) (< xamarinios) (< xamarinmac)
    System.ComponentModel (4.3) - restriction: || (&& (< netstandard1.5) (>= netstandard1.6) (< monoandroid)) (&& (>= netstandard1.6) (< monotouch) (< xamarintvos) (< xamarinwatchos) (< xamarinios) (< xamarinmac))
      System.Runtime (>= 4.3) - restriction: || (&& (< net45) (>= netstandard1.0) (< netstandard1.3) (< monoandroid) (< win8) (< wp8) (< wpa81)) (&& (< net45) (>= netstandard1.3) (< monotouch) (< xamarintvos) (< xamarinwatchos) (< xamarinios) (< xamarinmac) (< win8) (< wpa81)) (>= dnxcore50)
    System.ComponentModel.Primitives (4.3) - restriction: || (&& (>= net45) (< netstandard1.5) (>= netstandard1.6)) (&& (>= net462) (>= netstandard1.6)) (&& (< netstandard1.0) (>= netstandard1.6) (>= win8)) (&& (< netstandard1.5) (>= netstandard1.6) (< monoandroid)) (&& (>= netstandard1.6) (< monotouch) (< xamarintvos) (< xamarinwatchos) (< xamarinios) (< xamarinmac)) (&& (>= netstandard1.6) (>= wp8)) (&& (>= netstandard1.6) (>= wpa81))
      System.ComponentModel (>= 4.3) - restriction: && (< net45) (>= netstandard1.0) (< monotouch) (< xamarintvos) (< xamarinwatchos) (< xamarinios) (< xamarinmac) (< win8) (< wp8) (< wpa81)
      System.Resources.ResourceManager (>= 4.3) - restriction: && (< net45) (>= netstandard1.0) (< monotouch) (< xamarintvos) (< xamarinwatchos) (< xamarinios) (< xamarinmac) (< win8) (< wp8) (< wpa81)
      System.Runtime (>= 4.3) - restriction: && (< net45) (>= netstandard1.0) (< monotouch) (< xamarintvos) (< xamarinwatchos) (< xamarinios) (< xamarinmac) (< win8) (< wp8) (< wpa81)
    System.ComponentModel.TypeConverter (4.3) - restriction: >= netstandard1.6
      System.Collections (>= 4.3) - restriction: || (&& (< net45) (>= netstandard1.0) (< netstandard1.5) (< monoandroid) (< win8) (< wp8) (< wpa81)) (&& (< net45) (>= netstandard1.5) (< monotouch) (< xamarintvos) (< xamarinwatchos) (< xamarinios) (< xamarinmac))
      System.Collections.NonGeneric (>= 4.3) - restriction: || (&& (< net45) (>= netstandard1.5) (< monotouch) (< xamarintvos) (< xamarinwatchos) (< xamarinios) (< xamarinmac)) (>= net462)
      System.Collections.Specialized (>= 4.3) - restriction: && (< net45) (>= netstandard1.5) (< monotouch) (< xamarintvos) (< xamarinwatchos) (< xamarinios) (< xamarinmac)
      System.ComponentModel (>= 4.3) - restriction: || (&& (< net45) (>= netstandard1.0) (< netstandard1.5) (< monoandroid) (< win8) (< wp8) (< wpa81)) (&& (< net45) (>= netstandard1.5) (< monotouch) (< xamarintvos) (< xamarinwatchos) (< xamarinios) (< xamarinmac))
      System.ComponentModel.Primitives (>= 4.3) - restriction: || (&& (>= net45) (< netstandard1.5)) (&& (< net45) (>= netstandard1.0) (< netstandard1.5) (< monoandroid) (< win8)) (&& (< net45) (>= netstandard1.5) (< monotouch) (< xamarintvos) (< xamarinwatchos) (< xamarinios) (< xamarinmac)) (>= net462) (&& (< netstandard1.0) (>= win8)) (>= wp8) (>= wpa81)
      System.Globalization (>= 4.3) - restriction: || (&& (< net45) (>= netstandard1.0) (< netstandard1.5) (< monoandroid) (< win8) (< wp8) (< wpa81)) (&& (< net45) (>= netstandard1.5) (< monotouch) (< xamarintvos) (< xamarinwatchos) (< xamarinios) (< xamarinmac))
      System.Linq (>= 4.3) - restriction: && (< net45) (>= netstandard1.5) (< monotouch) (< xamarintvos) (< xamarinwatchos) (< xamarinios) (< xamarinmac)
      System.Reflection (>= 4.3) - restriction: || (&& (< net45) (>= netstandard1.0) (< netstandard1.5) (< monoandroid) (< win8) (< wp8) (< wpa81)) (&& (< net45) (>= netstandard1.5) (< monotouch) (< xamarintvos) (< xamarinwatchos) (< xamarinios) (< xamarinmac))
      System.Reflection.Extensions (>= 4.3) - restriction: || (&& (< net45) (>= netstandard1.0) (< netstandard1.5) (< monoandroid) (< win8) (< wp8) (< wpa81)) (&& (< net45) (>= netstandard1.5) (< monotouch) (< xamarintvos) (< xamarinwatchos) (< xamarinios) (< xamarinmac))
      System.Reflection.Primitives (>= 4.3) - restriction: || (&& (< net45) (>= netstandard1.0) (< netstandard1.5) (< monoandroid) (< win8) (< wp8) (< wpa81)) (&& (< net45) (>= netstandard1.5) (< monotouch) (< xamarintvos) (< xamarinwatchos) (< xamarinios) (< xamarinmac))
      System.Reflection.TypeExtensions (>= 4.3) - restriction: && (< net45) (>= netstandard1.5) (< monotouch) (< xamarintvos) (< xamarinwatchos) (< xamarinios) (< xamarinmac)
      System.Resources.ResourceManager (>= 4.3) - restriction: || (&& (< net45) (>= netstandard1.0) (< netstandard1.5) (< monoandroid) (< win8) (< wp8) (< wpa81)) (&& (< net45) (>= netstandard1.5) (< monotouch) (< xamarintvos) (< xamarinwatchos) (< xamarinios) (< xamarinmac))
      System.Runtime (>= 4.3) - restriction: || (&& (< net45) (>= netstandard1.0) (< netstandard1.5) (< monoandroid) (< win8) (< wp8) (< wpa81)) (&& (< net45) (>= netstandard1.5) (< monotouch) (< xamarintvos) (< xamarinwatchos) (< xamarinios) (< xamarinmac))
      System.Runtime.Extensions (>= 4.3) - restriction: || (&& (< net45) (>= netstandard1.0) (< netstandard1.5) (< monoandroid) (< win8) (< wp8) (< wpa81)) (&& (< net45) (>= netstandard1.5) (< monotouch) (< xamarintvos) (< xamarinwatchos) (< xamarinios) (< xamarinmac))
      System.Threading (>= 4.3) - restriction: || (&& (< net45) (>= netstandard1.0) (< netstandard1.5) (< monoandroid) (< win8) (< wp8) (< wpa81)) (&& (< net45) (>= netstandard1.5) (< monotouch) (< xamarintvos) (< xamarinwatchos) (< xamarinios) (< xamarinmac))
    System.Console (4.3) - restriction: >= netstandard1.6
      Microsoft.NETCore.Platforms (>= 1.1) - restriction: && (< net46) (>= netstandard1.3) (< monotouch) (< xamarintvos) (< xamarinwatchos) (< xamarinios) (< xamarinmac)
      Microsoft.NETCore.Targets (>= 1.1) - restriction: && (< net46) (>= netstandard1.3) (< monotouch) (< xamarintvos) (< xamarinwatchos) (< xamarinios) (< xamarinmac)
      System.IO (>= 4.3) - restriction: && (< net46) (>= netstandard1.3) (< monotouch) (< xamarintvos) (< xamarinwatchos) (< xamarinios) (< xamarinmac)
      System.Runtime (>= 4.3) - restriction: && (< net46) (>= netstandard1.3) (< monotouch) (< xamarintvos) (< xamarinwatchos) (< xamarinios) (< xamarinmac)
      System.Text.Encoding (>= 4.3) - restriction: && (< net46) (>= netstandard1.3) (< monotouch) (< xamarintvos) (< xamarinwatchos) (< xamarinios) (< xamarinmac)
    System.Diagnostics.Debug (4.3) - restriction: >= netstandard1.6
      Microsoft.NETCore.Platforms (>= 1.1) - restriction: || (&& (< net45) (>= netstandard1.0) (< netstandard1.3) (< monoandroid) (< win8) (< wp8) (< wpa81)) (&& (< net45) (>= netstandard1.3) (< monotouch) (< xamarintvos) (< xamarinwatchos) (< xamarinios) (< xamarinmac) (< win8) (< wpa81)) (>= dnxcore50)
      Microsoft.NETCore.Targets (>= 1.1) - restriction: || (&& (< net45) (>= netstandard1.0) (< netstandard1.3) (< monoandroid) (< win8) (< wp8) (< wpa81)) (&& (< net45) (>= netstandard1.3) (< monotouch) (< xamarintvos) (< xamarinwatchos) (< xamarinios) (< xamarinmac) (< win8) (< wpa81)) (>= dnxcore50)
      System.Runtime (>= 4.3) - restriction: || (&& (< net45) (>= netstandard1.0) (< netstandard1.3) (< monoandroid) (< win8) (< wp8) (< wpa81)) (&& (< net45) (>= netstandard1.3) (< monotouch) (< xamarintvos) (< xamarinwatchos) (< xamarinios) (< xamarinmac) (< win8) (< wpa81)) (>= dnxcore50)
    System.Diagnostics.DiagnosticSource (4.4.1) - restriction: || (&& (>= net46) (< netstandard1.4) (>= netstandard1.6)) (&& (>= uap10.0) (>= netstandard1.6)) (&& (>= dnxcore50) (>= netstandard1.6)) (&& (< netstandard1.3) (>= netstandard1.6) (< monoandroid)) (&& (< netstandard1.4) (>= netstandard1.6) (< monoandroid)) (&& (< netstandard1.5) (>= netstandard1.6) (< monoandroid)) (&& (>= netstandard1.6) (< monotouch) (< xamarintvos) (< xamarinwatchos) (< xamarinios) (< xamarinmac)) (&& (>= netstandard1.6) (< portable-net451+win81+wpa81))
      System.Collections (>= 4.3) - restriction: || (&& (< net45) (>= netstandard1.1) (< netstandard1.3)) (&& (< net45) (>= netstandard1.3) (< netcoreapp2.0) (< xamarinmac))
      System.Diagnostics.Debug (>= 4.3) - restriction: && (< net45) (>= netstandard1.3) (< netcoreapp2.0) (< xamarinmac)
      System.Diagnostics.Tracing (>= 4.3) - restriction: || (&& (< net45) (>= netstandard1.1) (< netstandard1.3)) (&& (< net45) (>= netstandard1.3) (< netcoreapp2.0) (< xamarinmac))
      System.Reflection (>= 4.3) - restriction: || (&& (< net45) (>= netstandard1.1) (< netstandard1.3)) (&& (< net45) (>= netstandard1.3) (< netcoreapp2.0) (< xamarinmac))
      System.Runtime (>= 4.3) - restriction: || (&& (< net45) (>= netstandard1.1) (< netstandard1.3)) (&& (< net45) (>= netstandard1.3) (< netcoreapp2.0) (< xamarinmac))
      System.Runtime.Extensions (>= 4.3) - restriction: && (< net45) (>= netstandard1.3) (< netcoreapp2.0) (< xamarinmac)
      System.Threading (>= 4.3) - restriction: || (&& (< net45) (>= netstandard1.1) (< netstandard1.3)) (&& (< net45) (>= netstandard1.3) (< netcoreapp2.0) (< xamarinmac))
    System.Diagnostics.Tools (4.3) - restriction: >= netstandard1.6
      Microsoft.NETCore.Platforms (>= 1.1) - restriction: || (&& (< net45) (>= netstandard1.0) (< monotouch) (< xamarintvos) (< xamarinwatchos) (< xamarinios) (< xamarinmac) (< win8) (< wp8) (< wpa81)) (>= dnxcore50)
      Microsoft.NETCore.Targets (>= 1.1) - restriction: || (&& (< net45) (>= netstandard1.0) (< monotouch) (< xamarintvos) (< xamarinwatchos) (< xamarinios) (< xamarinmac) (< win8) (< wp8) (< wpa81)) (>= dnxcore50)
      System.Runtime (>= 4.3) - restriction: || (&& (< net45) (>= netstandard1.0) (< monotouch) (< xamarintvos) (< xamarinwatchos) (< xamarinios) (< xamarinmac) (< win8) (< wp8) (< wpa81)) (>= dnxcore50)
    System.Diagnostics.Tracing (4.3) - restriction: || (&& (>= net46) (< netstandard1.4) (>= netstandard1.6)) (&& (>= uap10.0) (>= netstandard1.6)) (&& (>= dnxcore50) (>= netstandard1.6)) (&& (< netstandard1.3) (>= netstandard1.6)) (&& (< netstandard1.4) (>= netstandard1.6) (< monoandroid)) (&& (< netstandard1.5) (>= netstandard1.6) (< monoandroid)) (&& (>= netstandard1.6) (< monotouch) (< xamarintvos) (< xamarinwatchos) (< xamarinios) (< xamarinmac)) (&& (>= netstandard1.6) (< portable-net451+win81+wpa81))
      Microsoft.NETCore.Platforms (>= 1.1) - restriction: || (&& (< net45) (>= netstandard1.1) (< netstandard1.2) (< monoandroid) (< win8)) (&& (< net45) (>= netstandard1.2) (< netstandard1.3) (< monoandroid) (< win8) (< wpa81)) (&& (< net45) (>= netstandard1.3) (< netstandard1.5) (< monoandroid) (< win8) (< wpa81)) (&& (< net45) (>= netstandard1.5) (< monotouch) (< xamarintvos) (< xamarinwatchos) (< xamarinios) (< xamarinmac)) (>= dnxcore50)
      Microsoft.NETCore.Targets (>= 1.1) - restriction: || (&& (< net45) (>= netstandard1.1) (< netstandard1.2) (< monoandroid) (< win8)) (&& (< net45) (>= netstandard1.2) (< netstandard1.3) (< monoandroid) (< win8) (< wpa81)) (&& (< net45) (>= netstandard1.3) (< netstandard1.5) (< monoandroid) (< win8) (< wpa81)) (&& (< net45) (>= netstandard1.5) (< monotouch) (< xamarintvos) (< xamarinwatchos) (< xamarinios) (< xamarinmac)) (>= dnxcore50)
      System.Runtime (>= 4.3) - restriction: || (&& (< net45) (>= netstandard1.1) (< netstandard1.2) (< monoandroid) (< win8)) (&& (< net45) (>= netstandard1.2) (< netstandard1.3) (< monoandroid) (< win8) (< wpa81)) (&& (< net45) (>= netstandard1.3) (< netstandard1.5) (< monoandroid) (< win8) (< wpa81)) (&& (< net45) (>= netstandard1.5) (< monotouch) (< xamarintvos) (< xamarinwatchos) (< xamarinios) (< xamarinmac)) (>= dnxcore50)
    System.Dynamic.Runtime (4.3) - restriction: || (&& (>= dnxcore50) (>= netstandard1.6)) (&& (< netstandard1.3) (>= netstandard1.6) (< monoandroid)) (&& (>= netstandard1.6) (< netstandard2.0) (< monotouch) (< xamarintvos) (< xamarinwatchos) (< xamarinios) (< xamarinmac))
      System.Collections (>= 4.3) - restriction: || (&& (< net45) (>= netstandard1.3) (< monotouch) (< xamarintvos) (< xamarinwatchos) (< xamarinios) (< xamarinmac) (< win8) (< wpa81)) (>= dnxcore50)
      System.Diagnostics.Debug (>= 4.3) - restriction: || (&& (< net45) (>= netstandard1.3) (< monotouch) (< xamarintvos) (< xamarinwatchos) (< xamarinios) (< xamarinmac) (< win8) (< wpa81)) (>= dnxcore50)
      System.Linq (>= 4.3) - restriction: || (&& (< net45) (>= netstandard1.3) (< monotouch) (< xamarintvos) (< xamarinwatchos) (< xamarinios) (< xamarinmac) (< win8) (< wpa81)) (>= dnxcore50)
      System.Linq.Expressions (>= 4.3) - restriction: || (&& (< net45) (>= netstandard1.0) (< netstandard1.3) (< monoandroid) (< win8) (< wp8) (< wpa81)) (&& (< net45) (>= netstandard1.3) (< monotouch) (< xamarintvos) (< xamarinwatchos) (< xamarinios) (< xamarinmac) (< win8) (< wpa81)) (>= dnxcore50)
      System.ObjectModel (>= 4.3) - restriction: || (&& (< net45) (>= netstandard1.0) (< netstandard1.3) (< monoandroid) (< win8) (< wp8) (< wpa81)) (&& (< net45) (>= netstandard1.3) (< monotouch) (< xamarintvos) (< xamarinwatchos) (< xamarinios) (< xamarinmac) (< win8) (< wpa81)) (>= dnxcore50)
      System.Reflection (>= 4.3) - restriction: || (&& (< net45) (>= netstandard1.0) (< netstandard1.3) (< monoandroid) (< win8) (< wp8) (< wpa81)) (&& (< net45) (>= netstandard1.3) (< monotouch) (< xamarintvos) (< xamarinwatchos) (< xamarinios) (< xamarinmac) (< win8) (< wpa81)) (>= dnxcore50)
      System.Reflection.Emit (>= 4.3) - restriction: && (< net45) (>= netstandard1.3) (< monotouch) (< xamarintvos) (< xamarinwatchos) (< xamarinios) (< xamarinmac) (< win8) (< wpa81)
      System.Reflection.Emit.ILGeneration (>= 4.3) - restriction: && (< net45) (>= netstandard1.3) (< monotouch) (< xamarintvos) (< xamarinwatchos) (< xamarinios) (< xamarinmac) (< win8) (< wpa81)
      System.Reflection.Primitives (>= 4.3) - restriction: && (< net45) (>= netstandard1.3) (< monotouch) (< xamarintvos) (< xamarinwatchos) (< xamarinios) (< xamarinmac) (< win8) (< wpa81)
      System.Reflection.TypeExtensions (>= 4.3) - restriction: || (&& (< net45) (>= netstandard1.3) (< monotouch) (< xamarintvos) (< xamarinwatchos) (< xamarinios) (< xamarinmac) (< win8) (< wpa81)) (>= dnxcore50)
      System.Resources.ResourceManager (>= 4.3) - restriction: || (&& (< net45) (>= netstandard1.3) (< monotouch) (< xamarintvos) (< xamarinwatchos) (< xamarinios) (< xamarinmac) (< win8) (< wpa81)) (>= dnxcore50)
      System.Runtime (>= 4.3) - restriction: || (&& (< net45) (>= netstandard1.0) (< netstandard1.3) (< monoandroid) (< win8) (< wp8) (< wpa81)) (&& (< net45) (>= netstandard1.3) (< monotouch) (< xamarintvos) (< xamarinwatchos) (< xamarinios) (< xamarinmac) (< win8) (< wpa81)) (>= dnxcore50)
      System.Runtime.Extensions (>= 4.3) - restriction: || (&& (< net45) (>= netstandard1.3) (< monotouch) (< xamarintvos) (< xamarinwatchos) (< xamarinios) (< xamarinmac) (< win8) (< wpa81)) (>= dnxcore50)
      System.Threading (>= 4.3) - restriction: || (&& (< net45) (>= netstandard1.3) (< monotouch) (< xamarintvos) (< xamarinwatchos) (< xamarinios) (< xamarinmac) (< win8) (< wpa81)) (>= dnxcore50)
    System.Globalization (4.3) - restriction: >= netstandard1.6
      Microsoft.NETCore.Platforms (>= 1.1) - restriction: || (&& (< net45) (>= netstandard1.0) (< netstandard1.3) (< monoandroid) (< win8) (< wp8) (< wpa81)) (&& (< net45) (>= netstandard1.3) (< monotouch) (< xamarintvos) (< xamarinwatchos) (< xamarinios) (< xamarinmac) (< win8) (< wpa81)) (>= dnxcore50)
      Microsoft.NETCore.Targets (>= 1.1) - restriction: || (&& (< net45) (>= netstandard1.0) (< netstandard1.3) (< monoandroid) (< win8) (< wp8) (< wpa81)) (&& (< net45) (>= netstandard1.3) (< monotouch) (< xamarintvos) (< xamarinwatchos) (< xamarinios) (< xamarinmac) (< win8) (< wpa81)) (>= dnxcore50)
      System.Runtime (>= 4.3) - restriction: || (&& (< net45) (>= netstandard1.0) (< netstandard1.3) (< monoandroid) (< win8) (< wp8) (< wpa81)) (&& (< net45) (>= netstandard1.3) (< monotouch) (< xamarintvos) (< xamarinwatchos) (< xamarinios) (< xamarinmac) (< win8) (< wpa81)) (>= dnxcore50)
    System.Globalization.Calendars (4.3) - restriction: || (&& (>= net46) (>= netstandard1.6)) (&& (>= uap10.0) (>= netstandard1.6)) (&& (>= dnxcore50) (>= netstandard1.6)) (&& (< netstandard1.3) (>= netstandard1.6) (< monoandroid)) (&& (< netstandard1.4) (>= netstandard1.6) (< monoandroid)) (&& (< netstandard1.5) (>= netstandard1.6) (< monoandroid)) (&& (>= netstandard1.6) (< monotouch) (< xamarintvos) (< xamarinwatchos) (< xamarinios) (< xamarinmac)) (&& (>= netstandard1.6) (< portable-net451+win81+wpa81))
      Microsoft.NETCore.Platforms (>= 1.1) - restriction: && (< net46) (>= netstandard1.3) (< monotouch) (< xamarintvos) (< xamarinwatchos) (< xamarinios) (< xamarinmac)
      Microsoft.NETCore.Targets (>= 1.1) - restriction: && (< net46) (>= netstandard1.3) (< monotouch) (< xamarintvos) (< xamarinwatchos) (< xamarinios) (< xamarinmac)
      System.Globalization (>= 4.3) - restriction: && (< net46) (>= netstandard1.3) (< monotouch) (< xamarintvos) (< xamarinwatchos) (< xamarinios) (< xamarinmac)
      System.Runtime (>= 4.3) - restriction: && (< net46) (>= netstandard1.3) (< monotouch) (< xamarintvos) (< xamarinwatchos) (< xamarinios) (< xamarinmac)
    System.Globalization.Extensions (4.3) - restriction: || (&& (>= net46) (< netstandard1.4) (>= netstandard1.6)) (&& (>= uap10.0) (>= netstandard1.6)) (&& (>= dnxcore50) (>= netstandard1.6)) (&& (< netstandard1.3) (>= netstandard1.6) (< monoandroid)) (&& (< netstandard1.4) (>= netstandard1.6) (< monoandroid)) (&& (< netstandard1.5) (>= netstandard1.6) (< monoandroid)) (&& (>= netstandard1.6) (< monotouch) (< xamarintvos) (< xamarinwatchos) (< xamarinios) (< xamarinmac)) (&& (>= netstandard1.6) (< portable-net451+win81+wpa81))
      Microsoft.NETCore.Platforms (>= 1.1) - restriction: && (< net46) (>= netstandard1.3) (< monotouch) (< xamarintvos) (< xamarinwatchos) (< xamarinios) (< xamarinmac)
      System.Globalization (>= 4.3) - restriction: && (< net46) (>= netstandard1.3) (< monotouch) (< xamarintvos) (< xamarinwatchos) (< xamarinios) (< xamarinmac)
      System.Resources.ResourceManager (>= 4.3) - restriction: && (< net46) (>= netstandard1.3) (< monotouch) (< xamarintvos) (< xamarinwatchos) (< xamarinios) (< xamarinmac)
      System.Runtime (>= 4.3) - restriction: && (< net46) (>= netstandard1.3) (< monotouch) (< xamarintvos) (< xamarinwatchos) (< xamarinios) (< xamarinmac)
      System.Runtime.Extensions (>= 4.3) - restriction: && (< net46) (>= netstandard1.3) (< monotouch) (< xamarintvos) (< xamarinwatchos) (< xamarinios) (< xamarinmac)
      System.Runtime.InteropServices (>= 4.3) - restriction: && (< net46) (>= netstandard1.3) (< monotouch) (< xamarintvos) (< xamarinwatchos) (< xamarinios) (< xamarinmac)
    System.IO (4.3) - restriction: >= netstandard1.6
      Microsoft.NETCore.Platforms (>= 1.1) - restriction: || (&& (< net45) (>= netstandard1.0) (< netstandard1.3) (< monoandroid) (< win8) (< wp8) (< wpa81)) (&& (< net45) (>= netstandard1.3) (< netstandard1.5) (< monoandroid) (< win8) (< wpa81)) (&& (< net45) (>= netstandard1.5) (< monotouch) (< xamarintvos) (< xamarinwatchos) (< xamarinios) (< xamarinmac)) (>= dnxcore50)
      Microsoft.NETCore.Targets (>= 1.1) - restriction: || (&& (< net45) (>= netstandard1.0) (< netstandard1.3) (< monoandroid) (< win8) (< wp8) (< wpa81)) (&& (< net45) (>= netstandard1.3) (< netstandard1.5) (< monoandroid) (< win8) (< wpa81)) (&& (< net45) (>= netstandard1.5) (< monotouch) (< xamarintvos) (< xamarinwatchos) (< xamarinios) (< xamarinmac)) (>= dnxcore50)
      System.Runtime (>= 4.3) - restriction: || (&& (< net45) (>= netstandard1.0) (< netstandard1.3) (< monoandroid) (< win8) (< wp8) (< wpa81)) (&& (< net45) (>= netstandard1.3) (< netstandard1.5) (< monoandroid) (< win8) (< wpa81)) (&& (< net45) (>= netstandard1.5) (< monotouch) (< xamarintvos) (< xamarinwatchos) (< xamarinios) (< xamarinmac)) (>= dnxcore50)
      System.Text.Encoding (>= 4.3) - restriction: || (&& (< net45) (>= netstandard1.0) (< netstandard1.3) (< monoandroid) (< win8) (< wp8) (< wpa81)) (&& (< net45) (>= netstandard1.3) (< netstandard1.5) (< monoandroid) (< win8) (< wpa81)) (&& (< net45) (>= netstandard1.5) (< monotouch) (< xamarintvos) (< xamarinwatchos) (< xamarinios) (< xamarinmac)) (>= dnxcore50)
      System.Threading.Tasks (>= 4.3) - restriction: || (&& (< net45) (>= netstandard1.0) (< netstandard1.3) (< monoandroid) (< win8) (< wp8) (< wpa81)) (&& (< net45) (>= netstandard1.3) (< netstandard1.5) (< monoandroid) (< win8) (< wpa81)) (&& (< net45) (>= netstandard1.5) (< monotouch) (< xamarintvos) (< xamarinwatchos) (< xamarinios) (< xamarinmac)) (>= dnxcore50)
    System.IO.Compression (4.3) - restriction: || (&& (>= net46) (< netstandard1.4) (>= netstandard1.6)) (&& (>= uap10.0) (>= netstandard1.6)) (&& (< netstandard1.3) (>= netstandard1.6) (< monoandroid)) (&& (< netstandard1.4) (>= netstandard1.6) (< monoandroid)) (&& (< netstandard1.5) (>= netstandard1.6) (< monoandroid)) (&& (>= netstandard1.6) (< netstandard2.0) (< monotouch) (< xamarintvos) (< xamarinwatchos) (< xamarinios) (< xamarinmac)) (&& (>= netstandard1.6) (< portable-net451+win81+wpa81))
      Microsoft.NETCore.Platforms (>= 1.1) - restriction: && (< net45) (>= netstandard1.3) (< monotouch) (< xamarintvos) (< xamarinwatchos) (< xamarinios) (< xamarinmac) (< win8) (< wpa81)
      runtime.native.System (>= 4.3) - restriction: && (< net45) (>= netstandard1.3) (< monotouch) (< xamarintvos) (< xamarinwatchos) (< xamarinios) (< xamarinmac) (< win8) (< wpa81)
      runtime.native.System.IO.Compression (>= 4.3) - restriction: || (&& (< net45) (>= netstandard1.3) (< monotouch) (< xamarintvos) (< xamarinwatchos) (< xamarinios) (< xamarinmac) (< win8) (< wpa81)) (>= dnxcore50)
      System.Buffers (>= 4.3) - restriction: || (&& (< net45) (>= netstandard1.3) (< monotouch) (< xamarintvos) (< xamarinwatchos) (< xamarinios) (< xamarinmac) (< win8) (< wpa81)) (>= dnxcore50)
      System.Collections (>= 4.3) - restriction: || (&& (< net45) (>= netstandard1.3) (< monotouch) (< xamarintvos) (< xamarinwatchos) (< xamarinios) (< xamarinmac) (< win8) (< wpa81)) (>= dnxcore50)
      System.Diagnostics.Debug (>= 4.3) - restriction: || (&& (< net45) (>= netstandard1.3) (< monotouch) (< xamarintvos) (< xamarinwatchos) (< xamarinios) (< xamarinmac) (< win8) (< wpa81)) (>= dnxcore50)
      System.IO (>= 4.3) - restriction: || (&& (< net45) (>= netstandard1.1) (< netstandard1.3) (< monoandroid) (< win8) (< wpa81)) (&& (< net45) (>= netstandard1.3) (< monotouch) (< xamarintvos) (< xamarinwatchos) (< xamarinios) (< xamarinmac) (< win8) (< wpa81)) (>= dnxcore50)
      System.Resources.ResourceManager (>= 4.3) - restriction: || (&& (< net45) (>= netstandard1.3) (< monotouch) (< xamarintvos) (< xamarinwatchos) (< xamarinios) (< xamarinmac) (< win8) (< wpa81)) (>= dnxcore50)
      System.Runtime (>= 4.3) - restriction: || (&& (< net45) (>= netstandard1.1) (< netstandard1.3) (< monoandroid) (< win8) (< wpa81)) (&& (< net45) (>= netstandard1.3) (< monotouch) (< xamarintvos) (< xamarinwatchos) (< xamarinios) (< xamarinmac) (< win8) (< wpa81)) (>= dnxcore50)
      System.Runtime.Extensions (>= 4.3) - restriction: || (&& (< net45) (>= netstandard1.3) (< monotouch) (< xamarintvos) (< xamarinwatchos) (< xamarinios) (< xamarinmac) (< win8) (< wpa81)) (>= dnxcore50)
      System.Runtime.Handles (>= 4.3) - restriction: || (&& (< net45) (>= netstandard1.3) (< monotouch) (< xamarintvos) (< xamarinwatchos) (< xamarinios) (< xamarinmac) (< win8) (< wpa81)) (>= dnxcore50)
      System.Runtime.InteropServices (>= 4.3) - restriction: || (&& (< net45) (>= netstandard1.3) (< monotouch) (< xamarintvos) (< xamarinwatchos) (< xamarinios) (< xamarinmac) (< win8) (< wpa81)) (>= dnxcore50)
      System.Text.Encoding (>= 4.3) - restriction: || (&& (< net45) (>= netstandard1.1) (< netstandard1.3) (< monoandroid) (< win8) (< wpa81)) (&& (< net45) (>= netstandard1.3) (< monotouch) (< xamarintvos) (< xamarinwatchos) (< xamarinios) (< xamarinmac) (< win8) (< wpa81)) (>= dnxcore50)
      System.Threading (>= 4.3) - restriction: || (&& (< net45) (>= netstandard1.3) (< monotouch) (< xamarintvos) (< xamarinwatchos) (< xamarinios) (< xamarinmac) (< win8) (< wpa81)) (>= dnxcore50)
      System.Threading.Tasks (>= 4.3) - restriction: || (&& (< net45) (>= netstandard1.3) (< monotouch) (< xamarintvos) (< xamarinwatchos) (< xamarinios) (< xamarinmac) (< win8) (< wpa81)) (>= dnxcore50)
    System.IO.Compression.ZipFile (4.3) - restriction: || (&& (>= net46) (< netstandard1.4) (>= netstandard1.6)) (&& (>= uap10.0) (>= netstandard1.6)) (&& (< netstandard1.4) (>= netstandard1.6) (< monoandroid)) (&& (< netstandard1.5) (>= netstandard1.6) (< monoandroid)) (&& (>= netstandard1.6) (< netstandard2.0) (< monotouch) (< xamarintvos) (< xamarinwatchos) (< xamarinios) (< xamarinmac))
      System.Buffers (>= 4.3) - restriction: && (< net46) (>= netstandard1.3) (< monotouch) (< xamarintvos) (< xamarinwatchos) (< xamarinios) (< xamarinmac)
      System.IO (>= 4.3) - restriction: && (< net46) (>= netstandard1.3) (< monotouch) (< xamarintvos) (< xamarinwatchos) (< xamarinios) (< xamarinmac)
      System.IO.Compression (>= 4.3) - restriction: && (< net46) (>= netstandard1.3) (< monotouch) (< xamarintvos) (< xamarinwatchos) (< xamarinios) (< xamarinmac)
      System.IO.FileSystem (>= 4.3) - restriction: && (< net46) (>= netstandard1.3) (< monotouch) (< xamarintvos) (< xamarinwatchos) (< xamarinios) (< xamarinmac)
      System.IO.FileSystem.Primitives (>= 4.3) - restriction: && (< net46) (>= netstandard1.3) (< monotouch) (< xamarintvos) (< xamarinwatchos) (< xamarinios) (< xamarinmac)
      System.Resources.ResourceManager (>= 4.3) - restriction: && (< net46) (>= netstandard1.3) (< monotouch) (< xamarintvos) (< xamarinwatchos) (< xamarinios) (< xamarinmac)
      System.Runtime (>= 4.3) - restriction: && (< net46) (>= netstandard1.3) (< monotouch) (< xamarintvos) (< xamarinwatchos) (< xamarinios) (< xamarinmac)
      System.Runtime.Extensions (>= 4.3) - restriction: && (< net46) (>= netstandard1.3) (< monotouch) (< xamarintvos) (< xamarinwatchos) (< xamarinios) (< xamarinmac)
      System.Text.Encoding (>= 4.3) - restriction: && (< net46) (>= netstandard1.3) (< monotouch) (< xamarintvos) (< xamarinwatchos) (< xamarinios) (< xamarinmac)
    System.IO.FileSystem (4.3) - restriction: || (&& (>= net46) (< netstandard1.4) (>= netstandard1.6)) (&& (>= uap10.0) (>= netstandard1.6)) (&& (>= dnxcore50) (>= netstandard1.6)) (&& (< netstandard1.3) (>= netstandard1.6) (< monoandroid)) (&& (< netstandard1.4) (>= netstandard1.6) (< monoandroid)) (&& (< netstandard1.5) (>= netstandard1.6) (< monoandroid)) (&& (>= netstandard1.6) (< monotouch) (< xamarintvos) (< xamarinwatchos) (< xamarinios) (< xamarinmac)) (&& (>= netstandard1.6) (< portable-net45+win8+wpa81)) (&& (>= netstandard1.6) (< portable-net451+win81+wpa81))
      Microsoft.NETCore.Platforms (>= 1.1) - restriction: && (< net46) (>= netstandard1.3) (< monotouch) (< xamarintvos) (< xamarinwatchos) (< xamarinios) (< xamarinmac)
      Microsoft.NETCore.Targets (>= 1.1) - restriction: && (< net46) (>= netstandard1.3) (< monotouch) (< xamarintvos) (< xamarinwatchos) (< xamarinios) (< xamarinmac)
      System.IO (>= 4.3) - restriction: && (< net46) (>= netstandard1.3) (< monotouch) (< xamarintvos) (< xamarinwatchos) (< xamarinios) (< xamarinmac)
      System.IO.FileSystem.Primitives (>= 4.3) - restriction: || (>= net46) (&& (>= netstandard1.3) (< monotouch) (< xamarintvos) (< xamarinwatchos) (< xamarinios) (< xamarinmac))
      System.Runtime (>= 4.3) - restriction: && (< net46) (>= netstandard1.3) (< monotouch) (< xamarintvos) (< xamarinwatchos) (< xamarinios) (< xamarinmac)
      System.Runtime.Handles (>= 4.3) - restriction: && (< net46) (>= netstandard1.3) (< monotouch) (< xamarintvos) (< xamarinwatchos) (< xamarinios) (< xamarinmac)
      System.Text.Encoding (>= 4.3) - restriction: && (< net46) (>= netstandard1.3) (< monotouch) (< xamarintvos) (< xamarinwatchos) (< xamarinios) (< xamarinmac)
      System.Threading.Tasks (>= 4.3) - restriction: && (< net46) (>= netstandard1.3) (< monotouch) (< xamarintvos) (< xamarinwatchos) (< xamarinios) (< xamarinmac)
    System.IO.FileSystem.Primitives (4.3) - restriction: || (&& (>= net46) (>= netstandard1.6)) (&& (>= uap10.0) (>= netstandard1.6)) (&& (>= dnxcore50) (>= netstandard1.6)) (&& (< netstandard1.3) (>= netstandard1.6) (< monoandroid)) (&& (< netstandard1.4) (>= netstandard1.6) (< monoandroid)) (&& (< netstandard1.5) (>= netstandard1.6) (< monoandroid)) (&& (>= netstandard1.6) (< monotouch) (< xamarintvos) (< xamarinwatchos) (< xamarinios) (< xamarinmac)) (&& (>= netstandard1.6) (< portable-net45+win8+wpa81)) (&& (>= netstandard1.6) (< portable-net451+win81+wpa81))
      System.Runtime (>= 4.3) - restriction: && (< net46) (>= netstandard1.3) (< monotouch) (< xamarintvos) (< xamarinwatchos) (< xamarinios) (< xamarinmac)
    System.Linq (4.3) - restriction: >= netstandard1.6
      System.Collections (>= 4.3) - restriction: || (&& (< net45) (>= netstandard1.0) (< netstandard1.6) (< monoandroid) (< win8) (< wp8) (< wpa81)) (>= dnxcore50) (&& (>= netstandard1.6) (< monotouch) (< xamarintvos) (< xamarinwatchos) (< xamarinios) (< xamarinmac))
      System.Diagnostics.Debug (>= 4.3) - restriction: || (>= dnxcore50) (&& (>= netstandard1.6) (< monotouch) (< xamarintvos) (< xamarinwatchos) (< xamarinios) (< xamarinmac))
      System.Resources.ResourceManager (>= 4.3) - restriction: || (>= dnxcore50) (&& (>= netstandard1.6) (< monotouch) (< xamarintvos) (< xamarinwatchos) (< xamarinios) (< xamarinmac))
      System.Runtime (>= 4.3) - restriction: || (&& (< net45) (>= netstandard1.0) (< netstandard1.6) (< monoandroid) (< win8) (< wp8) (< wpa81)) (>= dnxcore50) (&& (>= netstandard1.6) (< monotouch) (< xamarintvos) (< xamarinwatchos) (< xamarinios) (< xamarinmac))
      System.Runtime.Extensions (>= 4.3) - restriction: || (>= dnxcore50) (&& (>= netstandard1.6) (< monotouch) (< xamarintvos) (< xamarinwatchos) (< xamarinios) (< xamarinmac))
    System.Linq.Expressions (4.3) - restriction: >= netstandard1.6
      System.Collections (>= 4.3) - restriction: || (>= dnxcore50) (&& (>= netstandard1.6) (< monotouch) (< xamarintvos) (< xamarinwatchos) (< xamarinios) (< xamarinmac))
      System.Diagnostics.Debug (>= 4.3) - restriction: || (>= dnxcore50) (&& (>= netstandard1.6) (< monotouch) (< xamarintvos) (< xamarinwatchos) (< xamarinios) (< xamarinmac))
      System.Globalization (>= 4.3) - restriction: || (>= dnxcore50) (&& (>= netstandard1.6) (< monotouch) (< xamarintvos) (< xamarinwatchos) (< xamarinios) (< xamarinmac))
      System.IO (>= 4.3) - restriction: || (>= dnxcore50) (&& (>= netstandard1.6) (< monotouch) (< xamarintvos) (< xamarinwatchos) (< xamarinios) (< xamarinmac))
      System.Linq (>= 4.3) - restriction: || (>= dnxcore50) (&& (>= netstandard1.6) (< monotouch) (< xamarintvos) (< xamarinwatchos) (< xamarinios) (< xamarinmac))
      System.ObjectModel (>= 4.3) - restriction: && (>= netstandard1.6) (< monotouch) (< xamarintvos) (< xamarinwatchos) (< xamarinios) (< xamarinmac)
      System.Reflection (>= 4.3) - restriction: || (&& (< net45) (>= netstandard1.0) (< netstandard1.3) (< monoandroid) (< win8) (< wp8) (< wpa81)) (&& (< net45) (>= netstandard1.3) (< netstandard1.6) (< monoandroid) (< win8) (< wpa81)) (>= dnxcore50) (&& (>= netstandard1.6) (< monotouch) (< xamarintvos) (< xamarinwatchos) (< xamarinios) (< xamarinmac))
      System.Reflection.Emit (>= 4.3) - restriction: && (>= netstandard1.6) (< monotouch) (< xamarintvos) (< xamarinwatchos) (< xamarinios) (< xamarinmac)
      System.Reflection.Emit.ILGeneration (>= 4.3) - restriction: || (>= dnxcore50) (&& (>= netstandard1.6) (< monotouch) (< xamarintvos) (< xamarinwatchos) (< xamarinios) (< xamarinmac))
      System.Reflection.Emit.Lightweight (>= 4.3) - restriction: || (>= dnxcore50) (&& (>= netstandard1.6) (< monotouch) (< xamarintvos) (< xamarinwatchos) (< xamarinios) (< xamarinmac))
      System.Reflection.Extensions (>= 4.3) - restriction: || (>= dnxcore50) (&& (>= netstandard1.6) (< monotouch) (< xamarintvos) (< xamarinwatchos) (< xamarinios) (< xamarinmac))
      System.Reflection.Primitives (>= 4.3) - restriction: || (>= dnxcore50) (&& (>= netstandard1.6) (< monotouch) (< xamarintvos) (< xamarinwatchos) (< xamarinios) (< xamarinmac))
      System.Reflection.TypeExtensions (>= 4.3) - restriction: || (>= dnxcore50) (&& (>= netstandard1.6) (< monotouch) (< xamarintvos) (< xamarinwatchos) (< xamarinios) (< xamarinmac))
      System.Resources.ResourceManager (>= 4.3) - restriction: || (>= dnxcore50) (&& (>= netstandard1.6) (< monotouch) (< xamarintvos) (< xamarinwatchos) (< xamarinios) (< xamarinmac))
      System.Runtime (>= 4.3) - restriction: || (&& (< net45) (>= netstandard1.0) (< netstandard1.3) (< monoandroid) (< win8) (< wp8) (< wpa81)) (&& (< net45) (>= netstandard1.3) (< netstandard1.6) (< monoandroid) (< win8) (< wpa81)) (>= dnxcore50) (&& (>= netstandard1.6) (< monotouch) (< xamarintvos) (< xamarinwatchos) (< xamarinios) (< xamarinmac))
      System.Runtime.Extensions (>= 4.3) - restriction: || (>= dnxcore50) (&& (>= netstandard1.6) (< monotouch) (< xamarintvos) (< xamarinwatchos) (< xamarinios) (< xamarinmac))
      System.Threading (>= 4.3) - restriction: || (>= dnxcore50) (&& (>= netstandard1.6) (< monotouch) (< xamarintvos) (< xamarinwatchos) (< xamarinios) (< xamarinmac))
    System.Linq.Queryable (4.3) - restriction: >= netstandard1.6
      System.Collections (>= 4.3) - restriction: || (&& (< net45) (>= netstandard1.3) (< monotouch) (< xamarintvos) (< xamarinwatchos) (< xamarinios) (< xamarinmac) (< win8) (< wpa81)) (>= dnxcore50)
      System.Diagnostics.Debug (>= 4.3) - restriction: || (&& (< net45) (>= netstandard1.3) (< monotouch) (< xamarintvos) (< xamarinwatchos) (< xamarinios) (< xamarinmac) (< win8) (< wpa81)) (>= dnxcore50)
      System.Linq (>= 4.3) - restriction: || (&& (< net45) (>= netstandard1.0) (< netstandard1.3) (< monoandroid) (< win8) (< wp8) (< wpa81)) (&& (< net45) (>= netstandard1.3) (< monotouch) (< xamarintvos) (< xamarinwatchos) (< xamarinios) (< xamarinmac) (< win8) (< wpa81)) (>= dnxcore50)
      System.Linq.Expressions (>= 4.3) - restriction: || (&& (< net45) (>= netstandard1.0) (< netstandard1.3) (< monoandroid) (< win8) (< wp8) (< wpa81)) (&& (< net45) (>= netstandard1.3) (< monotouch) (< xamarintvos) (< xamarinwatchos) (< xamarinios) (< xamarinmac) (< win8) (< wpa81)) (>= dnxcore50)
      System.Reflection (>= 4.3) - restriction: || (&& (< net45) (>= netstandard1.3) (< monotouch) (< xamarintvos) (< xamarinwatchos) (< xamarinios) (< xamarinmac) (< win8) (< wpa81)) (>= dnxcore50)
      System.Reflection.Extensions (>= 4.3) - restriction: || (&& (< net45) (>= netstandard1.3) (< monotouch) (< xamarintvos) (< xamarinwatchos) (< xamarinios) (< xamarinmac) (< win8) (< wpa81)) (>= dnxcore50)
      System.Resources.ResourceManager (>= 4.3) - restriction: || (&& (< net45) (>= netstandard1.3) (< monotouch) (< xamarintvos) (< xamarinwatchos) (< xamarinios) (< xamarinmac) (< win8) (< wpa81)) (>= dnxcore50)
      System.Runtime (>= 4.3) - restriction: || (&& (< net45) (>= netstandard1.0) (< netstandard1.3) (< monoandroid) (< win8) (< wp8) (< wpa81)) (&& (< net45) (>= netstandard1.3) (< monotouch) (< xamarintvos) (< xamarinwatchos) (< xamarinios) (< xamarinmac) (< win8) (< wpa81)) (>= dnxcore50)
    System.Net.Http (4.3.3) - restriction: || (&& (>= net46) (< netstandard1.4) (>= netstandard1.6)) (&& (>= uap10.0) (>= netstandard1.6)) (&& (>= dnxcore50) (>= netstandard1.6)) (&& (< netstandard1.3) (>= netstandard1.6) (< monoandroid)) (&& (< netstandard1.4) (>= netstandard1.6) (< monoandroid)) (&& (< netstandard1.5) (>= netstandard1.6) (< monoandroid)) (&& (>= netstandard1.6) (< monotouch) (< xamarintvos) (< xamarinwatchos) (< xamarinios) (< xamarinmac)) (&& (>= netstandard1.6) (< portable-net451+win81+wpa81))
      Microsoft.NETCore.Platforms (>= 1.1) - restriction: || (&& (< net45) (>= netstandard1.3) (< netstandard1.6) (< monoandroid) (< win8) (< wpa81)) (>= dnxcore50) (&& (>= netstandard1.6) (< monotouch) (< xamarintvos) (< xamarinwatchos) (< xamarinios) (< xamarinmac))
      runtime.native.System (>= 4.3) - restriction: && (>= netstandard1.6) (< monotouch) (< xamarintvos) (< xamarinwatchos) (< xamarinios) (< xamarinmac)
      runtime.native.System.Net.Http (>= 4.3) - restriction: && (>= netstandard1.6) (< monotouch) (< xamarintvos) (< xamarinwatchos) (< xamarinios) (< xamarinmac)
      runtime.native.System.Security.Cryptography.OpenSsl (>= 4.3.2) - restriction: && (>= netstandard1.6) (< monotouch) (< xamarintvos) (< xamarinwatchos) (< xamarinios) (< xamarinmac)
      System.Collections (>= 4.3) - restriction: || (&& (< net45) (>= netstandard1.3) (< netstandard1.6) (< monoandroid) (< win8) (< wpa81)) (>= dnxcore50) (&& (>= netstandard1.6) (< monotouch) (< xamarintvos) (< xamarinwatchos) (< xamarinios) (< xamarinmac))
      System.Diagnostics.Debug (>= 4.3) - restriction: || (&& (< net45) (>= netstandard1.3) (< netstandard1.6) (< monoandroid) (< win8) (< wpa81)) (>= dnxcore50) (&& (>= netstandard1.6) (< monotouch) (< xamarintvos) (< xamarinwatchos) (< xamarinios) (< xamarinmac))
      System.Diagnostics.DiagnosticSource (>= 4.3) - restriction: || (&& (< net45) (>= netstandard1.3) (< netstandard1.6) (< monoandroid) (< win8) (< wpa81)) (>= dnxcore50) (&& (>= netstandard1.6) (< monotouch) (< xamarintvos) (< xamarinwatchos) (< xamarinios) (< xamarinmac))
      System.Diagnostics.Tracing (>= 4.3) - restriction: || (&& (< net45) (>= netstandard1.3) (< netstandard1.6) (< monoandroid) (< win8) (< wpa81)) (>= dnxcore50) (&& (>= netstandard1.6) (< monotouch) (< xamarintvos) (< xamarinwatchos) (< xamarinios) (< xamarinmac))
      System.Globalization (>= 4.3) - restriction: || (&& (< net45) (>= netstandard1.3) (< netstandard1.6) (< monoandroid) (< win8) (< wpa81)) (>= dnxcore50) (&& (>= netstandard1.6) (< monotouch) (< xamarintvos) (< xamarinwatchos) (< xamarinios) (< xamarinmac))
      System.Globalization.Extensions (>= 4.3) - restriction: && (>= netstandard1.6) (< monotouch) (< xamarintvos) (< xamarinwatchos) (< xamarinios) (< xamarinmac)
      System.IO (>= 4.3) - restriction: || (&& (< net45) (>= netstandard1.1) (< netstandard1.3) (< monoandroid) (< win8) (< wpa81)) (&& (< net45) (>= netstandard1.3) (< netstandard1.6) (< monoandroid) (< win8) (< wpa81)) (>= dnxcore50) (&& (>= netstandard1.6) (< monotouch) (< xamarintvos) (< xamarinwatchos) (< xamarinios) (< xamarinmac))
      System.IO.FileSystem (>= 4.3) - restriction: && (>= netstandard1.6) (< monotouch) (< xamarintvos) (< xamarinwatchos) (< xamarinios) (< xamarinmac)
      System.Net.Primitives (>= 4.3) - restriction: || (&& (< net45) (>= netstandard1.1) (< netstandard1.3) (< monoandroid) (< win8) (< wpa81)) (&& (< net45) (>= netstandard1.3) (< netstandard1.6) (< monoandroid) (< win8) (< wpa81)) (>= dnxcore50) (&& (>= netstandard1.6) (< monotouch) (< xamarintvos) (< xamarinwatchos) (< xamarinios) (< xamarinmac))
      System.Resources.ResourceManager (>= 4.3) - restriction: || (&& (< net45) (>= netstandard1.3) (< netstandard1.6) (< monoandroid) (< win8) (< wpa81)) (>= dnxcore50) (&& (>= netstandard1.6) (< monotouch) (< xamarintvos) (< xamarinwatchos) (< xamarinios) (< xamarinmac))
      System.Runtime (>= 4.3) - restriction: || (&& (< net45) (>= netstandard1.1) (< netstandard1.3) (< monoandroid) (< win8) (< wpa81)) (&& (< net45) (>= netstandard1.3) (< netstandard1.6) (< monoandroid) (< win8) (< wpa81)) (>= dnxcore50) (&& (>= netstandard1.6) (< monotouch) (< xamarintvos) (< xamarinwatchos) (< xamarinios) (< xamarinmac))
      System.Runtime.Extensions (>= 4.3) - restriction: || (&& (< net45) (>= netstandard1.3) (< netstandard1.6) (< monoandroid) (< win8) (< wpa81)) (>= dnxcore50) (&& (>= netstandard1.6) (< monotouch) (< xamarintvos) (< xamarinwatchos) (< xamarinios) (< xamarinmac))
      System.Runtime.Handles (>= 4.3) - restriction: || (&& (< net45) (>= netstandard1.3) (< netstandard1.6) (< monoandroid) (< win8) (< wpa81)) (&& (>= netstandard1.6) (< monotouch) (< xamarintvos) (< xamarinwatchos) (< xamarinios) (< xamarinmac))
      System.Runtime.InteropServices (>= 4.3) - restriction: || (&& (< net45) (>= netstandard1.3) (< netstandard1.6) (< monoandroid) (< win8) (< wpa81)) (>= dnxcore50) (&& (>= netstandard1.6) (< monotouch) (< xamarintvos) (< xamarinwatchos) (< xamarinios) (< xamarinmac))
      System.Security.Cryptography.Algorithms (>= 4.3) - restriction: && (>= netstandard1.6) (< monotouch) (< xamarintvos) (< xamarinwatchos) (< xamarinios) (< xamarinmac)
      System.Security.Cryptography.Encoding (>= 4.3) - restriction: || (&& (< net45) (>= netstandard1.3) (< netstandard1.6) (< monoandroid) (< win8) (< wpa81)) (&& (>= netstandard1.6) (< monotouch) (< xamarintvos) (< xamarinwatchos) (< xamarinios) (< xamarinmac))
      System.Security.Cryptography.OpenSsl (>= 4.3) - restriction: && (>= netstandard1.6) (< monotouch) (< xamarintvos) (< xamarinwatchos) (< xamarinios) (< xamarinmac)
      System.Security.Cryptography.Primitives (>= 4.3) - restriction: && (>= netstandard1.6) (< monotouch) (< xamarintvos) (< xamarinwatchos) (< xamarinios) (< xamarinmac)
      System.Security.Cryptography.X509Certificates (>= 4.3) - restriction: || (&& (< net45) (>= netstandard1.3) (< netstandard1.6) (< monoandroid) (< win8) (< wpa81)) (>= net46) (>= dnxcore50) (&& (>= netstandard1.6) (< monotouch) (< xamarintvos) (< xamarinwatchos) (< xamarinios) (< xamarinmac))
      System.Text.Encoding (>= 4.3) - restriction: || (&& (< net45) (>= netstandard1.1) (< netstandard1.3) (< monoandroid) (< win8) (< wpa81)) (&& (< net45) (>= netstandard1.3) (< netstandard1.6) (< monoandroid) (< win8) (< wpa81)) (>= dnxcore50) (&& (>= netstandard1.6) (< monotouch) (< xamarintvos) (< xamarinwatchos) (< xamarinios) (< xamarinmac))
      System.Threading (>= 4.3) - restriction: || (&& (< net45) (>= netstandard1.3) (< netstandard1.6) (< monoandroid) (< win8) (< wpa81)) (>= dnxcore50) (&& (>= netstandard1.6) (< monotouch) (< xamarintvos) (< xamarinwatchos) (< xamarinios) (< xamarinmac))
      System.Threading.Tasks (>= 4.3) - restriction: || (&& (< net45) (>= netstandard1.1) (< netstandard1.3) (< monoandroid) (< win8) (< wpa81)) (&& (< net45) (>= netstandard1.3) (< netstandard1.6) (< monoandroid) (< win8) (< wpa81)) (>= dnxcore50) (&& (>= netstandard1.6) (< monotouch) (< xamarintvos) (< xamarinwatchos) (< xamarinios) (< xamarinmac))
    System.Net.Primitives (4.3) - restriction: || (&& (>= net46) (< netstandard1.3) (>= netstandard1.6)) (&& (>= net46) (< netstandard1.4) (>= netstandard1.6)) (&& (>= uap10.0) (>= netstandard1.6)) (&& (>= dnxcore50) (>= netstandard1.6)) (&& (< netstandard1.1) (>= netstandard1.6) (< monoandroid)) (&& (< netstandard1.3) (>= netstandard1.6) (< monoandroid)) (&& (< netstandard1.4) (>= netstandard1.6) (< monoandroid)) (&& (< netstandard1.5) (>= netstandard1.6) (< monoandroid)) (&& (>= netstandard1.6) (< monotouch) (< xamarintvos) (< xamarinwatchos) (< xamarinios) (< xamarinmac)) (&& (>= netstandard1.6) (< portable-net45+win8+wpa81)) (&& (>= netstandard1.6) (< portable-net451+win81+wpa81))
      Microsoft.NETCore.Platforms (>= 1.1) - restriction: || (&& (< net45) (>= netstandard1.1) (< netstandard1.3) (< monoandroid) (< win8) (< wpa81)) (&& (< net45) (>= netstandard1.3) (< monotouch) (< xamarintvos) (< xamarinwatchos) (< xamarinios) (< xamarinmac) (< win8) (< wpa81)) (>= dnxcore50) (&& (>= netstandard1.0) (< netstandard1.1) (< monoandroid) (< win8) (< wp8))
      Microsoft.NETCore.Targets (>= 1.1) - restriction: || (&& (< net45) (>= netstandard1.1) (< netstandard1.3) (< monoandroid) (< win8) (< wpa81)) (&& (< net45) (>= netstandard1.3) (< monotouch) (< xamarintvos) (< xamarinwatchos) (< xamarinios) (< xamarinmac) (< win8) (< wpa81)) (>= dnxcore50) (&& (>= netstandard1.0) (< netstandard1.1) (< monoandroid) (< win8) (< wp8))
      System.Runtime (>= 4.3) - restriction: || (&& (< net45) (>= netstandard1.1) (< netstandard1.3) (< monoandroid) (< win8) (< wpa81)) (&& (< net45) (>= netstandard1.3) (< monotouch) (< xamarintvos) (< xamarinwatchos) (< xamarinios) (< xamarinmac) (< win8) (< wpa81)) (>= dnxcore50) (&& (>= netstandard1.0) (< netstandard1.1) (< monoandroid) (< win8) (< wp8))
      System.Runtime.Handles (>= 4.3) - restriction: || (&& (< net45) (>= netstandard1.3) (< monotouch) (< xamarintvos) (< xamarinwatchos) (< xamarinios) (< xamarinmac) (< win8) (< wpa81)) (>= dnxcore50)
    System.Net.Requests (4.3) - restriction: >= netstandard1.6
      Microsoft.NETCore.Platforms (>= 1.1) - restriction: && (< net45) (>= netstandard1.3) (< monotouch) (< xamarintvos) (< xamarinwatchos) (< xamarinios) (< xamarinmac) (< win8) (< wpa81)
      System.Collections (>= 4.3) - restriction: || (&& (< net45) (>= netstandard1.3) (< monotouch) (< xamarintvos) (< xamarinwatchos) (< xamarinios) (< xamarinmac) (< win8) (< wpa81)) (>= dnxcore50)
      System.Diagnostics.Debug (>= 4.3) - restriction: || (&& (< net45) (>= netstandard1.3) (< monotouch) (< xamarintvos) (< xamarinwatchos) (< xamarinios) (< xamarinmac) (< win8) (< wpa81)) (>= dnxcore50)
      System.Diagnostics.Tracing (>= 4.3) - restriction: || (&& (< net45) (>= netstandard1.3) (< monotouch) (< xamarintvos) (< xamarinwatchos) (< xamarinios) (< xamarinmac) (< win8) (< wpa81)) (>= dnxcore50)
      System.Globalization (>= 4.3) - restriction: || (&& (< net45) (>= netstandard1.3) (< monotouch) (< xamarintvos) (< xamarinwatchos) (< xamarinios) (< xamarinmac) (< win8) (< wpa81)) (>= dnxcore50)
      System.IO (>= 4.3) - restriction: || (&& (< net45) (>= netstandard1.1) (< netstandard1.3) (< monoandroid) (< win8) (< wpa81)) (&& (< net45) (>= netstandard1.3) (< monotouch) (< xamarintvos) (< xamarinwatchos) (< xamarinios) (< xamarinmac) (< win8) (< wpa81)) (>= dnxcore50) (&& (>= netstandard1.0) (< netstandard1.1) (< monoandroid) (< win8) (< wp8))
      System.Net.Http (>= 4.3) - restriction: || (&& (< net45) (>= netstandard1.3) (< monotouch) (< xamarintvos) (< xamarinwatchos) (< xamarinios) (< xamarinmac) (< win8) (< wpa81)) (>= dnxcore50)
      System.Net.Primitives (>= 4.3) - restriction: || (&& (< net45) (>= netstandard1.1) (< netstandard1.3) (< monoandroid) (< win8) (< wpa81)) (&& (< net45) (>= netstandard1.3) (< monotouch) (< xamarintvos) (< xamarinwatchos) (< xamarinios) (< xamarinmac) (< win8) (< wpa81)) (>= dnxcore50) (&& (>= netstandard1.0) (< netstandard1.1) (< monoandroid) (< win8) (< wp8))
      System.Net.WebHeaderCollection (>= 4.3) - restriction: || (&& (< net45) (>= netstandard1.3) (< monotouch) (< xamarintvos) (< xamarinwatchos) (< xamarinios) (< xamarinmac) (< win8) (< wpa81)) (>= dnxcore50)
      System.Resources.ResourceManager (>= 4.3) - restriction: || (&& (< net45) (>= netstandard1.3) (< monotouch) (< xamarintvos) (< xamarinwatchos) (< xamarinios) (< xamarinmac) (< win8) (< wpa81)) (>= dnxcore50)
      System.Runtime (>= 4.3) - restriction: || (&& (< net45) (>= netstandard1.1) (< netstandard1.3) (< monoandroid) (< win8) (< wpa81)) (&& (< net45) (>= netstandard1.3) (< monotouch) (< xamarintvos) (< xamarinwatchos) (< xamarinios) (< xamarinmac) (< win8) (< wpa81)) (>= dnxcore50) (&& (>= netstandard1.0) (< netstandard1.1) (< monoandroid) (< win8) (< wp8))
      System.Threading (>= 4.3) - restriction: || (&& (< net45) (>= netstandard1.3) (< monotouch) (< xamarintvos) (< xamarinwatchos) (< xamarinios) (< xamarinmac) (< win8) (< wpa81)) (>= dnxcore50)
      System.Threading.Tasks (>= 4.3) - restriction: || (&& (< net45) (>= netstandard1.1) (< netstandard1.3) (< monoandroid) (< win8) (< wpa81)) (&& (< net45) (>= netstandard1.3) (< monotouch) (< xamarintvos) (< xamarinwatchos) (< xamarinios) (< xamarinmac) (< win8) (< wpa81)) (>= dnxcore50)
    System.Net.Sockets (4.3) - restriction: || (&& (>= net46) (< netstandard1.4) (>= netstandard1.6)) (&& (>= uap10.0) (>= netstandard1.6)) (&& (< netstandard1.4) (>= netstandard1.6) (< monoandroid)) (&& (< netstandard1.5) (>= netstandard1.6) (< monoandroid)) (&& (>= netstandard1.6) (< netstandard2.0) (< monotouch) (< xamarintvos) (< xamarinwatchos) (< xamarinios) (< xamarinmac))
      Microsoft.NETCore.Platforms (>= 1.1) - restriction: && (< net46) (>= netstandard1.3) (< monotouch) (< xamarintvos) (< xamarinwatchos) (< xamarinios) (< xamarinmac)
      Microsoft.NETCore.Targets (>= 1.1) - restriction: && (< net46) (>= netstandard1.3) (< monotouch) (< xamarintvos) (< xamarinwatchos) (< xamarinios) (< xamarinmac)
      System.IO (>= 4.3) - restriction: && (< net46) (>= netstandard1.3) (< monotouch) (< xamarintvos) (< xamarinwatchos) (< xamarinios) (< xamarinmac)
      System.Net.Primitives (>= 4.3) - restriction: && (< net46) (>= netstandard1.3) (< monotouch) (< xamarintvos) (< xamarinwatchos) (< xamarinios) (< xamarinmac)
      System.Runtime (>= 4.3) - restriction: && (< net46) (>= netstandard1.3) (< monotouch) (< xamarintvos) (< xamarinwatchos) (< xamarinios) (< xamarinmac)
      System.Threading.Tasks (>= 4.3) - restriction: && (< net46) (>= netstandard1.3) (< monotouch) (< xamarintvos) (< xamarinwatchos) (< xamarinios) (< xamarinmac)
    System.Net.WebHeaderCollection (4.3) - restriction: || (&& (>= dnxcore50) (>= netstandard1.6)) (&& (>= netstandard1.6) (< monotouch) (< xamarintvos) (< xamarinwatchos) (< xamarinios) (< xamarinmac))
      System.Collections (>= 4.3) - restriction: && (< net46) (>= netstandard1.3) (< monotouch) (< xamarintvos) (< xamarinwatchos) (< xamarinios) (< xamarinmac)
      System.Resources.ResourceManager (>= 4.3) - restriction: && (< net46) (>= netstandard1.3) (< monotouch) (< xamarintvos) (< xamarinwatchos) (< xamarinios) (< xamarinmac)
      System.Runtime (>= 4.3) - restriction: && (< net46) (>= netstandard1.3) (< monotouch) (< xamarintvos) (< xamarinwatchos) (< xamarinios) (< xamarinmac)
      System.Runtime.Extensions (>= 4.3) - restriction: && (< net46) (>= netstandard1.3) (< monotouch) (< xamarintvos) (< xamarinwatchos) (< xamarinios) (< xamarinmac)
    System.ObjectModel (4.3) - restriction: || (&& (>= uap10.0) (>= netstandard1.6)) (&& (< netstandard1.3) (>= netstandard1.6) (< monoandroid)) (&& (< netstandard1.4) (>= netstandard1.6) (< monoandroid)) (&& (< netstandard1.5) (>= netstandard1.6) (< monoandroid)) (&& (>= netstandard1.6) (< monotouch) (< xamarintvos) (< xamarinwatchos) (< xamarinios) (< xamarinmac)) (&& (>= netstandard1.6) (< portable-net45+win8+wpa81)) (&& (>= netstandard1.6) (< portable-net451+win81+wpa81))
      System.Collections (>= 4.3) - restriction: || (&& (< net45) (>= netstandard1.3) (< monotouch) (< xamarintvos) (< xamarinwatchos) (< xamarinios) (< xamarinmac) (< win8) (< wpa81)) (>= dnxcore50)
      System.Diagnostics.Debug (>= 4.3) - restriction: || (&& (< net45) (>= netstandard1.3) (< monotouch) (< xamarintvos) (< xamarinwatchos) (< xamarinios) (< xamarinmac) (< win8) (< wpa81)) (>= dnxcore50)
      System.Resources.ResourceManager (>= 4.3) - restriction: || (&& (< net45) (>= netstandard1.3) (< monotouch) (< xamarintvos) (< xamarinwatchos) (< xamarinios) (< xamarinmac) (< win8) (< wpa81)) (>= dnxcore50)
      System.Runtime (>= 4.3) - restriction: || (&& (< net45) (>= netstandard1.0) (< netstandard1.3) (< monoandroid) (< win8) (< wp8) (< wpa81)) (&& (< net45) (>= netstandard1.3) (< monotouch) (< xamarintvos) (< xamarinwatchos) (< xamarinios) (< xamarinmac) (< win8) (< wpa81)) (>= dnxcore50)
      System.Threading (>= 4.3) - restriction: || (&& (< net45) (>= netstandard1.3) (< monotouch) (< xamarintvos) (< xamarinwatchos) (< xamarinios) (< xamarinmac) (< win8) (< wpa81)) (>= dnxcore50)
    System.Reflection (4.3) - restriction: >= netstandard1.6
      Microsoft.NETCore.Platforms (>= 1.1) - restriction: || (&& (< net45) (>= netstandard1.0) (< netstandard1.3) (< monoandroid) (< win8) (< wp8) (< wpa81)) (&& (< net45) (>= netstandard1.3) (< netstandard1.5) (< monoandroid) (< win8) (< wpa81)) (&& (< net45) (>= netstandard1.5) (< monotouch) (< xamarintvos) (< xamarinwatchos) (< xamarinios) (< xamarinmac)) (>= dnxcore50)
      Microsoft.NETCore.Targets (>= 1.1) - restriction: || (&& (< net45) (>= netstandard1.0) (< netstandard1.3) (< monoandroid) (< win8) (< wp8) (< wpa81)) (&& (< net45) (>= netstandard1.3) (< netstandard1.5) (< monoandroid) (< win8) (< wpa81)) (&& (< net45) (>= netstandard1.5) (< monotouch) (< xamarintvos) (< xamarinwatchos) (< xamarinios) (< xamarinmac)) (>= dnxcore50)
      System.IO (>= 4.3) - restriction: || (&& (< net45) (>= netstandard1.0) (< netstandard1.3) (< monoandroid) (< win8) (< wp8) (< wpa81)) (&& (< net45) (>= netstandard1.3) (< netstandard1.5) (< monoandroid) (< win8) (< wpa81)) (&& (< net45) (>= netstandard1.5) (< monotouch) (< xamarintvos) (< xamarinwatchos) (< xamarinios) (< xamarinmac)) (>= dnxcore50)
      System.Reflection.Primitives (>= 4.3) - restriction: || (&& (< net45) (>= netstandard1.0) (< netstandard1.3) (< monoandroid) (< win8) (< wp8) (< wpa81)) (&& (< net45) (>= netstandard1.3) (< netstandard1.5) (< monoandroid) (< win8) (< wpa81)) (&& (< net45) (>= netstandard1.5) (< monotouch) (< xamarintvos) (< xamarinwatchos) (< xamarinios) (< xamarinmac)) (>= dnxcore50)
      System.Runtime (>= 4.3) - restriction: || (&& (< net45) (>= netstandard1.0) (< netstandard1.3) (< monoandroid) (< win8) (< wp8) (< wpa81)) (&& (< net45) (>= netstandard1.3) (< netstandard1.5) (< monoandroid) (< win8) (< wpa81)) (&& (< net45) (>= netstandard1.5) (< monotouch) (< xamarintvos) (< xamarinwatchos) (< xamarinios) (< xamarinmac)) (>= dnxcore50)
    System.Reflection.Emit (4.3) - restriction: || (&& (>= uap10.0) (>= netstandard1.6)) (&& (>= dnxcore50) (>= netstandard1.6)) (&& (< netstandard1.3) (>= netstandard1.6) (< monoandroid)) (&& (< netstandard1.4) (>= netstandard1.6) (< monoandroid)) (&& (< netstandard1.5) (>= netstandard1.6) (< monoandroid)) (&& (>= netstandard1.6) (< monotouch) (< xamarintvos) (< xamarinwatchos) (< xamarinios) (< xamarinmac)) (&& (>= netstandard1.6) (< portable-net45+win8+wpa81)) (&& (>= netstandard1.6) (< portable-net451+win81+wpa81))
      System.IO (>= 4.3) - restriction: && (< net45) (>= netstandard1.1) (< monotouch) (< xamarintvos) (< xamarinwatchos) (< xamarinios) (< xamarinmac)
      System.Reflection (>= 4.3) - restriction: && (< net45) (>= netstandard1.1) (< monotouch) (< xamarintvos) (< xamarinwatchos) (< xamarinios) (< xamarinmac)
      System.Reflection.Emit.ILGeneration (>= 4.3) - restriction: && (< net45) (>= netstandard1.1) (< monotouch) (< xamarintvos) (< xamarinwatchos) (< xamarinios) (< xamarinmac)
      System.Reflection.Primitives (>= 4.3) - restriction: && (< net45) (>= netstandard1.1) (< monotouch) (< xamarintvos) (< xamarinwatchos) (< xamarinios) (< xamarinmac)
      System.Runtime (>= 4.3) - restriction: && (< net45) (>= netstandard1.1) (< monotouch) (< xamarintvos) (< xamarinwatchos) (< xamarinios) (< xamarinmac)
    System.Reflection.Emit.ILGeneration (4.3) - restriction: || (&& (>= uap10.0) (>= netstandard1.6)) (&& (>= dnxcore50) (>= netstandard1.6)) (&& (< netstandard1.3) (>= netstandard1.6) (< monoandroid)) (&& (< netstandard1.4) (>= netstandard1.6) (< monoandroid)) (&& (< netstandard1.5) (>= netstandard1.6) (< monoandroid)) (&& (>= netstandard1.6) (< monotouch) (< xamarintvos) (< xamarinwatchos) (< xamarinios) (< xamarinmac)) (&& (>= netstandard1.6) (< portable-net45+win8+wpa81)) (&& (>= netstandard1.6) (< portable-net451+win81+wpa81))
      System.Reflection (>= 4.3) - restriction: && (< net45) (>= netstandard1.0) (< monotouch) (< xamarintvos) (< xamarinwatchos) (< xamarinios) (< xamarinmac) (< wp8)
      System.Reflection.Primitives (>= 4.3) - restriction: && (< net45) (>= netstandard1.0) (< monotouch) (< xamarintvos) (< xamarinwatchos) (< xamarinios) (< xamarinmac) (< wp8)
      System.Runtime (>= 4.3) - restriction: && (< net45) (>= netstandard1.0) (< monotouch) (< xamarintvos) (< xamarinwatchos) (< xamarinios) (< xamarinmac) (< wp8)
    System.Reflection.Emit.Lightweight (4.3) - restriction: || (&& (>= uap10.0) (>= netstandard1.6)) (&& (>= dnxcore50) (>= netstandard1.6)) (&& (< netstandard1.3) (>= netstandard1.6) (< monoandroid)) (&& (< netstandard1.4) (>= netstandard1.6) (< monoandroid)) (&& (< netstandard1.5) (>= netstandard1.6) (< monoandroid)) (&& (>= netstandard1.6) (< monotouch) (< xamarintvos) (< xamarinwatchos) (< xamarinios) (< xamarinmac)) (&& (>= netstandard1.6) (< portable-net45+win8+wpa81)) (&& (>= netstandard1.6) (< portable-net451+win81+wpa81))
      System.Reflection (>= 4.3) - restriction: && (< net45) (>= netstandard1.0) (< monotouch) (< xamarintvos) (< xamarinwatchos) (< xamarinios) (< xamarinmac) (< wp8)
      System.Reflection.Emit.ILGeneration (>= 4.3) - restriction: && (< net45) (>= netstandard1.0) (< monotouch) (< xamarintvos) (< xamarinwatchos) (< xamarinios) (< xamarinmac) (< wp8)
      System.Reflection.Primitives (>= 4.3) - restriction: && (< net45) (>= netstandard1.0) (< monotouch) (< xamarintvos) (< xamarinwatchos) (< xamarinios) (< xamarinmac) (< wp8)
      System.Runtime (>= 4.3) - restriction: && (< net45) (>= netstandard1.0) (< monotouch) (< xamarintvos) (< xamarinwatchos) (< xamarinios) (< xamarinmac) (< wp8)
    System.Reflection.Extensions (4.3) - restriction: >= netstandard1.6
      Microsoft.NETCore.Platforms (>= 1.1) - restriction: || (&& (< net45) (>= netstandard1.0) (< monotouch) (< xamarintvos) (< xamarinwatchos) (< xamarinios) (< xamarinmac) (< win8) (< wp8) (< wpa81)) (>= dnxcore50)
      Microsoft.NETCore.Targets (>= 1.1) - restriction: || (&& (< net45) (>= netstandard1.0) (< monotouch) (< xamarintvos) (< xamarinwatchos) (< xamarinios) (< xamarinmac) (< win8) (< wp8) (< wpa81)) (>= dnxcore50)
      System.Reflection (>= 4.3) - restriction: || (&& (< net45) (>= netstandard1.0) (< monotouch) (< xamarintvos) (< xamarinwatchos) (< xamarinios) (< xamarinmac) (< win8) (< wp8) (< wpa81)) (>= dnxcore50)
      System.Runtime (>= 4.3) - restriction: || (&& (< net45) (>= netstandard1.0) (< monotouch) (< xamarintvos) (< xamarinwatchos) (< xamarinios) (< xamarinmac) (< win8) (< wp8) (< wpa81)) (>= dnxcore50)
    System.Reflection.Metadata (1.5) - restriction: >= netstandard1.6
      NETStandard.Library (>= 1.6.1) - restriction: && (>= netstandard1.1) (< netstandard2.0) (< monotouch) (< xamarintvos) (< xamarinwatchos) (< xamarinios) (< xamarinmac)
      System.Collections.Immutable (>= 1.4) - restriction: || (&& (>= netstandard1.1) (< netstandard2.0)) (&& (< netstandard1.1) (>= monoandroid)) (&& (< netstandard1.1) (< monoandroid) (>= portable-net45+win8)) (&& (>= netstandard2.0) (< netcoreapp2.0)) (>= monotouch) (>= xamarintvos) (>= xamarinwatchos) (>= xamarinios) (>= xamarinmac) (&& (< portable-net45+win8) (>= portable-net45+win8+wpa81))
    System.Reflection.Primitives (4.3) - restriction: || (&& (>= uap10.0) (>= netstandard1.6)) (&& (>= dnxcore50) (>= netstandard1.6)) (&& (< netstandard1.3) (>= netstandard1.6) (< monoandroid)) (&& (< netstandard1.4) (>= netstandard1.6) (< monoandroid)) (&& (< netstandard1.5) (>= netstandard1.6) (< monoandroid)) (&& (>= netstandard1.6) (< monotouch) (< xamarintvos) (< xamarinwatchos) (< xamarinios) (< xamarinmac)) (&& (>= netstandard1.6) (< portable-net45+win8+wpa81)) (&& (>= netstandard1.6) (< portable-net451+win81+wpa81))
      Microsoft.NETCore.Platforms (>= 1.1) - restriction: || (&& (< net45) (>= netstandard1.0) (< monotouch) (< xamarintvos) (< xamarinwatchos) (< xamarinios) (< xamarinmac) (< win8) (< wp8) (< wpa81)) (>= dnxcore50)
      Microsoft.NETCore.Targets (>= 1.1) - restriction: || (&& (< net45) (>= netstandard1.0) (< monotouch) (< xamarintvos) (< xamarinwatchos) (< xamarinios) (< xamarinmac) (< win8) (< wp8) (< wpa81)) (>= dnxcore50)
      System.Runtime (>= 4.3) - restriction: || (&& (< net45) (>= netstandard1.0) (< monotouch) (< xamarintvos) (< xamarinwatchos) (< xamarinios) (< xamarinmac) (< win8) (< wp8) (< wpa81)) (>= dnxcore50)
    System.Reflection.TypeExtensions (4.4) - restriction: || (&& (>= uap10.0) (>= netstandard1.6)) (&& (>= dnxcore50) (>= netstandard1.6)) (&& (< netstandard1.3) (>= netstandard1.6) (< monoandroid)) (&& (< netstandard1.4) (>= netstandard1.6) (< monoandroid)) (&& (< netstandard1.5) (>= netstandard1.6) (< monoandroid)) (&& (>= netstandard1.6) (< monotouch) (< xamarintvos) (< xamarinwatchos) (< xamarinios) (< xamarinmac)) (&& (>= netstandard1.6) (< portable-net45+win8+wpa81)) (&& (>= netstandard1.6) (< portable-net451+win81+wpa81))
      System.Reflection (>= 4.3) - restriction: || (&& (< net46) (>= netstandard1.3) (< netstandard1.5) (< monoandroid)) (&& (< net46) (>= netstandard1.5) (< netstandard2.0) (< monotouch) (< xamarintvos) (< xamarinwatchos) (< xamarinios) (< xamarinmac)) (>= dnxcore50)
      System.Resources.ResourceManager (>= 4.3) - restriction: || (&& (< net46) (>= netstandard1.3) (< netstandard1.5) (< monoandroid)) (&& (< net46) (>= netstandard1.5) (< netstandard2.0) (< monotouch) (< xamarintvos) (< xamarinwatchos) (< xamarinios) (< xamarinmac)) (>= dnxcore50)
      System.Runtime (>= 4.3) - restriction: || (&& (< net46) (>= netstandard1.3) (< netstandard1.5) (< monoandroid)) (&& (< net46) (>= netstandard1.5) (< netstandard2.0) (< monotouch) (< xamarintvos) (< xamarinwatchos) (< xamarinios) (< xamarinmac)) (>= dnxcore50)
    System.Resources.ResourceManager (4.3) - restriction: >= netstandard1.6
      Microsoft.NETCore.Platforms (>= 1.1) - restriction: || (&& (< net45) (>= netstandard1.0) (< monotouch) (< xamarintvos) (< xamarinwatchos) (< xamarinios) (< xamarinmac) (< win8) (< wp8) (< wpa81)) (>= dnxcore50)
      Microsoft.NETCore.Targets (>= 1.1) - restriction: || (&& (< net45) (>= netstandard1.0) (< monotouch) (< xamarintvos) (< xamarinwatchos) (< xamarinios) (< xamarinmac) (< win8) (< wp8) (< wpa81)) (>= dnxcore50)
      System.Globalization (>= 4.3) - restriction: || (&& (< net45) (>= netstandard1.0) (< monotouch) (< xamarintvos) (< xamarinwatchos) (< xamarinios) (< xamarinmac) (< win8) (< wp8) (< wpa81)) (>= dnxcore50)
      System.Reflection (>= 4.3) - restriction: || (&& (< net45) (>= netstandard1.0) (< monotouch) (< xamarintvos) (< xamarinwatchos) (< xamarinios) (< xamarinmac) (< win8) (< wp8) (< wpa81)) (>= dnxcore50)
      System.Runtime (>= 4.3) - restriction: || (&& (< net45) (>= netstandard1.0) (< monotouch) (< xamarintvos) (< xamarinwatchos) (< xamarinios) (< xamarinmac) (< win8) (< wp8) (< wpa81)) (>= dnxcore50)
    System.Runtime (4.3) - restriction: >= netstandard1.6
      Microsoft.NETCore.Platforms (>= 1.1) - restriction: || (&& (< net45) (>= netstandard1.0) (< netstandard1.2) (< monoandroid) (< win8) (< wp8)) (&& (< net45) (>= netstandard1.2) (< netstandard1.3) (< monoandroid) (< win8) (< wpa81)) (&& (< net45) (>= netstandard1.3) (< netstandard1.5) (< monoandroid) (< win8) (< wpa81)) (&& (< net45) (>= netstandard1.5) (< monotouch) (< xamarintvos) (< xamarinwatchos) (< xamarinios) (< xamarinmac)) (>= dnxcore50)
      Microsoft.NETCore.Targets (>= 1.1) - restriction: || (&& (< net45) (>= netstandard1.0) (< netstandard1.2) (< monoandroid) (< win8) (< wp8)) (&& (< net45) (>= netstandard1.2) (< netstandard1.3) (< monoandroid) (< win8) (< wpa81)) (&& (< net45) (>= netstandard1.3) (< netstandard1.5) (< monoandroid) (< win8) (< wpa81)) (&& (< net45) (>= netstandard1.5) (< monotouch) (< xamarintvos) (< xamarinwatchos) (< xamarinios) (< xamarinmac)) (>= dnxcore50)
    System.Runtime.Extensions (4.3) - restriction: >= netstandard1.6
      Microsoft.NETCore.Platforms (>= 1.1) - restriction: || (&& (< net45) (>= netstandard1.0) (< netstandard1.3) (< monoandroid) (< win8) (< wp8) (< wpa81)) (&& (< net45) (>= netstandard1.3) (< netstandard1.5) (< monoandroid) (< win8) (< wpa81)) (&& (< net45) (>= netstandard1.5) (< monotouch) (< xamarintvos) (< xamarinwatchos) (< xamarinios) (< xamarinmac)) (>= dnxcore50)
      Microsoft.NETCore.Targets (>= 1.1) - restriction: || (&& (< net45) (>= netstandard1.0) (< netstandard1.3) (< monoandroid) (< win8) (< wp8) (< wpa81)) (&& (< net45) (>= netstandard1.3) (< netstandard1.5) (< monoandroid) (< win8) (< wpa81)) (&& (< net45) (>= netstandard1.5) (< monotouch) (< xamarintvos) (< xamarinwatchos) (< xamarinios) (< xamarinmac)) (>= dnxcore50)
      System.Runtime (>= 4.3) - restriction: || (&& (< net45) (>= netstandard1.0) (< netstandard1.3) (< monoandroid) (< win8) (< wp8) (< wpa81)) (&& (< net45) (>= netstandard1.3) (< netstandard1.5) (< monoandroid) (< win8) (< wpa81)) (&& (< net45) (>= netstandard1.5) (< monotouch) (< xamarintvos) (< xamarinwatchos) (< xamarinios) (< xamarinmac)) (>= dnxcore50)
    System.Runtime.Handles (4.3) - restriction: || (&& (>= net46) (< netstandard1.3) (>= netstandard1.6)) (&& (>= net46) (< netstandard1.4) (>= netstandard1.6)) (&& (>= uap10.0) (>= netstandard1.6)) (&& (>= dnxcore50) (>= netstandard1.6)) (&& (< netstandard1.1) (>= netstandard1.6) (< monoandroid)) (&& (< netstandard1.3) (>= netstandard1.6) (< monoandroid)) (&& (< netstandard1.4) (>= netstandard1.6) (< monoandroid)) (&& (< netstandard1.5) (>= netstandard1.6) (< monoandroid)) (&& (>= netstandard1.6) (< monotouch) (< xamarintvos) (< xamarinwatchos) (< xamarinios) (< xamarinmac)) (&& (>= netstandard1.6) (< portable-net45+win8+wpa81)) (&& (>= netstandard1.6) (< portable-net451+win81+wpa81))
      Microsoft.NETCore.Platforms (>= 1.1) - restriction: && (< net46) (>= netstandard1.3) (< monotouch) (< xamarintvos) (< xamarinwatchos) (< xamarinios) (< xamarinmac)
      Microsoft.NETCore.Targets (>= 1.1) - restriction: && (< net46) (>= netstandard1.3) (< monotouch) (< xamarintvos) (< xamarinwatchos) (< xamarinios) (< xamarinmac)
      System.Runtime (>= 4.3) - restriction: && (< net46) (>= netstandard1.3) (< monotouch) (< xamarintvos) (< xamarinwatchos) (< xamarinios) (< xamarinmac)
    System.Runtime.InteropServices (4.3) - restriction: || (&& (>= net46) (< netstandard1.4) (>= netstandard1.6)) (&& (>= uap10.0) (>= netstandard1.6)) (&& (>= dnxcore50) (>= netstandard1.6)) (&& (< netstandard1.3) (>= netstandard1.6) (< monoandroid)) (&& (< netstandard1.4) (>= netstandard1.6) (< monoandroid)) (&& (< netstandard1.5) (>= netstandard1.6) (< monoandroid)) (&& (>= netstandard1.6) (< monotouch) (< xamarintvos) (< xamarinwatchos) (< xamarinios) (< xamarinmac)) (&& (>= netstandard1.6) (< portable-net45+win8+wpa81)) (&& (>= netstandard1.6) (< portable-net451+win81+wpa81))
      Microsoft.NETCore.Platforms (>= 1.1) - restriction: || (&& (< net45) (>= netstandard1.1) (< netstandard1.2) (< monoandroid) (< win8)) (&& (< net45) (>= netstandard1.2) (< netstandard1.3) (< monoandroid) (< win8) (< wpa81)) (&& (< net45) (>= netstandard1.3) (< netstandard1.5) (< monoandroid) (< win8) (< wpa81)) (&& (< net45) (>= netstandard1.5) (< monotouch) (< xamarintvos) (< xamarinwatchos) (< xamarinios) (< xamarinmac)) (>= dnxcore50) (>= netcoreapp1.1)
      Microsoft.NETCore.Targets (>= 1.1) - restriction: || (&& (< net45) (>= netstandard1.1) (< netstandard1.2) (< monoandroid) (< win8)) (&& (< net45) (>= netstandard1.2) (< netstandard1.3) (< monoandroid) (< win8) (< wpa81)) (&& (< net45) (>= netstandard1.3) (< netstandard1.5) (< monoandroid) (< win8) (< wpa81)) (&& (< net45) (>= netstandard1.5) (< monotouch) (< xamarintvos) (< xamarinwatchos) (< xamarinios) (< xamarinmac)) (>= dnxcore50) (>= netcoreapp1.1)
      System.Reflection (>= 4.3) - restriction: || (&& (< net45) (>= netstandard1.1) (< netstandard1.2) (< monoandroid) (< win8)) (&& (< net45) (>= netstandard1.2) (< netstandard1.3) (< monoandroid) (< win8) (< wpa81)) (&& (< net45) (>= netstandard1.3) (< netstandard1.5) (< monoandroid) (< win8) (< wpa81)) (&& (< net45) (>= netstandard1.5) (< monotouch) (< xamarintvos) (< xamarinwatchos) (< xamarinios) (< xamarinmac)) (>= dnxcore50) (>= netcoreapp1.1)
      System.Reflection.Primitives (>= 4.3) - restriction: || (&& (< net45) (>= netstandard1.1) (< netstandard1.2) (< monoandroid) (< win8)) (&& (< net45) (>= netstandard1.2) (< netstandard1.3) (< monoandroid) (< win8) (< wpa81)) (&& (< net45) (>= netstandard1.3) (< netstandard1.5) (< monoandroid) (< win8) (< wpa81)) (&& (< net45) (>= netstandard1.5) (< monotouch) (< xamarintvos) (< xamarinwatchos) (< xamarinios) (< xamarinmac)) (>= dnxcore50) (>= netcoreapp1.1)
      System.Runtime (>= 4.3) - restriction: || (&& (< net45) (>= netstandard1.1) (< netstandard1.2) (< monoandroid) (< win8)) (&& (< net45) (>= netstandard1.2) (< netstandard1.3) (< monoandroid) (< win8) (< wpa81)) (&& (< net45) (>= netstandard1.3) (< netstandard1.5) (< monoandroid) (< win8) (< wpa81)) (&& (< net45) (>= netstandard1.5) (< monotouch) (< xamarintvos) (< xamarinwatchos) (< xamarinios) (< xamarinmac)) (>= net462) (>= dnxcore50) (>= netcoreapp1.1)
      System.Runtime.Handles (>= 4.3) - restriction: || (&& (< net45) (>= netstandard1.3) (< netstandard1.5) (< monoandroid) (< win8) (< wpa81)) (&& (< net45) (>= netstandard1.5) (< monotouch) (< xamarintvos) (< xamarinwatchos) (< xamarinios) (< xamarinmac)) (>= dnxcore50) (>= netcoreapp1.1)
    System.Runtime.InteropServices.RuntimeInformation (4.3) - restriction: || (&& (>= net451) (< netstandard1.3) (>= netstandard1.6)) (&& (>= net46) (< netstandard1.4) (>= netstandard1.6)) (&& (>= uap10.0) (>= netstandard1.6)) (&& (< netstandard1.0) (>= netstandard1.6) (< monoandroid)) (&& (< netstandard1.3) (>= netstandard1.6) (< monoandroid)) (&& (< netstandard1.3) (>= netstandard1.6) (>= wpa81)) (&& (< netstandard1.4) (>= netstandard1.6) (< monoandroid)) (&& (< netstandard1.5) (>= netstandard1.6) (< monoandroid)) (&& (>= netstandard1.6) (< netstandard2.0) (< monotouch) (< xamarintvos) (< xamarinwatchos) (< xamarinios) (< xamarinmac)) (&& (>= netstandard1.6) (< portable-net451+win81+wpa81))
      runtime.native.System (>= 4.3) - restriction: && (< net45) (>= netstandard1.1) (< monotouch) (< xamarintvos) (< xamarinwatchos) (< xamarinios) (< xamarinmac) (< win8) (< wpa81)
      System.Reflection (>= 4.3) - restriction: || (&& (< net45) (>= netstandard1.1) (< monotouch) (< xamarintvos) (< xamarinwatchos) (< xamarinios) (< xamarinmac) (< win8) (< wpa81)) (>= dnxcore50)
      System.Reflection.Extensions (>= 4.3) - restriction: || (&& (< net45) (>= netstandard1.1) (< monotouch) (< xamarintvos) (< xamarinwatchos) (< xamarinios) (< xamarinmac) (< win8) (< wpa81)) (>= dnxcore50)
      System.Resources.ResourceManager (>= 4.3) - restriction: || (&& (< net45) (>= netstandard1.1) (< monotouch) (< xamarintvos) (< xamarinwatchos) (< xamarinios) (< xamarinmac) (< win8) (< wpa81)) (>= dnxcore50)
      System.Runtime (>= 4.3) - restriction: || (&& (< net45) (>= netstandard1.1) (< monotouch) (< xamarintvos) (< xamarinwatchos) (< xamarinios) (< xamarinmac) (< win8) (< wpa81)) (>= dnxcore50)
      System.Runtime.InteropServices (>= 4.3) - restriction: && (< net45) (>= netstandard1.1) (< monotouch) (< xamarintvos) (< xamarinwatchos) (< xamarinios) (< xamarinmac) (< win8) (< wpa81)
      System.Threading (>= 4.3) - restriction: || (&& (< net45) (>= netstandard1.1) (< monotouch) (< xamarintvos) (< xamarinwatchos) (< xamarinios) (< xamarinmac) (< win8) (< wpa81)) (>= dnxcore50)
    System.Runtime.Loader (4.3) - restriction: >= netstandard1.6
      System.IO (>= 4.3) - restriction: && (< net462) (>= netstandard1.5) (< monotouch) (< xamarintvos) (< xamarinwatchos) (< xamarinios) (< xamarinmac)
      System.Reflection (>= 4.3) - restriction: && (< net462) (>= netstandard1.5) (< monotouch) (< xamarintvos) (< xamarinwatchos) (< xamarinios) (< xamarinmac)
      System.Runtime (>= 4.3) - restriction: && (< net462) (>= netstandard1.5) (< monotouch) (< xamarintvos) (< xamarinwatchos) (< xamarinios) (< xamarinmac)
    System.Runtime.Numerics (4.3) - restriction: >= netstandard1.6
      System.Globalization (>= 4.3) - restriction: || (&& (< net45) (>= netstandard1.3) (< monotouch) (< xamarintvos) (< xamarinwatchos) (< xamarinios) (< xamarinmac) (< win8) (< wpa81)) (>= dnxcore50)
      System.Resources.ResourceManager (>= 4.3) - restriction: || (&& (< net45) (>= netstandard1.3) (< monotouch) (< xamarintvos) (< xamarinwatchos) (< xamarinios) (< xamarinmac) (< win8) (< wpa81)) (>= dnxcore50)
      System.Runtime (>= 4.3) - restriction: || (&& (< net45) (>= netstandard1.1) (< netstandard1.3) (< monoandroid) (< win8) (< wpa81)) (&& (< net45) (>= netstandard1.3) (< monotouch) (< xamarintvos) (< xamarinwatchos) (< xamarinios) (< xamarinmac) (< win8) (< wpa81)) (>= dnxcore50)
      System.Runtime.Extensions (>= 4.3) - restriction: || (&& (< net45) (>= netstandard1.3) (< monotouch) (< xamarintvos) (< xamarinwatchos) (< xamarinios) (< xamarinmac) (< win8) (< wpa81)) (>= dnxcore50)
    System.Runtime.Serialization.Formatters (4.3) - restriction: >= netstandard1.6
      System.Collections (>= 4.3) - restriction: && (< net46) (>= netstandard1.4) (< monotouch) (< xamarintvos) (< xamarinwatchos) (< xamarinios) (< xamarinmac)
      System.Reflection (>= 4.3) - restriction: && (< net46) (>= netstandard1.4) (< monotouch) (< xamarintvos) (< xamarinwatchos) (< xamarinios) (< xamarinmac)
      System.Resources.ResourceManager (>= 4.3) - restriction: && (< net46) (>= netstandard1.4) (< monotouch) (< xamarintvos) (< xamarinwatchos) (< xamarinios) (< xamarinmac)
      System.Runtime (>= 4.3) - restriction: || (&& (< net46) (>= netstandard1.3) (< netstandard1.4) (< monoandroid)) (&& (< net46) (>= netstandard1.4) (< monotouch) (< xamarintvos) (< xamarinwatchos) (< xamarinios) (< xamarinmac))
      System.Runtime.Serialization.Primitives (>= 4.3) - restriction: || (>= net46) (&& (>= netstandard1.3) (< netstandard1.4) (< monoandroid)) (&& (>= netstandard1.4) (< monotouch) (< xamarintvos) (< xamarinwatchos) (< xamarinios) (< xamarinmac))
    System.Runtime.Serialization.Primitives (4.3) - restriction: >= netstandard1.6
      System.Resources.ResourceManager (>= 4.3) - restriction: || (&& (< net45) (>= netstandard1.3) (< monotouch) (< xamarintvos) (< xamarinwatchos) (< xamarinios) (< xamarinmac) (< win8) (< wpa81)) (>= dnxcore50)
      System.Runtime (>= 4.3) - restriction: || (&& (< net45) (>= netstandard1.0) (< netstandard1.3) (< monoandroid) (< win8) (< wp8) (< wpa81)) (&& (< net45) (>= netstandard1.3) (< monotouch) (< xamarintvos) (< xamarinwatchos) (< xamarinios) (< xamarinmac) (< win8) (< wpa81)) (>= dnxcore50)
    System.Security.Cryptography.Algorithms (4.3) - restriction: || (&& (>= net46) (< netstandard1.4) (>= netstandard1.6)) (&& (>= uap10.0) (>= netstandard1.6)) (&& (>= dnxcore50) (>= netstandard1.6)) (&& (< netstandard1.3) (>= netstandard1.6) (< monoandroid)) (&& (< netstandard1.4) (>= netstandard1.6) (< monoandroid)) (&& (< netstandard1.5) (>= netstandard1.6) (< monoandroid)) (&& (>= netstandard1.6) (< monotouch) (< xamarintvos) (< xamarinwatchos) (< xamarinios) (< xamarinmac)) (&& (>= netstandard1.6) (< portable-net451+win81+wpa81))
      Microsoft.NETCore.Platforms (>= 1.1) - restriction: || (>= dnxcore50) (&& (>= netstandard1.6) (< monotouch) (< xamarintvos) (< xamarinwatchos) (< xamarinios) (< xamarinmac))
      runtime.native.System.Security.Cryptography.Apple (>= 4.3) - restriction: && (>= netstandard1.6) (< monotouch) (< xamarintvos) (< xamarinwatchos) (< xamarinios) (< xamarinmac)
      runtime.native.System.Security.Cryptography.OpenSsl (>= 4.3) - restriction: && (>= netstandard1.6) (< monotouch) (< xamarintvos) (< xamarinwatchos) (< xamarinios) (< xamarinmac)
      System.Collections (>= 4.3) - restriction: && (>= netstandard1.6) (< monotouch) (< xamarintvos) (< xamarinwatchos) (< xamarinios) (< xamarinmac)
      System.IO (>= 4.3) - restriction: || (&& (< net46) (>= netstandard1.3) (< netstandard1.4) (< monoandroid)) (&& (< net46) (>= netstandard1.4) (< netstandard1.6) (< monoandroid)) (>= net463) (>= dnxcore50) (&& (>= netstandard1.6) (< monotouch) (< xamarintvos) (< xamarinwatchos) (< xamarinios) (< xamarinmac))
      System.Resources.ResourceManager (>= 4.3) - restriction: || (>= dnxcore50) (&& (>= netstandard1.6) (< monotouch) (< xamarintvos) (< xamarinwatchos) (< xamarinios) (< xamarinmac))
      System.Runtime (>= 4.3) - restriction: || (&& (< net46) (>= netstandard1.3) (< netstandard1.4) (< monoandroid)) (&& (< net46) (>= netstandard1.4) (< netstandard1.6) (< monoandroid)) (>= net463) (>= dnxcore50) (&& (>= netstandard1.6) (< monotouch) (< xamarintvos) (< xamarinwatchos) (< xamarinios) (< xamarinmac))
      System.Runtime.Extensions (>= 4.3) - restriction: || (>= dnxcore50) (&& (>= netstandard1.6) (< monotouch) (< xamarintvos) (< xamarinwatchos) (< xamarinios) (< xamarinmac))
      System.Runtime.Handles (>= 4.3) - restriction: || (>= dnxcore50) (&& (>= netstandard1.6) (< monotouch) (< xamarintvos) (< xamarinwatchos) (< xamarinios) (< xamarinmac))
      System.Runtime.InteropServices (>= 4.3) - restriction: || (>= dnxcore50) (&& (>= netstandard1.6) (< monotouch) (< xamarintvos) (< xamarinwatchos) (< xamarinios) (< xamarinmac))
      System.Runtime.Numerics (>= 4.3) - restriction: && (>= netstandard1.6) (< monotouch) (< xamarintvos) (< xamarinwatchos) (< xamarinios) (< xamarinmac)
      System.Security.Cryptography.Encoding (>= 4.3) - restriction: || (>= net463) (>= dnxcore50) (&& (>= netstandard1.6) (< monotouch) (< xamarintvos) (< xamarinwatchos) (< xamarinios) (< xamarinmac))
      System.Security.Cryptography.Primitives (>= 4.3) - restriction: || (&& (>= net46) (< netstandard1.4)) (&& (< net46) (>= netstandard1.3) (< netstandard1.4) (< monoandroid)) (&& (< net46) (>= netstandard1.4) (< netstandard1.6) (< monoandroid)) (>= net461) (>= dnxcore50) (&& (>= netstandard1.6) (< monotouch) (< xamarintvos) (< xamarinwatchos) (< xamarinios) (< xamarinmac))
      System.Text.Encoding (>= 4.3) - restriction: || (>= dnxcore50) (&& (>= netstandard1.6) (< monotouch) (< xamarintvos) (< xamarinwatchos) (< xamarinios) (< xamarinmac))
    System.Security.Cryptography.Cng (4.4) - restriction: || (&& (>= net46) (>= netstandard1.6)) (&& (>= uap10.0) (>= netstandard1.6)) (&& (>= dnxcore50) (>= netstandard1.6)) (&& (< netstandard1.3) (>= netstandard1.6) (< monoandroid)) (&& (< netstandard1.4) (>= netstandard1.6) (< monoandroid)) (&& (< netstandard1.5) (>= netstandard1.6) (< monoandroid)) (&& (>= netstandard1.6) (< monotouch) (< xamarintvos) (< xamarinwatchos) (< xamarinios) (< xamarinmac)) (&& (>= netstandard1.6) (< portable-net451+win81+wpa81))
      System.IO (>= 4.3) - restriction: || (&& (< net46) (>= netstandard1.3) (< netstandard1.4) (< monoandroid)) (&& (< net46) (>= netstandard1.4) (< netstandard1.6) (< monoandroid)) (&& (>= netstandard1.6) (< netstandard2.0) (< monotouch) (< xamarintvos) (< xamarinwatchos) (< xamarinios) (< xamarinmac))
      System.Resources.ResourceManager (>= 4.3) - restriction: || (&& (< net46) (>= netstandard1.3) (< netstandard1.4) (< monoandroid)) (&& (< net46) (>= netstandard1.4) (< netstandard1.6) (< monoandroid)) (&& (>= netstandard1.6) (< netstandard2.0) (< monotouch) (< xamarintvos) (< xamarinwatchos) (< xamarinios) (< xamarinmac))
      System.Runtime (>= 4.3) - restriction: || (&& (< net46) (>= netstandard1.3) (< netstandard1.4) (< monoandroid)) (&& (< net46) (>= netstandard1.4) (< netstandard1.6) (< monoandroid)) (&& (>= netstandard1.6) (< netstandard2.0) (< monotouch) (< xamarintvos) (< xamarinwatchos) (< xamarinios) (< xamarinmac))
      System.Runtime.Extensions (>= 4.3) - restriction: || (&& (< net46) (>= netstandard1.4) (< netstandard1.6) (< monoandroid)) (&& (>= netstandard1.6) (< netstandard2.0) (< monotouch) (< xamarintvos) (< xamarinwatchos) (< xamarinios) (< xamarinmac))
      System.Runtime.Handles (>= 4.3) - restriction: || (&& (< net46) (>= netstandard1.3) (< netstandard1.4) (< monoandroid)) (&& (< net46) (>= netstandard1.4) (< netstandard1.6) (< monoandroid)) (&& (>= netstandard1.6) (< netstandard2.0) (< monotouch) (< xamarintvos) (< xamarinwatchos) (< xamarinios) (< xamarinmac))
      System.Runtime.InteropServices (>= 4.3) - restriction: || (&& (< net46) (>= netstandard1.3) (< netstandard1.4) (< monoandroid)) (&& (< net46) (>= netstandard1.4) (< netstandard1.6) (< monoandroid)) (&& (>= netstandard1.6) (< netstandard2.0) (< monotouch) (< xamarintvos) (< xamarinwatchos) (< xamarinios) (< xamarinmac))
      System.Security.Cryptography.Algorithms (>= 4.3) - restriction: || (&& (>= net46) (< netstandard1.4)) (&& (< net46) (>= netstandard1.3) (< netstandard1.4) (< monoandroid)) (&& (< net46) (>= netstandard1.4) (< netstandard1.6) (< monoandroid)) (&& (>= netstandard1.6) (< netstandard2.0) (< monotouch) (< xamarintvos) (< xamarinwatchos) (< xamarinios) (< xamarinmac))
      System.Security.Cryptography.Encoding (>= 4.3) - restriction: || (&& (< net46) (>= netstandard1.4) (< netstandard1.6) (< monoandroid)) (&& (>= netstandard1.6) (< netstandard2.0) (< monotouch) (< xamarintvos) (< xamarinwatchos) (< xamarinios) (< xamarinmac))
      System.Security.Cryptography.Primitives (>= 4.3) - restriction: || (&& (>= net46) (< netstandard1.4)) (&& (< net46) (>= netstandard1.3) (< netstandard1.4) (< monoandroid)) (&& (< net46) (>= netstandard1.4) (< netstandard1.6) (< monoandroid)) (&& (>= netstandard1.6) (< netstandard2.0) (< monotouch) (< xamarintvos) (< xamarinwatchos) (< xamarinios) (< xamarinmac))
      System.Text.Encoding (>= 4.3) - restriction: || (&& (< net46) (>= netstandard1.4) (< netstandard1.6) (< monoandroid)) (&& (>= netstandard1.6) (< netstandard2.0) (< monotouch) (< xamarintvos) (< xamarinwatchos) (< xamarinios) (< xamarinmac))
    System.Security.Cryptography.Csp (4.3) - restriction: || (&& (>= net46) (>= netstandard1.6)) (&& (>= uap10.0) (>= netstandard1.6)) (&& (>= dnxcore50) (>= netstandard1.6)) (&& (< netstandard1.3) (>= netstandard1.6) (< monoandroid)) (&& (< netstandard1.4) (>= netstandard1.6) (< monoandroid)) (&& (< netstandard1.5) (>= netstandard1.6) (< monoandroid)) (&& (>= netstandard1.6) (< monotouch) (< xamarintvos) (< xamarinwatchos) (< xamarinios) (< xamarinmac)) (&& (>= netstandard1.6) (< portable-net451+win81+wpa81))
      Microsoft.NETCore.Platforms (>= 1.1) - restriction: && (< net46) (>= netstandard1.3) (< monotouch) (< xamarintvos) (< xamarinwatchos) (< xamarinios) (< xamarinmac)
      System.IO (>= 4.3) - restriction: && (< net46) (>= netstandard1.3) (< monotouch) (< xamarintvos) (< xamarinwatchos) (< xamarinios) (< xamarinmac)
      System.Reflection (>= 4.3) - restriction: && (< net46) (>= netstandard1.3) (< monotouch) (< xamarintvos) (< xamarinwatchos) (< xamarinios) (< xamarinmac)
      System.Resources.ResourceManager (>= 4.3) - restriction: && (< net46) (>= netstandard1.3) (< monotouch) (< xamarintvos) (< xamarinwatchos) (< xamarinios) (< xamarinmac)
      System.Runtime (>= 4.3) - restriction: && (< net46) (>= netstandard1.3) (< monotouch) (< xamarintvos) (< xamarinwatchos) (< xamarinios) (< xamarinmac)
      System.Runtime.Extensions (>= 4.3) - restriction: && (< net46) (>= netstandard1.3) (< monotouch) (< xamarintvos) (< xamarinwatchos) (< xamarinios) (< xamarinmac)
      System.Runtime.Handles (>= 4.3) - restriction: && (< net46) (>= netstandard1.3) (< monotouch) (< xamarintvos) (< xamarinwatchos) (< xamarinios) (< xamarinmac)
      System.Runtime.InteropServices (>= 4.3) - restriction: && (< net46) (>= netstandard1.3) (< monotouch) (< xamarintvos) (< xamarinwatchos) (< xamarinios) (< xamarinmac)
      System.Security.Cryptography.Algorithms (>= 4.3) - restriction: || (>= net46) (&& (>= netstandard1.3) (< monotouch) (< xamarintvos) (< xamarinwatchos) (< xamarinios) (< xamarinmac))
      System.Security.Cryptography.Encoding (>= 4.3) - restriction: && (< net46) (>= netstandard1.3) (< monotouch) (< xamarintvos) (< xamarinwatchos) (< xamarinios) (< xamarinmac)
      System.Security.Cryptography.Primitives (>= 4.3) - restriction: || (>= net46) (&& (>= netstandard1.3) (< monotouch) (< xamarintvos) (< xamarinwatchos) (< xamarinios) (< xamarinmac))
      System.Text.Encoding (>= 4.3) - restriction: && (< net46) (>= netstandard1.3) (< monotouch) (< xamarintvos) (< xamarinwatchos) (< xamarinios) (< xamarinmac)
      System.Threading (>= 4.3) - restriction: && (< net46) (>= netstandard1.3) (< monotouch) (< xamarintvos) (< xamarinwatchos) (< xamarinios) (< xamarinmac)
    System.Security.Cryptography.Encoding (4.3) - restriction: || (&& (>= net46) (< netstandard1.4) (>= netstandard1.6)) (&& (>= net463) (>= netstandard1.6)) (&& (>= uap10.0) (>= netstandard1.6)) (&& (>= dnxcore50) (>= netstandard1.6)) (&& (< netstandard1.3) (>= netstandard1.6) (< monoandroid)) (&& (< netstandard1.4) (>= netstandard1.6) (< monoandroid)) (&& (< netstandard1.5) (>= netstandard1.6) (< monoandroid)) (&& (>= netstandard1.6) (< monotouch) (< xamarintvos) (< xamarinwatchos) (< xamarinios) (< xamarinmac)) (&& (>= netstandard1.6) (< portable-net451+win81+wpa81))
      Microsoft.NETCore.Platforms (>= 1.1) - restriction: && (< net46) (>= netstandard1.3) (< monotouch) (< xamarintvos) (< xamarinwatchos) (< xamarinios) (< xamarinmac)
      runtime.native.System.Security.Cryptography.OpenSsl (>= 4.3) - restriction: && (< net46) (>= netstandard1.3) (< monotouch) (< xamarintvos) (< xamarinwatchos) (< xamarinios) (< xamarinmac)
      System.Collections (>= 4.3) - restriction: && (< net46) (>= netstandard1.3) (< monotouch) (< xamarintvos) (< xamarinwatchos) (< xamarinios) (< xamarinmac)
      System.Collections.Concurrent (>= 4.3) - restriction: && (< net46) (>= netstandard1.3) (< monotouch) (< xamarintvos) (< xamarinwatchos) (< xamarinios) (< xamarinmac)
      System.Linq (>= 4.3) - restriction: && (< net46) (>= netstandard1.3) (< monotouch) (< xamarintvos) (< xamarinwatchos) (< xamarinios) (< xamarinmac)
      System.Resources.ResourceManager (>= 4.3) - restriction: && (< net46) (>= netstandard1.3) (< monotouch) (< xamarintvos) (< xamarinwatchos) (< xamarinios) (< xamarinmac)
      System.Runtime (>= 4.3) - restriction: && (< net46) (>= netstandard1.3) (< monotouch) (< xamarintvos) (< xamarinwatchos) (< xamarinios) (< xamarinmac)
      System.Runtime.Extensions (>= 4.3) - restriction: && (< net46) (>= netstandard1.3) (< monotouch) (< xamarintvos) (< xamarinwatchos) (< xamarinios) (< xamarinmac)
      System.Runtime.Handles (>= 4.3) - restriction: && (< net46) (>= netstandard1.3) (< monotouch) (< xamarintvos) (< xamarinwatchos) (< xamarinios) (< xamarinmac)
      System.Runtime.InteropServices (>= 4.3) - restriction: && (< net46) (>= netstandard1.3) (< monotouch) (< xamarintvos) (< xamarinwatchos) (< xamarinios) (< xamarinmac)
      System.Security.Cryptography.Primitives (>= 4.3) - restriction: && (< net46) (>= netstandard1.3) (< monotouch) (< xamarintvos) (< xamarinwatchos) (< xamarinios) (< xamarinmac)
      System.Text.Encoding (>= 4.3) - restriction: && (< net46) (>= netstandard1.3) (< monotouch) (< xamarintvos) (< xamarinwatchos) (< xamarinios) (< xamarinmac)
    System.Security.Cryptography.OpenSsl (4.4) - restriction: || (&& (>= net46) (< netstandard1.4) (>= netstandard1.6)) (&& (>= uap10.0) (>= netstandard1.6)) (&& (>= dnxcore50) (>= netstandard1.6)) (&& (< netstandard1.3) (>= netstandard1.6) (< monoandroid)) (&& (< netstandard1.4) (>= netstandard1.6) (< monoandroid)) (&& (< netstandard1.5) (>= netstandard1.6) (< monoandroid)) (&& (>= netstandard1.6) (< monotouch) (< xamarintvos) (< xamarinwatchos) (< xamarinios) (< xamarinmac)) (&& (>= netstandard1.6) (< portable-net451+win81+wpa81))
      System.Collections (>= 4.3) - restriction: && (>= netstandard1.6) (< netstandard2.0) (< monotouch) (< xamarintvos) (< xamarinwatchos) (< xamarinios) (< xamarinmac)
      System.IO (>= 4.3) - restriction: && (>= netstandard1.6) (< netstandard2.0) (< monotouch) (< xamarintvos) (< xamarinwatchos) (< xamarinios) (< xamarinmac)
      System.Resources.ResourceManager (>= 4.3) - restriction: && (>= netstandard1.6) (< netstandard2.0) (< monotouch) (< xamarintvos) (< xamarinwatchos) (< xamarinios) (< xamarinmac)
      System.Runtime (>= 4.3) - restriction: && (>= netstandard1.6) (< netstandard2.0) (< monotouch) (< xamarintvos) (< xamarinwatchos) (< xamarinios) (< xamarinmac)
      System.Runtime.Extensions (>= 4.3) - restriction: && (>= netstandard1.6) (< netstandard2.0) (< monotouch) (< xamarintvos) (< xamarinwatchos) (< xamarinios) (< xamarinmac)
      System.Runtime.Handles (>= 4.3) - restriction: && (>= netstandard1.6) (< netstandard2.0) (< monotouch) (< xamarintvos) (< xamarinwatchos) (< xamarinios) (< xamarinmac)
      System.Runtime.InteropServices (>= 4.3) - restriction: && (>= netstandard1.6) (< netstandard2.0) (< monotouch) (< xamarintvos) (< xamarinwatchos) (< xamarinios) (< xamarinmac)
      System.Runtime.Numerics (>= 4.3) - restriction: && (>= netstandard1.6) (< netstandard2.0) (< monotouch) (< xamarintvos) (< xamarinwatchos) (< xamarinios) (< xamarinmac)
      System.Security.Cryptography.Algorithms (>= 4.3) - restriction: && (>= netstandard1.6) (< netstandard2.0) (< monotouch) (< xamarintvos) (< xamarinwatchos) (< xamarinios) (< xamarinmac)
      System.Security.Cryptography.Encoding (>= 4.3) - restriction: && (>= netstandard1.6) (< netstandard2.0) (< monotouch) (< xamarintvos) (< xamarinwatchos) (< xamarinios) (< xamarinmac)
      System.Security.Cryptography.Primitives (>= 4.3) - restriction: && (>= netstandard1.6) (< netstandard2.0) (< monotouch) (< xamarintvos) (< xamarinwatchos) (< xamarinios) (< xamarinmac)
      System.Text.Encoding (>= 4.3) - restriction: && (>= netstandard1.6) (< netstandard2.0) (< monotouch) (< xamarintvos) (< xamarinwatchos) (< xamarinios) (< xamarinmac)
    System.Security.Cryptography.Primitives (4.3) - restriction: || (&& (>= net46) (< netstandard1.3) (>= netstandard1.6)) (&& (>= net46) (< netstandard1.4) (>= netstandard1.6)) (&& (>= net461) (>= netstandard1.6)) (&& (>= net463) (>= netstandard1.6)) (&& (>= uap10.0) (>= netstandard1.6)) (&& (>= dnxcore50) (>= netstandard1.6)) (&& (< netstandard1.3) (>= netstandard1.6) (< monoandroid)) (&& (< netstandard1.4) (>= netstandard1.6) (< monoandroid)) (&& (< netstandard1.5) (>= netstandard1.6) (< monoandroid)) (&& (>= netstandard1.6) (< monotouch) (< xamarintvos) (< xamarinwatchos) (< xamarinios) (< xamarinmac)) (&& (>= netstandard1.6) (< portable-net451+win81+wpa81))
      System.Diagnostics.Debug (>= 4.3) - restriction: && (< net46) (>= netstandard1.3) (< monotouch) (< xamarintvos) (< xamarinwatchos) (< xamarinios) (< xamarinmac)
      System.Globalization (>= 4.3) - restriction: && (< net46) (>= netstandard1.3) (< monotouch) (< xamarintvos) (< xamarinwatchos) (< xamarinios) (< xamarinmac)
      System.IO (>= 4.3) - restriction: && (< net46) (>= netstandard1.3) (< monotouch) (< xamarintvos) (< xamarinwatchos) (< xamarinios) (< xamarinmac)
      System.Resources.ResourceManager (>= 4.3) - restriction: && (< net46) (>= netstandard1.3) (< monotouch) (< xamarintvos) (< xamarinwatchos) (< xamarinios) (< xamarinmac)
      System.Runtime (>= 4.3) - restriction: && (< net46) (>= netstandard1.3) (< monotouch) (< xamarintvos) (< xamarinwatchos) (< xamarinios) (< xamarinmac)
      System.Threading (>= 4.3) - restriction: && (< net46) (>= netstandard1.3) (< monotouch) (< xamarintvos) (< xamarinwatchos) (< xamarinios) (< xamarinmac)
      System.Threading.Tasks (>= 4.3) - restriction: && (< net46) (>= netstandard1.3) (< monotouch) (< xamarintvos) (< xamarinwatchos) (< xamarinios) (< xamarinmac)
    System.Security.Cryptography.X509Certificates (4.3.1) - restriction: || (&& (>= net46) (>= netstandard1.6)) (&& (>= uap10.0) (>= netstandard1.6)) (&& (>= dnxcore50) (>= netstandard1.6)) (&& (< netstandard1.3) (>= netstandard1.6) (< monoandroid)) (&& (< netstandard1.4) (>= netstandard1.6) (< monoandroid)) (&& (< netstandard1.5) (>= netstandard1.6) (< monoandroid)) (&& (>= netstandard1.6) (< monotouch) (< xamarintvos) (< xamarinwatchos) (< xamarinios) (< xamarinmac)) (&& (>= netstandard1.6) (< portable-net451+win81+wpa81))
      Microsoft.NETCore.Platforms (>= 1.1) - restriction: || (>= dnxcore50) (&& (>= netstandard1.6) (< monotouch) (< xamarintvos) (< xamarinwatchos) (< xamarinios) (< xamarinmac))
      runtime.native.System (>= 4.3) - restriction: && (>= netstandard1.6) (< monotouch) (< xamarintvos) (< xamarinwatchos) (< xamarinios) (< xamarinmac)
      runtime.native.System.Net.Http (>= 4.3) - restriction: && (>= netstandard1.6) (< monotouch) (< xamarintvos) (< xamarinwatchos) (< xamarinios) (< xamarinmac)
      runtime.native.System.Security.Cryptography.OpenSsl (>= 4.3.2) - restriction: && (>= netstandard1.6) (< monotouch) (< xamarintvos) (< xamarinwatchos) (< xamarinios) (< xamarinmac)
      System.Collections (>= 4.3) - restriction: || (>= dnxcore50) (&& (>= netstandard1.6) (< monotouch) (< xamarintvos) (< xamarinwatchos) (< xamarinios) (< xamarinmac))
      System.Diagnostics.Debug (>= 4.3) - restriction: && (>= netstandard1.6) (< monotouch) (< xamarintvos) (< xamarinwatchos) (< xamarinios) (< xamarinmac)
      System.Globalization (>= 4.3) - restriction: || (>= dnxcore50) (&& (>= netstandard1.6) (< monotouch) (< xamarintvos) (< xamarinwatchos) (< xamarinios) (< xamarinmac))
      System.Globalization.Calendars (>= 4.3) - restriction: || (>= dnxcore50) (&& (>= netstandard1.6) (< monotouch) (< xamarintvos) (< xamarinwatchos) (< xamarinios) (< xamarinmac))
      System.IO (>= 4.3) - restriction: || (>= dnxcore50) (&& (>= netstandard1.6) (< monotouch) (< xamarintvos) (< xamarinwatchos) (< xamarinios) (< xamarinmac))
      System.IO.FileSystem (>= 4.3) - restriction: || (>= dnxcore50) (&& (>= netstandard1.6) (< monotouch) (< xamarintvos) (< xamarinwatchos) (< xamarinios) (< xamarinmac))
      System.IO.FileSystem.Primitives (>= 4.3) - restriction: && (>= netstandard1.6) (< monotouch) (< xamarintvos) (< xamarinwatchos) (< xamarinios) (< xamarinmac)
      System.Resources.ResourceManager (>= 4.3) - restriction: || (>= dnxcore50) (&& (>= netstandard1.6) (< monotouch) (< xamarintvos) (< xamarinwatchos) (< xamarinios) (< xamarinmac))
      System.Runtime (>= 4.3) - restriction: || (&& (< net46) (>= netstandard1.3) (< netstandard1.4) (< monoandroid)) (&& (< net46) (>= netstandard1.4) (< netstandard1.6) (< monoandroid)) (>= dnxcore50) (&& (>= netstandard1.6) (< monotouch) (< xamarintvos) (< xamarinwatchos) (< xamarinios) (< xamarinmac))
      System.Runtime.Extensions (>= 4.3) - restriction: || (>= dnxcore50) (&& (>= netstandard1.6) (< monotouch) (< xamarintvos) (< xamarinwatchos) (< xamarinios) (< xamarinmac))
      System.Runtime.Handles (>= 4.3) - restriction: || (&& (< net46) (>= netstandard1.3) (< netstandard1.4) (< monoandroid)) (&& (< net46) (>= netstandard1.4) (< netstandard1.6) (< monoandroid)) (>= dnxcore50) (&& (>= netstandard1.6) (< monotouch) (< xamarintvos) (< xamarinwatchos) (< xamarinios) (< xamarinmac))
      System.Runtime.InteropServices (>= 4.3) - restriction: || (>= dnxcore50) (&& (>= netstandard1.6) (< monotouch) (< xamarintvos) (< xamarinwatchos) (< xamarinios) (< xamarinmac))
      System.Runtime.Numerics (>= 4.3) - restriction: || (>= dnxcore50) (&& (>= netstandard1.6) (< monotouch) (< xamarintvos) (< xamarinwatchos) (< xamarinios) (< xamarinmac))
      System.Security.Cryptography.Algorithms (>= 4.3) - restriction: || (&& (>= net46) (< netstandard1.4)) (&& (< net46) (>= netstandard1.3) (< netstandard1.4) (< monoandroid)) (&& (< net46) (>= netstandard1.4) (< netstandard1.6) (< monoandroid)) (>= net461) (>= dnxcore50) (&& (>= netstandard1.6) (< monotouch) (< xamarintvos) (< xamarinwatchos) (< xamarinios) (< xamarinmac))
      System.Security.Cryptography.Cng (>= 4.3) - restriction: || (>= dnxcore50) (&& (>= netstandard1.6) (< monotouch) (< xamarintvos) (< xamarinwatchos) (< xamarinios) (< xamarinmac))
      System.Security.Cryptography.Csp (>= 4.3) - restriction: && (>= netstandard1.6) (< monotouch) (< xamarintvos) (< xamarinwatchos) (< xamarinios) (< xamarinmac)
      System.Security.Cryptography.Encoding (>= 4.3) - restriction: || (&& (>= net46) (< netstandard1.4)) (&& (< net46) (>= netstandard1.3) (< netstandard1.4) (< monoandroid)) (&& (< net46) (>= netstandard1.4) (< netstandard1.6) (< monoandroid)) (>= net461) (>= dnxcore50) (&& (>= netstandard1.6) (< monotouch) (< xamarintvos) (< xamarinwatchos) (< xamarinios) (< xamarinmac))
      System.Security.Cryptography.OpenSsl (>= 4.3) - restriction: && (>= netstandard1.6) (< monotouch) (< xamarintvos) (< xamarinwatchos) (< xamarinios) (< xamarinmac)
      System.Security.Cryptography.Primitives (>= 4.3) - restriction: || (>= dnxcore50) (&& (>= netstandard1.6) (< monotouch) (< xamarintvos) (< xamarinwatchos) (< xamarinios) (< xamarinmac))
      System.Text.Encoding (>= 4.3) - restriction: || (>= dnxcore50) (&& (>= netstandard1.6) (< monotouch) (< xamarintvos) (< xamarinwatchos) (< xamarinios) (< xamarinmac))
      System.Threading (>= 4.3) - restriction: || (>= dnxcore50) (&& (>= netstandard1.6) (< monotouch) (< xamarintvos) (< xamarinwatchos) (< xamarinios) (< xamarinmac))
    System.Text.Encoding (4.3) - restriction: || (&& (>= net46) (< netstandard1.3) (>= netstandard1.6)) (&& (>= net46) (< netstandard1.4) (>= netstandard1.6)) (&& (>= uap10.0) (>= netstandard1.6)) (&& (>= dnxcore50) (>= netstandard1.6)) (&& (< netstandard1.3) (>= netstandard1.6) (< monoandroid)) (&& (< netstandard1.4) (>= netstandard1.6) (< monoandroid)) (&& (< netstandard1.5) (>= netstandard1.6) (< monoandroid)) (&& (>= netstandard1.6) (< monotouch) (< xamarintvos) (< xamarinwatchos) (< xamarinios) (< xamarinmac)) (&& (>= netstandard1.6) (< portable-net45+win8+wpa81)) (&& (>= netstandard1.6) (< portable-net451+win81+wpa81))
      Microsoft.NETCore.Platforms (>= 1.1) - restriction: || (&& (< net45) (>= netstandard1.0) (< netstandard1.3) (< monoandroid) (< win8) (< wp8) (< wpa81)) (&& (< net45) (>= netstandard1.3) (< monotouch) (< xamarintvos) (< xamarinwatchos) (< xamarinios) (< xamarinmac) (< win8) (< wpa81)) (>= dnxcore50)
      Microsoft.NETCore.Targets (>= 1.1) - restriction: || (&& (< net45) (>= netstandard1.0) (< netstandard1.3) (< monoandroid) (< win8) (< wp8) (< wpa81)) (&& (< net45) (>= netstandard1.3) (< monotouch) (< xamarintvos) (< xamarinwatchos) (< xamarinios) (< xamarinmac) (< win8) (< wpa81)) (>= dnxcore50)
      System.Runtime (>= 4.3) - restriction: || (&& (< net45) (>= netstandard1.0) (< netstandard1.3) (< monoandroid) (< win8) (< wp8) (< wpa81)) (&& (< net45) (>= netstandard1.3) (< monotouch) (< xamarintvos) (< xamarinwatchos) (< xamarinios) (< xamarinmac) (< win8) (< wpa81)) (>= dnxcore50)
    System.Text.Encoding.Extensions (4.3) - restriction: || (&& (>= net46) (< netstandard1.4) (>= netstandard1.6)) (&& (>= uap10.0) (>= netstandard1.6)) (&& (>= dnxcore50) (>= netstandard1.6)) (&& (< netstandard1.3) (>= netstandard1.6) (< monoandroid)) (&& (< netstandard1.4) (>= netstandard1.6) (< monoandroid)) (&& (< netstandard1.5) (>= netstandard1.6) (< monoandroid)) (&& (>= netstandard1.6) (< monotouch) (< xamarintvos) (< xamarinwatchos) (< xamarinios) (< xamarinmac)) (&& (>= netstandard1.6) (< portable-net45+win8+wpa81)) (&& (>= netstandard1.6) (< portable-net451+win81+wpa81))
      Microsoft.NETCore.Platforms (>= 1.1) - restriction: || (&& (< net45) (>= netstandard1.0) (< netstandard1.3) (< monoandroid) (< win8) (< wp8) (< wpa81)) (&& (< net45) (>= netstandard1.3) (< monotouch) (< xamarintvos) (< xamarinwatchos) (< xamarinios) (< xamarinmac) (< win8) (< wpa81)) (>= dnxcore50)
      Microsoft.NETCore.Targets (>= 1.1) - restriction: || (&& (< net45) (>= netstandard1.0) (< netstandard1.3) (< monoandroid) (< win8) (< wp8) (< wpa81)) (&& (< net45) (>= netstandard1.3) (< monotouch) (< xamarintvos) (< xamarinwatchos) (< xamarinios) (< xamarinmac) (< win8) (< wpa81)) (>= dnxcore50)
      System.Runtime (>= 4.3) - restriction: || (&& (< net45) (>= netstandard1.0) (< netstandard1.3) (< monoandroid) (< win8) (< wp8) (< wpa81)) (&& (< net45) (>= netstandard1.3) (< monotouch) (< xamarintvos) (< xamarinwatchos) (< xamarinios) (< xamarinmac) (< win8) (< wpa81)) (>= dnxcore50)
      System.Text.Encoding (>= 4.3) - restriction: || (&& (< net45) (>= netstandard1.0) (< netstandard1.3) (< monoandroid) (< win8) (< wp8) (< wpa81)) (&& (< net45) (>= netstandard1.3) (< monotouch) (< xamarintvos) (< xamarinwatchos) (< xamarinios) (< xamarinmac) (< win8) (< wpa81)) (>= dnxcore50)
    System.Text.RegularExpressions (4.3) - restriction: >= netstandard1.6
      System.Collections (>= 4.3) - restriction: || (>= dnxcore50) (&& (>= netstandard1.6) (< netcoreapp1.1) (< monotouch) (< xamarintvos) (< xamarinwatchos) (< xamarinios) (< xamarinmac))
      System.Globalization (>= 4.3) - restriction: || (>= dnxcore50) (&& (>= netstandard1.6) (< netcoreapp1.1) (< monotouch) (< xamarintvos) (< xamarinwatchos) (< xamarinios) (< xamarinmac))
      System.Resources.ResourceManager (>= 4.3) - restriction: || (>= dnxcore50) (&& (>= netstandard1.6) (< netcoreapp1.1) (< monotouch) (< xamarintvos) (< xamarinwatchos) (< xamarinios) (< xamarinmac))
      System.Runtime (>= 4.3) - restriction: || (&& (< net45) (>= netstandard1.0) (< netstandard1.3) (< monoandroid) (< win8) (< wp8) (< wpa81)) (&& (< net45) (>= netstandard1.3) (< netstandard1.6) (< monoandroid) (< win8) (< wpa81)) (>= dnxcore50) (&& (>= netstandard1.6) (< monotouch) (< xamarintvos) (< xamarinwatchos) (< xamarinios) (< xamarinmac)) (>= netcoreapp1.1)
      System.Runtime.Extensions (>= 4.3) - restriction: || (>= dnxcore50) (&& (>= netstandard1.6) (< netcoreapp1.1) (< monotouch) (< xamarintvos) (< xamarinwatchos) (< xamarinios) (< xamarinmac))
      System.Threading (>= 4.3) - restriction: || (>= dnxcore50) (&& (>= netstandard1.6) (< netcoreapp1.1) (< monotouch) (< xamarintvos) (< xamarinwatchos) (< xamarinios) (< xamarinmac))
    System.Threading (4.3) - restriction: >= netstandard1.6
      System.Runtime (>= 4.3) - restriction: || (&& (< net45) (>= netstandard1.0) (< netstandard1.3) (< monoandroid) (< win8) (< wp8) (< wpa81)) (&& (< net45) (>= netstandard1.3) (< monotouch) (< xamarintvos) (< xamarinwatchos) (< xamarinios) (< xamarinmac) (< win8) (< wpa81)) (>= dnxcore50)
      System.Threading.Tasks (>= 4.3) - restriction: || (&& (< net45) (>= netstandard1.0) (< netstandard1.3) (< monoandroid) (< win8) (< wp8) (< wpa81)) (&& (< net45) (>= netstandard1.3) (< monotouch) (< xamarintvos) (< xamarinwatchos) (< xamarinios) (< xamarinmac) (< win8) (< wpa81)) (>= dnxcore50)
    System.Threading.Tasks (4.3) - restriction: >= netstandard1.6
      Microsoft.NETCore.Platforms (>= 1.1) - restriction: || (&& (< net45) (>= netstandard1.0) (< netstandard1.3) (< monoandroid) (< win8) (< wp8) (< wpa81)) (&& (< net45) (>= netstandard1.3) (< monotouch) (< xamarintvos) (< xamarinwatchos) (< xamarinios) (< xamarinmac) (< win8) (< wpa81)) (>= dnxcore50)
      Microsoft.NETCore.Targets (>= 1.1) - restriction: || (&& (< net45) (>= netstandard1.0) (< netstandard1.3) (< monoandroid) (< win8) (< wp8) (< wpa81)) (&& (< net45) (>= netstandard1.3) (< monotouch) (< xamarintvos) (< xamarinwatchos) (< xamarinios) (< xamarinmac) (< win8) (< wpa81)) (>= dnxcore50)
      System.Runtime (>= 4.3) - restriction: || (&& (< net45) (>= netstandard1.0) (< netstandard1.3) (< monoandroid) (< win8) (< wp8) (< wpa81)) (&& (< net45) (>= netstandard1.3) (< monotouch) (< xamarintvos) (< xamarinwatchos) (< xamarinios) (< xamarinmac) (< win8) (< wpa81)) (>= dnxcore50)
    System.Threading.Tasks.Extensions (4.4) - restriction: || (&& (>= net46) (< netstandard1.4) (>= netstandard1.6)) (&& (>= uap10.0) (>= netstandard1.6)) (&& (>= dnxcore50) (>= netstandard1.6)) (&& (< netstandard1.3) (>= netstandard1.6) (< monoandroid)) (&& (< netstandard1.4) (>= netstandard1.6) (< monoandroid)) (&& (< netstandard1.5) (>= netstandard1.6) (< monoandroid)) (&& (>= netstandard1.6) (< monotouch) (< xamarintvos) (< xamarinwatchos) (< xamarinios) (< xamarinmac)) (&& (>= netstandard1.6) (< portable-net45+win8+wpa81)) (&& (>= netstandard1.6) (< portable-net451+win81+wpa81))
      System.Collections (>= 4.3) - restriction: && (>= netstandard1.0) (< netstandard2.0) (< xamarinmac)
      System.Runtime (>= 4.3) - restriction: && (>= netstandard1.0) (< netstandard2.0) (< xamarinmac)
      System.Threading.Tasks (>= 4.3) - restriction: && (>= netstandard1.0) (< netstandard2.0) (< xamarinmac)
    System.Threading.Tasks.Parallel (4.3) - restriction: >= netstandard1.6
      System.Collections.Concurrent (>= 4.3) - restriction: || (&& (< net45) (>= netstandard1.1) (< netstandard1.3) (< monoandroid) (< win8) (< wpa81)) (&& (< net45) (>= netstandard1.3) (< monotouch) (< xamarintvos) (< xamarinwatchos) (< xamarinios) (< xamarinmac) (< win8) (< wpa81)) (>= dnxcore50)
      System.Diagnostics.Debug (>= 4.3) - restriction: || (&& (< net45) (>= netstandard1.3) (< monotouch) (< xamarintvos) (< xamarinwatchos) (< xamarinios) (< xamarinmac) (< win8) (< wpa81)) (>= dnxcore50)
      System.Diagnostics.Tracing (>= 4.3) - restriction: || (&& (< net45) (>= netstandard1.3) (< monotouch) (< xamarintvos) (< xamarinwatchos) (< xamarinios) (< xamarinmac) (< win8) (< wpa81)) (>= dnxcore50)
      System.Resources.ResourceManager (>= 4.3) - restriction: || (&& (< net45) (>= netstandard1.3) (< monotouch) (< xamarintvos) (< xamarinwatchos) (< xamarinios) (< xamarinmac) (< win8) (< wpa81)) (>= dnxcore50)
      System.Runtime (>= 4.3) - restriction: || (&& (< net45) (>= netstandard1.1) (< netstandard1.3) (< monoandroid) (< win8) (< wpa81)) (&& (< net45) (>= netstandard1.3) (< monotouch) (< xamarintvos) (< xamarinwatchos) (< xamarinios) (< xamarinmac) (< win8) (< wpa81)) (>= dnxcore50)
      System.Runtime.Extensions (>= 4.3) - restriction: || (&& (< net45) (>= netstandard1.3) (< monotouch) (< xamarintvos) (< xamarinwatchos) (< xamarinios) (< xamarinmac) (< win8) (< wpa81)) (>= dnxcore50)
      System.Threading (>= 4.3) - restriction: || (&& (< net45) (>= netstandard1.3) (< monotouch) (< xamarintvos) (< xamarinwatchos) (< xamarinios) (< xamarinmac) (< win8) (< wpa81)) (>= dnxcore50)
      System.Threading.Tasks (>= 4.3) - restriction: || (&& (< net45) (>= netstandard1.1) (< netstandard1.3) (< monoandroid) (< win8) (< wpa81)) (&& (< net45) (>= netstandard1.3) (< monotouch) (< xamarintvos) (< xamarinwatchos) (< xamarinios) (< xamarinmac) (< win8) (< wpa81)) (>= dnxcore50)
    System.Threading.Thread (4.3) - restriction: >= netstandard1.6
      System.Runtime (>= 4.3) - restriction: && (< net46) (>= netstandard1.3) (< monotouch) (< xamarintvos) (< xamarinwatchos) (< xamarinios) (< xamarinmac)
    System.Threading.ThreadPool (4.3) - restriction: >= netstandard1.6
      System.Runtime (>= 4.3) - restriction: && (< net46) (>= netstandard1.3) (< monotouch) (< xamarintvos) (< xamarinwatchos) (< xamarinios) (< xamarinmac)
      System.Runtime.Handles (>= 4.3) - restriction: && (< net46) (>= netstandard1.3) (< monotouch) (< xamarintvos) (< xamarinwatchos) (< xamarinios) (< xamarinmac)
    System.Threading.Timer (4.3) - restriction: >= netstandard1.6
      Microsoft.NETCore.Platforms (>= 1.1) - restriction: || (&& (< net451) (>= netstandard1.2) (< monotouch) (< xamarintvos) (< xamarinwatchos) (< xamarinios) (< xamarinmac) (< win81) (< wpa81)) (>= dnxcore50)
      Microsoft.NETCore.Targets (>= 1.1) - restriction: || (&& (< net451) (>= netstandard1.2) (< monotouch) (< xamarintvos) (< xamarinwatchos) (< xamarinios) (< xamarinmac) (< win81) (< wpa81)) (>= dnxcore50)
      System.Runtime (>= 4.3) - restriction: || (&& (< net451) (>= netstandard1.2) (< monotouch) (< xamarintvos) (< xamarinwatchos) (< xamarinios) (< xamarinmac) (< win81) (< wpa81)) (>= dnxcore50)
    System.ValueTuple (4.4) - restriction: >= netstandard1.6
      NETStandard.Library (>= 1.6.1) - restriction: && (< net461) (>= netstandard1.0) (< netstandard2.0) (< monotouch) (< xamarintvos) (< xamarinwatchos) (< xamarinios) (< xamarinmac)
    System.Xml.ReaderWriter (4.3) - restriction: || (&& (>= net46) (< netstandard1.4) (>= netstandard1.6)) (&& (>= uap10.0) (>= netstandard1.6)) (&& (< netstandard1.3) (>= netstandard1.6) (< monoandroid)) (&& (< netstandard1.4) (>= netstandard1.6) (< monoandroid)) (&& (< netstandard1.5) (>= netstandard1.6) (< monoandroid)) (&& (>= netstandard1.6) (< monotouch) (< xamarintvos) (< xamarinwatchos) (< xamarinios) (< xamarinmac)) (&& (>= netstandard1.6) (< portable-net45+win8+wpa81)) (&& (>= netstandard1.6) (< portable-net451+win81+wpa81))
      System.Collections (>= 4.3) - restriction: || (&& (< net45) (>= netstandard1.3) (< monotouch) (< xamarintvos) (< xamarinwatchos) (< xamarinios) (< xamarinmac) (< win8) (< wpa81)) (>= dnxcore50)
      System.Diagnostics.Debug (>= 4.3) - restriction: || (&& (< net45) (>= netstandard1.3) (< monotouch) (< xamarintvos) (< xamarinwatchos) (< xamarinios) (< xamarinmac) (< win8) (< wpa81)) (>= dnxcore50)
      System.Globalization (>= 4.3) - restriction: || (&& (< net45) (>= netstandard1.3) (< monotouch) (< xamarintvos) (< xamarinwatchos) (< xamarinios) (< xamarinmac) (< win8) (< wpa81)) (>= dnxcore50)
      System.IO (>= 4.3) - restriction: || (&& (< net45) (>= netstandard1.0) (< netstandard1.3) (< monoandroid) (< win8) (< wp8) (< wpa81)) (&& (< net45) (>= netstandard1.3) (< monotouch) (< xamarintvos) (< xamarinwatchos) (< xamarinios) (< xamarinmac) (< win8) (< wpa81)) (>= dnxcore50)
      System.IO.FileSystem (>= 4.3) - restriction: || (&& (< net45) (>= netstandard1.3) (< monotouch) (< xamarintvos) (< xamarinwatchos) (< xamarinios) (< xamarinmac) (< win8) (< wpa81)) (>= dnxcore50)
      System.IO.FileSystem.Primitives (>= 4.3) - restriction: || (&& (< net45) (>= netstandard1.3) (< monotouch) (< xamarintvos) (< xamarinwatchos) (< xamarinios) (< xamarinmac) (< win8) (< wpa81)) (>= dnxcore50)
      System.Resources.ResourceManager (>= 4.3) - restriction: || (&& (< net45) (>= netstandard1.3) (< monotouch) (< xamarintvos) (< xamarinwatchos) (< xamarinios) (< xamarinmac) (< win8) (< wpa81)) (>= dnxcore50)
      System.Runtime (>= 4.3) - restriction: || (&& (< net45) (>= netstandard1.0) (< netstandard1.3) (< monoandroid) (< win8) (< wp8) (< wpa81)) (&& (< net45) (>= netstandard1.3) (< monotouch) (< xamarintvos) (< xamarinwatchos) (< xamarinios) (< xamarinmac) (< win8) (< wpa81)) (>= dnxcore50)
      System.Runtime.Extensions (>= 4.3) - restriction: || (&& (< net45) (>= netstandard1.3) (< monotouch) (< xamarintvos) (< xamarinwatchos) (< xamarinios) (< xamarinmac) (< win8) (< wpa81)) (>= dnxcore50)
      System.Runtime.InteropServices (>= 4.3) - restriction: || (&& (< net45) (>= netstandard1.3) (< monotouch) (< xamarintvos) (< xamarinwatchos) (< xamarinios) (< xamarinmac) (< win8) (< wpa81)) (>= dnxcore50)
      System.Text.Encoding (>= 4.3) - restriction: || (&& (< net45) (>= netstandard1.0) (< netstandard1.3) (< monoandroid) (< win8) (< wp8) (< wpa81)) (&& (< net45) (>= netstandard1.3) (< monotouch) (< xamarintvos) (< xamarinwatchos) (< xamarinios) (< xamarinmac) (< win8) (< wpa81)) (>= dnxcore50)
      System.Text.Encoding.Extensions (>= 4.3) - restriction: || (&& (< net45) (>= netstandard1.3) (< monotouch) (< xamarintvos) (< xamarinwatchos) (< xamarinios) (< xamarinmac) (< win8) (< wpa81)) (>= dnxcore50)
      System.Text.RegularExpressions (>= 4.3) - restriction: || (&& (< net45) (>= netstandard1.3) (< monotouch) (< xamarintvos) (< xamarinwatchos) (< xamarinios) (< xamarinmac) (< win8) (< wpa81)) (>= dnxcore50)
      System.Threading.Tasks (>= 4.3) - restriction: || (&& (< net45) (>= netstandard1.0) (< netstandard1.3) (< monoandroid) (< win8) (< wp8) (< wpa81)) (&& (< net45) (>= netstandard1.3) (< monotouch) (< xamarintvos) (< xamarinwatchos) (< xamarinios) (< xamarinmac) (< win8) (< wpa81)) (>= dnxcore50)
      System.Threading.Tasks.Extensions (>= 4.3) - restriction: || (&& (< net45) (>= netstandard1.3) (< monotouch) (< xamarintvos) (< xamarinwatchos) (< xamarinios) (< xamarinmac) (< win8) (< wpa81)) (>= dnxcore50)
    System.Xml.XDocument (4.3) - restriction: || (&& (>= uap10.0) (>= netstandard1.6)) (&& (< netstandard1.3) (>= netstandard1.6) (< monoandroid)) (&& (< netstandard1.4) (>= netstandard1.6) (< monoandroid)) (&& (< netstandard1.5) (>= netstandard1.6) (< monoandroid)) (&& (>= netstandard1.6) (< netstandard2.0) (< monotouch) (< xamarintvos) (< xamarinwatchos) (< xamarinios) (< xamarinmac)) (&& (>= netstandard1.6) (< portable-net45+win8+wpa81)) (&& (>= netstandard1.6) (< portable-net451+win81+wpa81))
      System.Collections (>= 4.3) - restriction: || (&& (< net45) (>= netstandard1.3) (< monotouch) (< xamarintvos) (< xamarinwatchos) (< xamarinios) (< xamarinmac) (< win8) (< wpa81)) (>= dnxcore50)
      System.Diagnostics.Debug (>= 4.3) - restriction: || (&& (< net45) (>= netstandard1.3) (< monotouch) (< xamarintvos) (< xamarinwatchos) (< xamarinios) (< xamarinmac) (< win8) (< wpa81)) (>= dnxcore50)
      System.Diagnostics.Tools (>= 4.3) - restriction: || (&& (< net45) (>= netstandard1.3) (< monotouch) (< xamarintvos) (< xamarinwatchos) (< xamarinios) (< xamarinmac) (< win8) (< wpa81)) (>= dnxcore50)
      System.Globalization (>= 4.3) - restriction: || (&& (< net45) (>= netstandard1.3) (< monotouch) (< xamarintvos) (< xamarinwatchos) (< xamarinios) (< xamarinmac) (< win8) (< wpa81)) (>= dnxcore50)
      System.IO (>= 4.3) - restriction: || (&& (< net45) (>= netstandard1.0) (< netstandard1.3) (< monoandroid) (< win8) (< wp8) (< wpa81)) (&& (< net45) (>= netstandard1.3) (< monotouch) (< xamarintvos) (< xamarinwatchos) (< xamarinios) (< xamarinmac) (< win8) (< wpa81)) (>= dnxcore50)
      System.Reflection (>= 4.3) - restriction: || (&& (< net45) (>= netstandard1.3) (< monotouch) (< xamarintvos) (< xamarinwatchos) (< xamarinios) (< xamarinmac) (< win8) (< wpa81)) (>= dnxcore50)
      System.Resources.ResourceManager (>= 4.3) - restriction: || (&& (< net45) (>= netstandard1.3) (< monotouch) (< xamarintvos) (< xamarinwatchos) (< xamarinios) (< xamarinmac) (< win8) (< wpa81)) (>= dnxcore50)
      System.Runtime (>= 4.3) - restriction: || (&& (< net45) (>= netstandard1.0) (< netstandard1.3) (< monoandroid) (< win8) (< wp8) (< wpa81)) (&& (< net45) (>= netstandard1.3) (< monotouch) (< xamarintvos) (< xamarinwatchos) (< xamarinios) (< xamarinmac) (< win8) (< wpa81)) (>= dnxcore50)
      System.Runtime.Extensions (>= 4.3) - restriction: || (&& (< net45) (>= netstandard1.3) (< monotouch) (< xamarintvos) (< xamarinwatchos) (< xamarinios) (< xamarinmac) (< win8) (< wpa81)) (>= dnxcore50)
      System.Text.Encoding (>= 4.3) - restriction: || (&& (< net45) (>= netstandard1.3) (< monotouch) (< xamarintvos) (< xamarinwatchos) (< xamarinios) (< xamarinmac) (< win8) (< wpa81)) (>= dnxcore50)
      System.Threading (>= 4.3) - restriction: || (&& (< net45) (>= netstandard1.3) (< monotouch) (< xamarintvos) (< xamarinwatchos) (< xamarinios) (< xamarinmac) (< win8) (< wpa81)) (>= dnxcore50)
      System.Xml.ReaderWriter (>= 4.3) - restriction: || (&& (< net45) (>= netstandard1.0) (< netstandard1.3) (< monoandroid) (< win8) (< wp8) (< wpa81)) (&& (< net45) (>= netstandard1.3) (< monotouch) (< xamarintvos) (< xamarinwatchos) (< xamarinios) (< xamarinmac) (< win8) (< wpa81)) (>= dnxcore50)
    System.Xml.XmlDocument (4.3) - restriction: >= netstandard1.6
      System.Collections (>= 4.3) - restriction: && (< net46) (>= netstandard1.3) (< monotouch) (< xamarintvos) (< xamarinwatchos) (< xamarinios) (< xamarinmac)
      System.Diagnostics.Debug (>= 4.3) - restriction: && (< net46) (>= netstandard1.3) (< monotouch) (< xamarintvos) (< xamarinwatchos) (< xamarinios) (< xamarinmac)
      System.Globalization (>= 4.3) - restriction: && (< net46) (>= netstandard1.3) (< monotouch) (< xamarintvos) (< xamarinwatchos) (< xamarinios) (< xamarinmac)
      System.IO (>= 4.3) - restriction: && (< net46) (>= netstandard1.3) (< monotouch) (< xamarintvos) (< xamarinwatchos) (< xamarinios) (< xamarinmac)
      System.Resources.ResourceManager (>= 4.3) - restriction: && (< net46) (>= netstandard1.3) (< monotouch) (< xamarintvos) (< xamarinwatchos) (< xamarinios) (< xamarinmac)
      System.Runtime (>= 4.3) - restriction: && (< net46) (>= netstandard1.3) (< monotouch) (< xamarintvos) (< xamarinwatchos) (< xamarinios) (< xamarinmac)
      System.Runtime.Extensions (>= 4.3) - restriction: && (< net46) (>= netstandard1.3) (< monotouch) (< xamarintvos) (< xamarinwatchos) (< xamarinios) (< xamarinmac)
      System.Text.Encoding (>= 4.3) - restriction: && (< net46) (>= netstandard1.3) (< monotouch) (< xamarintvos) (< xamarinwatchos) (< xamarinios) (< xamarinmac)
      System.Threading (>= 4.3) - restriction: && (< net46) (>= netstandard1.3) (< monotouch) (< xamarintvos) (< xamarinwatchos) (< xamarinios) (< xamarinmac)
      System.Xml.ReaderWriter (>= 4.3) - restriction: && (< net46) (>= netstandard1.3) (< monotouch) (< xamarintvos) (< xamarinwatchos) (< xamarinios) (< xamarinmac)

GROUP Build
RESTRICTION: == net46
NUGET
  remote: https://www.nuget.org/api/v2
    FAKE (4.63.2)
    FSharp.Core (4.2.3) - content: none, redirects: force
    Octokit (0.26)
GITHUB
  remote: fsharp/FAKE
    modules/Octokit/Octokit.fsx (41eb15bf9ed52a1cb336c61ec449096be8830c70)
      Octokit (>= 0.20)